{
   "EchoTime": 0.035, 
   "FlipAngle": 87.0, 
   "PartialFourier": "6/8", 
   "EffectiveEchoSpacing": 0.00086, 
   "ReceiveCoilName": "12 channel head coil", 
   "TaskName": "Resting State", 
   "RepetitionTime": 3.0, 
   "MagneticFieldStrength": 3, 
   "MRAcquisitionType": "2D", 
   "CogAtlasID": "trm_54e69c642d89b", 
   "TaskDescription": "Resting State fMRI", 
   "PhaseEncodingDirection": "j-", 
   "SliceTiming": [
      1.5, 
      0.0, 
      1.60714, 
      0.10714, 
      1.71429, 
      0.21429, 
      1.82143, 
      0.32143, 
      1.92857, 
      0.42857, 
      2.03571, 
      0.53571, 
      2.14286, 
      0.64286, 
      2.25, 
      0.75, 
      2.35714, 
      0.85714, 
      2.46429, 
      0.96429, 
      2.57143, 
      1.07143, 
      2.67857, 
      1.17857, 
      2.78571, 
      1.28571, 
      2.89286, 
      1.39286
   ], 
   "ManufacturerModelName": "Trio", 
   "EPI_Factor": 128, 
   "PixelBandwidth": 1260.0, 
   "ScanningSequence": "EPI", 
   "Manufacturer": "Siemens"
}