{
   "EchoTime": 0.035, 
   "FlipAngle": 87.0, 
   "PartialFourier": "6/8", 
   "EffectiveEchoSpacing": 0.00086, 
   "TotalReadoutTime": 0.0, 
   "ReceiveCoilName": "12 channel head coil", 
   "TaskName": "Resting State", 
   "RepetitionTime": 3.0, 
   "MagneticFieldStrength": 3, 
   "MRAcquisitionType": "2D", 
   "CogAtlasID": "trm_54e69c642d89b", 
   "TaskDescription": "Resting State fMRI", 
   "PhaseEncodingDirection": "j-", 
   "SliceTiming": [
      0.0, 
      1.55556, 
      0.11111, 
      1.66667, 
      0.22222, 
      1.77778, 
      0.33333, 
      1.88889, 
      0.44444, 
      2.0, 
      0.55556, 
      2.11111, 
      0.66667, 
      2.22222, 
      0.77778, 
      2.33333, 
      0.88889, 
      2.44444, 
      1.0, 
      2.55556, 
      1.11111, 
      2.66667, 
      1.22222, 
      2.77778, 
      1.33333, 
      2.88889, 
      1.44444
   ], 
   "ManufacturerModelName": "Trio", 
   "EPI_Factor": 128, 
   "PixelBandwidth": 1260.0, 
   "ScanningSequence": "EPI", 
   "Manufacturer": "Siemens"
}