{
  "aor": 0.004252066666666667,
  "aqi": 0.0007793851933333332,
  "bids_meta": {
    "CogAtlasID": "trm_54e69c642d89b",
    "EPI_Factor": 128,
    "EchoTime": 0.035,
    "EffectiveEchoSpacing": 0.00086,
    "FlipAngle": 87.0,
    "MRAcquisitionType": "2D",
    "MagneticFieldStrength": 3,
    "Manufacturer": "Siemens",
    "ManufacturerModelName": "Trio",
    "PartialFourier": "6/8",
    "PhaseEncodingDirection": "j-",
    "PixelBandwidth": 1260.0,
    "ReceiveCoilName": "12 channel head coil",
    "RepetitionTime": 3.0,
    "ScanningSequence": "EPI",
    "SliceTiming": [
      0.0,
      1.55556,
      0.11111,
      1.66667,
      0.22222,
      1.77778,
      0.33333,
      1.88889,
      0.44444,
      2.0,
      0.55556,
      2.11111,
      0.66667,
      2.22222,
      0.77778,
      2.33333,
      0.88889,
      2.44444,
      1.0,
      2.55556,
      1.11111,
      2.66667,
      1.22222,
      2.77778,
      1.33333,
      2.88889,
      1.44444
    ],
    "TaskDescription": "Resting State fMRI",
    "TaskName": "Resting State",
    "TotalReadoutTime": 0.0,
    "acq_id": "voxelsize222",
    "modality": "bold",
    "subject_id": "phantom02",
    "task_id": "rest"
  },
  "dummy_trs": 0,
  "dvars_nstd": 5.035055541409398,
  "dvars_std": 1.0867103865771806,
  "dvars_vstd": 1.0705977130872488,
  "efc": 0.5502751109959473,
  "fber": 5240.1689453125,
  "fd_mean": 0.019740485322138138,
  "fd_num": 0,
  "fd_perc": 0.0,
  "fwhm_avg": 6.005831666666666,
  "fwhm_x": 3.69683,
  "fwhm_y": 4.415565,
  "fwhm_z": 9.9051,
  "gcor": 0.0314784,
  "gsr_x": -0.005949168931692839,
  "gsr_y": 0.009759166277945042,
  "provenance": {
    "md5sum": "9873ad68b7a1c86c01d453a0a47dc8ae",
    "settings": {
      "fd_thres": 0.2,
      "hmc_fsl": false
    },
    "software": "mriqc",
    "version": "0.9.9"
  },
  "size_t": 150,
  "size_x": 128,
  "size_y": 128,
  "size_z": 27,
  "snr": 6.5220859772456485,
  "spacing_tr": 3.0,
  "spacing_x": 2.0,
  "spacing_y": 2.0,
  "spacing_z": 2.0,
  "summary_bg_k": 79.24244076394346,
  "summary_bg_mad": 5.139688491821289,
  "summary_bg_mean": 50.732730865478516,
  "summary_bg_median": 41.63333511352539,
  "summary_bg_n": 246764.0,
  "summary_bg_p05": 37.80666732788086,
  "summary_bg_p95": 92.40666961669922,
  "summary_bg_stdv": 24.53084373474121,
  "summary_fg_k": 6.991142767039777,
  "summary_fg_mad": 323.58282470703125,
  "summary_fg_mean": 2966.00390625,
  "summary_fg_median": 3071.103515625,
  "summary_fg_n": 131208.0,
  "summary_fg_p05": 2120.5133422851563,
  "summary_fg_p95": 3438.8578002929685,
  "summary_fg_stdv": 470.8757019042969,
  "tsnr": 287.84039306640625
}