{
  "aor": 0.0013431333333333332,
  "aqi": 0.0016556288533333336,
  "bids_meta": {
    "CogAtlasID": "trm_54e69c642d89b",
    "EPI_Factor": 64,
    "EchoTime": 0.035,
    "EffectiveEchoSpacing": 0.00086,
    "FlipAngle": 87.0,
    "MRAcquisitionType": "2D",
    "MagneticFieldStrength": 3,
    "Manufacturer": "Siemens",
    "ManufacturerModelName": "Trio",
    "PartialFourier": "6/8",
    "PhaseEncodingDirection": "j-",
    "PixelBandwidth": 1260.0,
    "ReceiveCoilName": "12 channel head coil",
    "RepetitionTime": 3.0,
    "ScanningSequence": "EPI",
    "SliceTiming": [
      1.5,
      0.0,
      1.625,
      0.125,
      1.75,
      0.25,
      1.875,
      0.375,
      2.0,
      0.5,
      2.125,
      0.625,
      2.25,
      0.75,
      2.375,
      0.875,
      2.5,
      1.0,
      2.625,
      1.125,
      2.75,
      1.25,
      2.875,
      1.375
    ],
    "TaskDescription": "Resting State fMRI",
    "TaskName": "Resting State",
    "TotalReadoutTime": 0.0,
    "acq_id": "voxelsize555",
    "modality": "bold",
    "subject_id": "control11",
    "task_id": "rest"
  },
  "dummy_trs": 0,
  "dvars_nstd": 13.111158364832217,
  "dvars_std": 1.2009089016778518,
  "dvars_vstd": 0.9731796838255035,
  "efc": 0.3031544333278012,
  "fber": 19354.01953125,
  "fd_mean": 0.08580199690757728,
  "fd_num": 7,
  "fd_perc": 4.666666666666667,
  "fwhm_avg": 2.71154,
  "fwhm_x": 2.6418,
  "fwhm_y": 2.9720400000000002,
  "fwhm_z": 2.52078,
  "gcor": 0.0644095,
  "gsr_x": -0.01017817109823227,
  "gsr_y": 0.003740801243111491,
  "provenance": {
    "md5sum": "467a9abc5b2e3271236120bb7eabced3",
    "settings": {
      "fd_thres": 0.2,
      "hmc_fsl": false
    },
    "software": "mriqc",
    "version": "0.9.9"
  },
  "size_t": 150,
  "size_x": 64,
  "size_y": 64,
  "size_z": 24,
  "snr": 3.580041764162658,
  "spacing_tr": 3.0,
  "spacing_x": 5.0,
  "spacing_y": 5.0,
  "spacing_z": 5.0,
  "summary_bg_k": 266.1420586261484,
  "summary_bg_mad": 3.8745343685150146,
  "summary_bg_mean": 10.385498046875,
  "summary_bg_median": 5.646667003631592,
  "summary_bg_n": 70359.0,
  "summary_bg_p05": 2.6600000858306885,
  "summary_bg_p95": 30.38733386993402,
  "summary_bg_stdv": 20.036670684814453,
  "summary_fg_k": 1.1241521950498976,
  "summary_fg_mad": 174.86798095703125,
  "summary_fg_mean": 805.619140625,
  "summary_fg_median": 840.4266967773438,
  "summary_fg_n": 8319.0,
  "summary_fg_p05": 319.98801879882814,
  "summary_fg_p95": 1121.5760498046873,
  "summary_fg_stdv": 234.7392120361328,
  "tsnr": 86.82643127441406
}