{
  "bids_meta": {
    "EchoTime": 0.00227,
    "FlipAngle": 9.0,
    "InversionTime": 0.9,
    "MRAcquisitionType": "3D",
    "MagneticFieldStrength": 3,
    "Manufacturer": "Siemens",
    "ManufacturerModelName": "Trio",
    "ReceiveCoilName": "12 channel head coil",
    "RepetitionTime": 1.9,
    "ScanningSequence": "MPRAGE",
    "modality": "T1w",
    "subject_id": "control14"
  },
  "cjv": 0.3706827589457551,
  "cnr": 3.4274292227663428,
  "efc": 0.6258705534870743,
  "fber": 1764.1939697265625,
  "fwhm_avg": 4.021433333333333,
  "fwhm_x": 3.91942,
  "fwhm_y": 4.10333,
  "fwhm_z": 4.04155,
  "icvs_csf": 0.18545051314763872,
  "icvs_gm": 0.42319834661814765,
  "icvs_wm": 0.39135114023421363,
  "inu_med": 0.9368120431900024,
  "inu_range": 0.27571141719818115,
  "provenance": {
    "md5sum": "8b782cc11277404b3a905e014da2bbe1",
    "settings": {
      "testing": false
    },
    "software": "mriqc",
    "version": "0.9.9",
    "warnings": {
      "large_rot_frame": false,
      "small_air_mask": false
    }
  },
  "qi_1": 0.0,
  "qi_2": 0.00816606752396944,
  "rpve_csf": 18.349265200021733,
  "rpve_gm": 8.684551931983664,
  "rpve_wm": 11.277427139246559,
  "size_x": 176,
  "size_y": 192,
  "size_z": 192,
  "snr_csf": 3.3778719799100463,
  "snr_gm": 13.354824864438866,
  "snr_total": 15.425629588560767,
  "snr_wm": 29.54419192133339,
  "snrd_csf": 45.81774676920556,
  "snrd_gm": 73.69737881827774,
  "snrd_total": 71.76233653070477,
  "snrd_wm": 95.77188400463102,
  "spacing_x": 1.0,
  "spacing_y": 1.0,
  "spacing_z": 1.0,
  "summary_bg_k": 2.5167416247648307,
  "summary_bg_mad": 6.840723037719727,
  "summary_bg_mean": 18.058338165283203,
  "summary_bg_median": 16.85236358642578,
  "summary_bg_n": 1543073.0,
  "summary_bg_p05": 8.551300048828125,
  "summary_bg_p95": 31.8895450592041,
  "summary_bg_stdv": 7.53596830368042,
  "summary_csf_k": 3.7154841671366183,
  "summary_csf_mad": 158.2164306640625,
  "summary_csf_mean": 459.78985595703125,
  "summary_csf_median": 478.4141540527344,
  "summary_csf_n": 12649.0,
  "summary_csf_p05": 235.3733062744141,
  "summary_csf_p95": 648.751477050781,
  "summary_csf_stdv": 141.626220703125,
  "summary_gm_k": 0.42795270664672636,
  "summary_gm_mad": 54.527259826660156,
  "summary_gm_mean": 770.8928833007812,
  "summary_gm_median": 769.5242919921875,
  "summary_gm_n": 22559.0,
  "summary_gm_p05": 679.8819946289062,
  "summary_gm_p95": 868.8235168457031,
  "summary_gm_stdv": 57.62016677856445,
  "summary_wm_k": 1.1271160611469915,
  "summary_wm_mad": 30.91321563720703,
  "summary_wm_mean": 999.865234375,
  "summary_wm_median": 1000.0191650390625,
  "summary_wm_n": 198156.0,
  "summary_wm_p05": 944.8409729003906,
  "summary_wm_p95": 1053.8455200195312,
  "summary_wm_stdv": 33.84816360473633,
  "tpm_overlap_csf": 0.2278413623571396,
  "tpm_overlap_gm": 0.5184211134910583,
  "tpm_overlap_wm": 0.5745317935943604,
  "wm2max": 0.44810837607397935
}