{
  "aor": 0.0005795333333333334,
  "aqi": 0.006132070533333334,
  "bids_meta": {
    "CogAtlasID": "trm_54e69c642d89b",
    "EPI_Factor": 64,
    "EchoTime": 0.035,
    "EffectiveEchoSpacing": 0.00086,
    "FlipAngle": 87.0,
    "MRAcquisitionType": "2D",
    "MagneticFieldStrength": 3,
    "Manufacturer": "Siemens",
    "ManufacturerModelName": "Trio",
    "PartialFourier": "6/8",
    "PhaseEncodingDirection": "j-",
    "PixelBandwidth": 1260.0,
    "ReceiveCoilName": "12 channel head coil",
    "RepetitionTime": 3.0,
    "ScanningSequence": "EPI",
    "SliceTiming": [
      0.0,
      1.54286,
      0.08571,
      1.62857,
      0.17143,
      1.71429,
      0.25714,
      1.8,
      0.34286,
      1.88571,
      0.42857,
      1.97143,
      0.51429,
      2.05714,
      0.6,
      2.14286,
      0.68571,
      2.22857,
      0.77143,
      2.31429,
      0.85714,
      2.4,
      0.94286,
      2.48571,
      1.02857,
      2.57143,
      1.11429,
      2.65714,
      1.2,
      2.74286,
      1.28571,
      2.82857,
      1.37143,
      2.91429,
      1.45714
    ],
    "TaskDescription": "Resting State fMRI",
    "TaskName": "Resting State",
    "TotalReadoutTime": 0.0,
    "acq_id": "voxelsize333",
    "modality": "bold",
    "subject_id": "control08",
    "task_id": "rest"
  },
  "dummy_trs": 0,
  "dvars_nstd": 25.53522808953019,
  "dvars_std": 1.1789146430201338,
  "dvars_vstd": 0.9996261611409397,
  "efc": 0.5934486402174073,
  "fber": 983.361328125,
  "fd_mean": 0.10337621539356945,
  "fd_num": 6,
  "fd_perc": 4.0,
  "fwhm_avg": 2.4080655449068207,
  "fwhm_x": 2.253723512443186,
  "fwhm_y": 2.6556997889439433,
  "fwhm_z": 2.3147733333333336,
  "gcor": 0.0697527,
  "gsr_x": 0.0014788046246394515,
  "gsr_y": 0.029596498236060143,
  "provenance": {
    "md5sum": "a8e3d4e0e166c802764559b65789f5f6",
    "settings": {
      "fd_thres": 0.2,
      "hmc_fsl": false
    },
    "software": "mriqc",
    "version": "0.9.9"
  },
  "size_t": 150,
  "size_x": 64,
  "size_y": 64,
  "size_z": 35,
  "snr": 4.216749671113779,
  "spacing_tr": 3.0,
  "spacing_x": 2.999999761581421,
  "spacing_y": 3.000000238418579,
  "spacing_z": 3.0,
  "summary_bg_k": 98.93897982058289,
  "summary_bg_mad": 8.628745079040527,
  "summary_bg_mean": 45.07341003417969,
  "summary_bg_median": 23.393333435058594,
  "summary_bg_n": 68360.0,
  "summary_bg_p05": 16.953332901000977,
  "summary_bg_p95": 140.40700988769527,
  "summary_bg_stdv": 73.17813110351562,
  "summary_fg_k": 2.040979341276354,
  "summary_fg_mad": 142.8833465576172,
  "summary_fg_mean": 775.0747680664062,
  "summary_fg_median": 776.760009765625,
  "summary_fg_n": 41971.0,
  "summary_fg_p05": 453.31333923339844,
  "summary_fg_p95": 1059.356689453125,
  "summary_fg_stdv": 184.20603942871094,
  "tsnr": 65.77761840820312
}