{
  "aor": 0.0013097999999999999,
  "aqi": 0.0114561906,
  "bids_meta": {
    "CogAtlasID": "trm_54e69c642d89b",
    "EPI_Factor": 128,
    "EchoTime": 0.035,
    "EffectiveEchoSpacing": 0.00086,
    "FlipAngle": 87.0,
    "MRAcquisitionType": "2D",
    "MagneticFieldStrength": 3,
    "Manufacturer": "Siemens",
    "ManufacturerModelName": "Trio",
    "PartialFourier": "6/8",
    "PhaseEncodingDirection": "j-",
    "PixelBandwidth": 1260.0,
    "ReceiveCoilName": "12 channel head coil",
    "RepetitionTime": 3.0,
    "ScanningSequence": "EPI",
    "SliceTiming": [
      0.0,
      1.55556,
      0.11111,
      1.66667,
      0.22222,
      1.77778,
      0.33333,
      1.88889,
      0.44444,
      2.0,
      0.55556,
      2.11111,
      0.66667,
      2.22222,
      0.77778,
      2.33333,
      0.88889,
      2.44444,
      1.0,
      2.55556,
      1.11111,
      2.66667,
      1.22222,
      2.77778,
      1.33333,
      2.88889,
      1.44444
    ],
    "TaskDescription": "Resting State fMRI",
    "TaskName": "Resting State",
    "TotalReadoutTime": 0.0,
    "acq_id": "voxelsize222",
    "modality": "bold",
    "subject_id": "control14",
    "task_id": "rest"
  },
  "dummy_trs": 0,
  "dvars_nstd": 29.120234201610742,
  "dvars_std": 1.1163151715436237,
  "dvars_vstd": 1.018521519194631,
  "efc": 0.5478970471359468,
  "fber": 353.4917297363281,
  "fd_mean": 0.04840403863110084,
  "fd_num": 4,
  "fd_perc": 2.6666666666666665,
  "fwhm_avg": 2.4393533754593157,
  "fwhm_x": 2.1202701263779478,
  "fwhm_y": 2.61817,
  "fwhm_z": 2.57962,
  "gcor": 0.0128877,
  "gsr_x": -0.011991273611783981,
  "gsr_y": 0.01261003129184246,
  "provenance": {
    "md5sum": "8dca60562d6c01e331b21ce4ba457efa",
    "settings": {
      "fd_thres": 0.2,
      "hmc_fsl": false
    },
    "software": "mriqc",
    "version": "0.9.9"
  },
  "size_t": 150,
  "size_x": 128,
  "size_y": 128,
  "size_z": 27,
  "snr": 5.293649368279,
  "spacing_tr": 3.0,
  "spacing_x": 1.9999998807907104,
  "spacing_y": 2.0,
  "spacing_z": 2.0,
  "summary_bg_k": 57.59785097914546,
  "summary_bg_mad": 1.8483097553253174,
  "summary_bg_mean": 54.347930908203125,
  "summary_bg_median": 42.606666564941406,
  "summary_bg_n": 291832.0,
  "summary_bg_p05": 40.97333526611328,
  "summary_bg_p95": 104.83633651733406,
  "summary_bg_stdv": 44.34836196899414,
  "summary_fg_k": 2.798661197241824,
  "summary_fg_mad": 127.28634643554688,
  "summary_fg_mean": 821.5133056640625,
  "summary_fg_median": 815.760009765625,
  "summary_fg_n": 89231.0,
  "summary_fg_p05": 589.2633361816406,
  "summary_fg_p95": 1059.3900146484375,
  "summary_fg_stdv": 154.10076904296875,
  "tsnr": 51.14213180541992
}