{
  "aor": 0.0018524666666666666,
  "aqi": 2.5537415333333335e-05,
  "bids_meta": {
    "CogAtlasID": "trm_54e69c642d89b",
    "EPI_Factor": 64,
    "EchoTime": 0.035,
    "EffectiveEchoSpacing": 0.00086,
    "FlipAngle": 87.0,
    "MRAcquisitionType": "2D",
    "MagneticFieldStrength": 3,
    "Manufacturer": "Siemens",
    "ManufacturerModelName": "Trio",
    "PartialFourier": "6/8",
    "PhaseEncodingDirection": "j-",
    "PixelBandwidth": 1260.0,
    "ReceiveCoilName": "12 channel head coil",
    "RepetitionTime": 3.0,
    "ScanningSequence": "EPI",
    "SliceTiming": [
      1.5,
      0.0,
      1.625,
      0.125,
      1.75,
      0.25,
      1.875,
      0.375,
      2.0,
      0.5,
      2.125,
      0.625,
      2.25,
      0.75,
      2.375,
      0.875,
      2.5,
      1.0,
      2.625,
      1.125,
      2.75,
      1.25,
      2.875,
      1.375
    ],
    "TaskDescription": "Resting State fMRI",
    "TaskName": "Resting State",
    "TotalReadoutTime": 0.0,
    "acq_id": "voxelsize555",
    "modality": "bold",
    "subject_id": "phantom02",
    "task_id": "rest"
  },
  "dummy_trs": 0,
  "dvars_nstd": 1.4649926031543619,
  "dvars_std": 1.0314994813422818,
  "dvars_vstd": 1.0351094930872486,
  "efc": 0.37961251957343545,
  "fber": 78932.171875,
  "fd_mean": 0.015762734676156572,
  "fd_num": 0,
  "fd_perc": 0.0,
  "fwhm_avg": 3.816613333333333,
  "fwhm_x": 3.20726,
  "fwhm_y": 3.4684199999999996,
  "fwhm_z": 4.77416,
  "gcor": 0.353156,
  "gsr_x": -0.003827663604170084,
  "gsr_y": 0.008691119961440563,
  "provenance": {
    "md5sum": "c41caa1ba8c3ccb1ec5e23f24d86f44b",
    "settings": {
      "fd_thres": 0.2,
      "hmc_fsl": false
    },
    "software": "mriqc",
    "version": "0.9.9"
  },
  "size_t": 150,
  "size_x": 64,
  "size_y": 64,
  "size_z": 24,
  "snr": 6.276484000882819,
  "spacing_tr": 3.0,
  "spacing_x": 5.0,
  "spacing_y": 5.0,
  "spacing_z": 5.0,
  "summary_bg_k": 36.536357106861665,
  "summary_bg_mad": 9.765405654907227,
  "summary_bg_mean": 20.45940399169922,
  "summary_bg_median": 10.213333129882812,
  "summary_bg_n": 63484.0,
  "summary_bg_p05": 2.7266666889190674,
  "summary_bg_p95": 66.9000015258789,
  "summary_bg_stdv": 27.830842971801758,
  "summary_fg_k": 0.7520598494486745,
  "summary_fg_mad": 438.69207763671875,
  "summary_fg_mean": 2822.221923828125,
  "summary_fg_median": 2912.306640625,
  "summary_fg_n": 14753.0,
  "summary_fg_p05": 1908.008056640625,
  "summary_fg_p95": 3395.585400390625,
  "summary_fg_stdv": 463.9871520996094,
  "tsnr": 668.517822265625
}