{
  "aor": 0.0008270666666666665,
  "aqi": 7.630864600000001e-05,
  "bids_meta": {
    "CogAtlasID": "trm_54e69c642d89b",
    "EPI_Factor": 64,
    "EchoTime": 0.035,
    "EffectiveEchoSpacing": 0.00086,
    "FlipAngle": 87.0,
    "MRAcquisitionType": "2D",
    "MagneticFieldStrength": 3,
    "Manufacturer": "Siemens",
    "ManufacturerModelName": "Trio",
    "PartialFourier": "6/8",
    "PhaseEncodingDirection": "j-",
    "PixelBandwidth": 1260.0,
    "ReceiveCoilName": "12 channel head coil",
    "RepetitionTime": 3.0,
    "ScanningSequence": "EPI",
    "SliceTiming": [
      0.0,
      1.54286,
      0.08571,
      1.62857,
      0.17143,
      1.71429,
      0.25714,
      1.8,
      0.34286,
      1.88571,
      0.42857,
      1.97143,
      0.51429,
      2.05714,
      0.6,
      2.14286,
      0.68571,
      2.22857,
      0.77143,
      2.31429,
      0.85714,
      2.4,
      0.94286,
      2.48571,
      1.02857,
      2.57143,
      1.11429,
      2.65714,
      1.2,
      2.74286,
      1.28571,
      2.82857,
      1.37143,
      2.91429,
      1.45714
    ],
    "TaskDescription": "Resting State fMRI",
    "TaskName": "Resting State",
    "TotalReadoutTime": 0.0,
    "acq_id": "voxelsize333",
    "modality": "bold",
    "subject_id": "phantom02",
    "task_id": "rest"
  },
  "dummy_trs": 0,
  "dvars_nstd": 2.377534360939598,
  "dvars_std": 1.0127759475838924,
  "dvars_vstd": 1.021591663221476,
  "efc": 0.6945030505810867,
  "fber": 5254.900390625,
  "fd_mean": 0.007373346150336763,
  "fd_num": 0,
  "fd_perc": 0.0,
  "fwhm_avg": 4.403155555555556,
  "fwhm_x": 3.4410333333333334,
  "fwhm_y": 3.808866666666667,
  "fwhm_z": 5.9595666666666665,
  "gcor": 0.138443,
  "gsr_x": -0.009911641478538513,
  "gsr_y": 0.016868045553565025,
  "provenance": {
    "md5sum": "808fa95366b9c9d1a09d09a0668fb9e1",
    "settings": {
      "fd_thres": 0.2,
      "hmc_fsl": false
    },
    "software": "mriqc",
    "version": "0.9.9"
  },
  "size_t": 150,
  "size_x": 64,
  "size_y": 64,
  "size_z": 35,
  "snr": 6.853139970951572,
  "spacing_tr": 3.0,
  "spacing_x": 3.0,
  "spacing_y": 3.0,
  "spacing_z": 3.0,
  "summary_bg_k": 13.884204814607049,
  "summary_bg_mad": 24.996675491333008,
  "summary_bg_mean": 48.26189041137695,
  "summary_bg_median": 36.81999969482422,
  "summary_bg_n": 44157.0,
  "summary_bg_p05": 16.1733341217041,
  "summary_bg_p95": 115.46533355712883,
  "summary_bg_stdv": 37.3170280456543,
  "summary_fg_k": 2.303795697404392,
  "summary_fg_mad": 402.2499694824219,
  "summary_fg_mean": 2845.12060546875,
  "summary_fg_median": 2921.32666015625,
  "summary_fg_n": 66943.0,
  "summary_fg_p05": 2067.138110351563,
  "summary_fg_p95": 3391.614770507812,
  "summary_fg_stdv": 426.2724609375,
  "tsnr": 516.098876953125
}