{
  "aor": 0.0005671999999999999,
  "aqi": 0.0096130804,
  "bids_meta": {
    "CogAtlasID": "trm_54e69c642d89b",
    "EPI_Factor": 128,
    "EchoTime": 0.035,
    "EffectiveEchoSpacing": 0.00086,
    "FlipAngle": 87.0,
    "MRAcquisitionType": "2D",
    "MagneticFieldStrength": 3,
    "Manufacturer": "Siemens",
    "ManufacturerModelName": "Trio",
    "PartialFourier": "6/8",
    "PhaseEncodingDirection": "j-",
    "PixelBandwidth": 1260.0,
    "ReceiveCoilName": "12 channel head coil",
    "RepetitionTime": 3.0,
    "ScanningSequence": "EPI",
    "SliceTiming": [
      1.5,
      0.0,
      1.60714,
      0.10714,
      1.71429,
      0.21429,
      1.82143,
      0.32143,
      1.92857,
      0.42857,
      2.03571,
      0.53571,
      2.14286,
      0.64286,
      2.25,
      0.75,
      2.35714,
      0.85714,
      2.46429,
      0.96429,
      2.57143,
      1.07143,
      2.67857,
      1.17857,
      2.78571,
      1.28571,
      2.89286,
      1.39286
    ],
    "TaskDescription": "Resting State fMRI",
    "TaskName": "Resting State",
    "TotalReadoutTime": 0.0,
    "acq_id": "voxelsize222",
    "modality": "bold",
    "subject_id": "control01",
    "task_id": "rest"
  },
  "dummy_trs": 0,
  "dvars_nstd": 33.32665766020135,
  "dvars_std": 1.0951786240939598,
  "dvars_vstd": 1.0123262399999997,
  "efc": 0.5810350274635736,
  "fber": 313.7857666015625,
  "fd_mean": 0.19304888535258183,
  "fd_num": 62,
  "fd_perc": 41.333333333333336,
  "fwhm_avg": 2.335278333333333,
  "fwhm_x": 2.052765,
  "fwhm_y": 2.544045,
  "fwhm_z": 2.409025,
  "gcor": 0.0206157,
  "gsr_x": 0.006500741932541132,
  "gsr_y": 0.007515634875744581,
  "provenance": {
    "md5sum": "bce60be00066dff81c61342ff4b08857",
    "settings": {
      "fd_thres": 0.2,
      "hmc_fsl": false
    },
    "software": "mriqc",
    "version": "0.9.9"
  },
  "size_t": 150,
  "size_x": 128,
  "size_y": 128,
  "size_z": 28,
  "snr": 5.037336786733542,
  "spacing_tr": 3.0,
  "spacing_x": 2.0,
  "spacing_y": 2.0,
  "spacing_z": 2.0,
  "summary_bg_k": 27.311377194232893,
  "summary_bg_mad": 3.706505537033081,
  "summary_bg_mean": 66.89002227783203,
  "summary_bg_median": 46.22666931152344,
  "summary_bg_n": 291078.0,
  "summary_bg_p05": 43.366668701171875,
  "summary_bg_p95": 164.22866973876907,
  "summary_bg_stdv": 63.61127853393555,
  "summary_fg_k": 3.538574058823576,
  "summary_fg_mad": 128.55149841308594,
  "summary_fg_mean": 839.7858276367188,
  "summary_fg_median": 835.5400390625,
  "summary_fg_n": 104301.0,
  "summary_fg_p05": 587.4600219726562,
  "summary_fg_p95": 1096.0467529296875,
  "summary_fg_stdv": 165.8686065673828,
  "tsnr": 49.72333908081055
}