{
  "bids_meta": {
    "EchoTime": 0.00227,
    "FlipAngle": 9.0,
    "InversionTime": 0.9,
    "MRAcquisitionType": "3D",
    "MagneticFieldStrength": 3,
    "Manufacturer": "Siemens",
    "ManufacturerModelName": "Trio",
    "ReceiveCoilName": "12 channel head coil",
    "RepetitionTime": 1.9,
    "ScanningSequence": "MPRAGE",
    "modality": "T1w",
    "subject_id": "control05"
  },
  "cjv": 0.2995499256283747,
  "cnr": 4.288960864725515,
  "efc": 0.621359258569032,
  "fber": 1781.5731201171875,
  "fwhm_avg": 4.01736,
  "fwhm_x": 3.93768,
  "fwhm_y": 4.14144,
  "fwhm_z": 3.97296,
  "icvs_csf": 0.19342301259741804,
  "icvs_gm": 0.42112437657444457,
  "icvs_wm": 0.38545261082813737,
  "inu_med": 0.9237991571426392,
  "inu_range": 0.3125510305166245,
  "provenance": {
    "md5sum": "e09082d5a948309e39d2f1c23479c7bb",
    "settings": {
      "testing": false
    },
    "software": "mriqc",
    "version": "0.9.9",
    "warnings": {
      "large_rot_frame": false,
      "small_air_mask": false
    }
  },
  "qi_1": 0.0,
  "qi_2": 0.021849054696222506,
  "rpve_csf": 16.467787136431706,
  "rpve_gm": 7.995591733505479,
  "rpve_wm": 10.392915209024293,
  "size_x": 176,
  "size_y": 192,
  "size_z": 192,
  "snr_csf": 3.5261542412503464,
  "snr_gm": 15.687904837842261,
  "snr_total": 15.475640923752989,
  "snr_wm": 27.21286369216636,
  "snrd_csf": 45.60132675846071,
  "snrd_gm": 77.89763102914193,
  "snrd_total": 76.18270361804684,
  "snrd_wm": 105.0491530665379,
  "spacing_x": 1.0,
  "spacing_y": 1.0,
  "spacing_z": 1.0,
  "summary_bg_k": 1.6403359648769493,
  "summary_bg_mad": 6.236658096313477,
  "summary_bg_mean": 16.966182708740234,
  "summary_bg_median": 15.840974807739258,
  "summary_bg_n": 1512732.0,
  "summary_bg_p05": 8.304827547073364,
  "summary_bg_p95": 29.644249534606928,
  "summary_bg_stdv": 6.863122463226318,
  "summary_csf_k": 6.178568699219822,
  "summary_csf_mad": 136.8811798095703,
  "summary_csf_mean": 425.96600341796875,
  "summary_csf_median": 434.10791015625,
  "summary_csf_n": 17104.0,
  "summary_csf_p05": 230.23485870361327,
  "summary_csf_p95": 600.0597473144531,
  "summary_csf_stdv": 123.10726928710938,
  "summary_gm_k": 0.41399342532763317,
  "summary_gm_mad": 45.64431381225586,
  "summary_gm_mean": 739.6812133789062,
  "summary_gm_median": 741.556884765625,
  "summary_gm_n": 20551.0,
  "summary_gm_p05": 659.8376159667969,
  "summary_gm_p95": 813.5361633300781,
  "summary_gm_stdv": 47.2681884765625,
  "summary_wm_k": 1.3856760314141718,
  "summary_wm_mad": 31.78111457824707,
  "summary_wm_mean": 998.2040405273438,
  "summary_wm_median": 1000.0294189453125,
  "summary_wm_n": 195184.0,
  "summary_wm_p05": 934.4263671875,
  "summary_wm_p95": 1054.3146606445312,
  "summary_wm_stdv": 36.748313903808594,
  "tpm_overlap_csf": 0.23009338974952698,
  "tpm_overlap_gm": 0.5058795809745789,
  "tpm_overlap_wm": 0.5577065944671631,
  "wm2max": 0.4736663374576228
}