{
  "aor": 0.0006371333333333334,
  "aqi": 0.005221869333333334,
  "bids_meta": {
    "CogAtlasID": "trm_54e69c642d89b",
    "EPI_Factor": 64,
    "EchoTime": 0.035,
    "EffectiveEchoSpacing": 0.00086,
    "FlipAngle": 87.0,
    "MRAcquisitionType": "2D",
    "MagneticFieldStrength": 3,
    "Manufacturer": "Siemens",
    "ManufacturerModelName": "Trio",
    "PartialFourier": "6/8",
    "PhaseEncodingDirection": "j-",
    "PixelBandwidth": 1260.0,
    "ReceiveCoilName": "12 channel head coil",
    "RepetitionTime": 3.0,
    "ScanningSequence": "EPI",
    "SliceTiming": [
      0.0,
      1.54286,
      0.08571,
      1.62857,
      0.17143,
      1.71429,
      0.25714,
      1.8,
      0.34286,
      1.88571,
      0.42857,
      1.97143,
      0.51429,
      2.05714,
      0.6,
      2.14286,
      0.68571,
      2.22857,
      0.77143,
      2.31429,
      0.85714,
      2.4,
      0.94286,
      2.48571,
      1.02857,
      2.57143,
      1.11429,
      2.65714,
      1.2,
      2.74286,
      1.28571,
      2.82857,
      1.37143,
      2.91429,
      1.45714
    ],
    "TaskDescription": "Resting State fMRI",
    "TaskName": "Resting State",
    "TotalReadoutTime": 0.0,
    "acq_id": "voxelsize333",
    "modality": "bold",
    "subject_id": "control04",
    "task_id": "rest"
  },
  "dummy_trs": 0,
  "dvars_nstd": 19.73680551248322,
  "dvars_std": 1.1556064262416104,
  "dvars_vstd": 1.0044502077852353,
  "efc": 0.5472859004954336,
  "fber": 1293.967041015625,
  "fd_mean": 0.0939677803377606,
  "fd_num": 4,
  "fd_perc": 2.6666666666666665,
  "fwhm_avg": 2.4996177777777775,
  "fwhm_x": 2.34319,
  "fwhm_y": 2.7723033333333333,
  "fwhm_z": 2.38336,
  "gcor": 0.0241742,
  "gsr_x": -0.00036427407758310437,
  "gsr_y": 0.03200015798211098,
  "provenance": {
    "md5sum": "6fa206703e3d72dc00f7a9cea452e69b",
    "settings": {
      "fd_thres": 0.2,
      "hmc_fsl": false
    },
    "software": "mriqc",
    "version": "0.9.9"
  },
  "size_t": 150,
  "size_x": 64,
  "size_y": 64,
  "size_z": 35,
  "snr": 4.659714417131967,
  "spacing_tr": 3.0,
  "spacing_x": 3.0,
  "spacing_y": 3.0,
  "spacing_z": 3.0,
  "summary_bg_k": 158.04869455074444,
  "summary_bg_mad": 6.711246013641357,
  "summary_bg_mean": 36.76331329345703,
  "summary_bg_median": 20.720001220703125,
  "summary_bg_n": 76144.0,
  "summary_bg_p05": 15.786666870117188,
  "summary_bg_p95": 95.76667022705078,
  "summary_bg_stdv": 66.2782211303711,
  "summary_fg_k": 2.4593389811669475,
  "summary_fg_mad": 133.0684814453125,
  "summary_fg_mean": 775.06982421875,
  "summary_fg_median": 779.9466552734375,
  "summary_fg_n": 35592.0,
  "summary_fg_p05": 474.8333419799805,
  "summary_fg_p95": 1016.5963775634765,
  "summary_fg_stdv": 167.37843322753906,
  "tsnr": 89.619140625
}