{
  "aor": 0.0012852666666666665,
  "aqi": 0.00209501782,
  "bids_meta": {
    "CogAtlasID": "trm_54e69c642d89b",
    "EPI_Factor": 64,
    "EchoTime": 0.035,
    "EffectiveEchoSpacing": 0.00086,
    "FlipAngle": 87.0,
    "MRAcquisitionType": "2D",
    "MagneticFieldStrength": 3,
    "Manufacturer": "Siemens",
    "ManufacturerModelName": "Trio",
    "PartialFourier": "6/8",
    "PhaseEncodingDirection": "j-",
    "PixelBandwidth": 1260.0,
    "ReceiveCoilName": "12 channel head coil",
    "RepetitionTime": 3.0,
    "ScanningSequence": "EPI",
    "SliceTiming": [
      1.5,
      0.0,
      1.625,
      0.125,
      1.75,
      0.25,
      1.875,
      0.375,
      2.0,
      0.5,
      2.125,
      0.625,
      2.25,
      0.75,
      2.375,
      0.875,
      2.5,
      1.0,
      2.625,
      1.125,
      2.75,
      1.25,
      2.875,
      1.375
    ],
    "TaskDescription": "Resting State fMRI",
    "TaskName": "Resting State",
    "TotalReadoutTime": 0.0,
    "acq_id": "voxelsize555",
    "modality": "bold",
    "subject_id": "control04",
    "task_id": "rest"
  },
  "dummy_trs": 0,
  "dvars_nstd": 13.561848243355701,
  "dvars_std": 1.1458206332885907,
  "dvars_vstd": 0.9941653105369126,
  "efc": 0.2912278879245058,
  "fber": 26284.759765625,
  "fd_mean": 0.17151724045086741,
  "fd_num": 48,
  "fd_perc": 32.0,
  "fwhm_avg": 2.8093466666666664,
  "fwhm_x": 2.72348,
  "fwhm_y": 3.10322,
  "fwhm_z": 2.60134,
  "gcor": 0.0478894,
  "gsr_x": -0.00879974476993084,
  "gsr_y": 0.0015321430983021855,
  "provenance": {
    "md5sum": "c7e6d0f45ecd8beff9b4f332a4f74dcd",
    "settings": {
      "fd_thres": 0.2,
      "hmc_fsl": false
    },
    "software": "mriqc",
    "version": "0.9.9"
  },
  "size_t": 150,
  "size_x": 64,
  "size_y": 64,
  "size_z": 24,
  "snr": 3.478490912481014,
  "spacing_tr": 3.0,
  "spacing_x": 5.0,
  "spacing_y": 5.0,
  "spacing_z": 5.0,
  "summary_bg_k": 511.58482343203445,
  "summary_bg_mad": 3.0047411918640137,
  "summary_bg_mean": 9.50260066986084,
  "summary_bg_median": 4.619999885559082,
  "summary_bg_n": 71154.0,
  "summary_bg_p05": 2.4200000762939453,
  "summary_bg_p95": 27.262333393096867,
  "summary_bg_stdv": 22.675952911376953,
  "summary_fg_k": 1.1623856715789032,
  "summary_fg_mad": 155.16920471191406,
  "summary_fg_mean": 740.2783813476562,
  "summary_fg_median": 791.3333740234375,
  "summary_fg_n": 7799.0,
  "summary_fg_p05": 233.03267059326174,
  "summary_fg_p95": 1016.2386901855465,
  "summary_fg_stdv": 227.4787139892578,
  "tsnr": 98.40186309814453
}