{
  "bids_meta": {
    "EchoTime": 0.00227,
    "FlipAngle": 9.0,
    "InversionTime": 0.9,
    "MRAcquisitionType": "3D",
    "MagneticFieldStrength": 3,
    "Manufacturer": "Siemens",
    "ManufacturerModelName": "Trio",
    "ReceiveCoilName": "12 channel head coil",
    "RepetitionTime": 1.9,
    "ScanningSequence": "MPRAGE",
    "modality": "T1w",
    "subject_id": "control13"
  },
  "cjv": 0.3705460242024147,
  "cnr": 3.5410372132778605,
  "efc": 0.6423924305180371,
  "fber": 1550.2191162109375,
  "fwhm_avg": 3.8816368211339007,
  "fwhm_x": 3.788460225809826,
  "fwhm_y": 3.986130237591877,
  "fwhm_z": 3.87032,
  "icvs_csf": 0.18070923273926068,
  "icvs_gm": 0.43527920779897494,
  "icvs_wm": 0.3840115594617644,
  "inu_med": 0.9485442638397217,
  "inu_range": 0.3062988698482515,
  "provenance": {
    "md5sum": "0006440d604a84c0be719962bf7cccfb",
    "settings": {
      "testing": false
    },
    "software": "mriqc",
    "version": "0.9.9",
    "warnings": {
      "large_rot_frame": false,
      "small_air_mask": false
    }
  },
  "qi_1": 0.0,
  "qi_2": 0.030995995277916535,
  "rpve_csf": 17.773700267677523,
  "rpve_gm": 8.046093270880181,
  "rpve_wm": 10.680959761351232,
  "size_x": 176,
  "size_y": 192,
  "size_z": 192,
  "snr_csf": 2.926343518070606,
  "snr_gm": 13.665664102686925,
  "snr_total": 13.86999073165435,
  "snr_wm": 25.017964574205518,
  "snrd_csf": 34.00485550262131,
  "snrd_gm": 71.3068897522675,
  "snrd_total": 66.52059066475248,
  "snrd_wm": 94.25002673936864,
  "spacing_x": 0.9999999403953552,
  "spacing_y": 0.9999999403953552,
  "spacing_z": 1.0,
  "summary_bg_k": 1.8286757687074173,
  "summary_bg_mad": 6.951244831085205,
  "summary_bg_mean": 19.04792022705078,
  "summary_bg_median": 18.23788070678711,
  "summary_bg_n": 1607756.0,
  "summary_bg_p05": 7.53200626373291,
  "summary_bg_p95": 33.802574157714844,
  "summary_bg_stdv": 7.9545159339904785,
  "summary_csf_k": 4.965922412439684,
  "summary_csf_mad": 120.21138000488281,
  "summary_csf_mean": 380.4690856933594,
  "summary_csf_median": 360.80438232421875,
  "summary_csf_n": 12894.0,
  "summary_csf_p05": 218.9195915222168,
  "summary_csf_p95": 604.5626647949218,
  "summary_csf_stdv": 123.29051208496094,
  "summary_gm_k": 0.09432962467397399,
  "summary_gm_mad": 54.17497634887695,
  "summary_gm_mean": 756.4822998046875,
  "summary_gm_median": 756.5930786132812,
  "summary_gm_n": 19963.0,
  "summary_gm_p05": 664.5341491699219,
  "summary_gm_p95": 847.6807678222655,
  "summary_gm_stdv": 55.36314392089844,
  "summary_wm_k": 1.2826753007702552,
  "summary_wm_mad": 36.029029846191406,
  "summary_wm_mean": 999.7949829101562,
  "summary_wm_median": 1000.0284423828125,
  "summary_wm_n": 190188.0,
  "summary_wm_p05": 934.0593017578126,
  "summary_wm_p95": 1063.5375061035156,
  "summary_wm_stdv": 39.97230911254883,
  "tpm_overlap_csf": 0.2348528653383255,
  "tpm_overlap_gm": 0.5120595097541809,
  "tpm_overlap_wm": 0.5515281558036804,
  "wm2max": 0.4469419576920046
}