{
  "aor": 0.0016699333333333333,
  "aqi": 0.0100373582,
  "bids_meta": {
    "CogAtlasID": "trm_54e69c642d89b",
    "EPI_Factor": 128,
    "EchoTime": 0.035,
    "EffectiveEchoSpacing": 0.00086,
    "FlipAngle": 87.0,
    "MRAcquisitionType": "2D",
    "MagneticFieldStrength": 3,
    "Manufacturer": "Siemens",
    "ManufacturerModelName": "Trio",
    "PartialFourier": "6/8",
    "PhaseEncodingDirection": "j-",
    "PixelBandwidth": 1260.0,
    "ReceiveCoilName": "12 channel head coil",
    "RepetitionTime": 3.0,
    "ScanningSequence": "EPI",
    "SliceTiming": [
      0.0,
      1.55556,
      0.11111,
      1.66667,
      0.22222,
      1.77778,
      0.33333,
      1.88889,
      0.44444,
      2.0,
      0.55556,
      2.11111,
      0.66667,
      2.22222,
      0.77778,
      2.33333,
      0.88889,
      2.44444,
      1.0,
      2.55556,
      1.11111,
      2.66667,
      1.22222,
      2.77778,
      1.33333,
      2.88889,
      1.44444
    ],
    "TaskDescription": "Resting State fMRI",
    "TaskName": "Resting State",
    "TotalReadoutTime": 0.0,
    "acq_id": "voxelsize222",
    "modality": "bold",
    "subject_id": "control03",
    "task_id": "rest"
  },
  "dummy_trs": 0,
  "dvars_nstd": 31.70958740402686,
  "dvars_std": 1.0812744734228186,
  "dvars_vstd": 1.0127571233557051,
  "efc": 0.5814937641055858,
  "fber": 331.1734619140625,
  "fd_mean": 0.13930065893673974,
  "fd_num": 24,
  "fd_perc": 16.0,
  "fwhm_avg": 2.3219500491454235,
  "fwhm_x": 1.9703,
  "fwhm_y": 2.52198,
  "fwhm_z": 2.47357014743627,
  "gcor": 0.0230281,
  "gsr_x": -0.0005107116885483265,
  "gsr_y": 0.014784546568989754,
  "provenance": {
    "md5sum": "85d32f775fa84039cc7c5382f8f93fdc",
    "settings": {
      "fd_thres": 0.2,
      "hmc_fsl": false
    },
    "software": "mriqc",
    "version": "0.9.9"
  },
  "size_t": 150,
  "size_x": 128,
  "size_y": 128,
  "size_z": 27,
  "snr": 4.37186669726314,
  "spacing_tr": 3.0,
  "spacing_x": 2.0,
  "spacing_y": 2.0,
  "spacing_z": 1.9999998807907104,
  "summary_bg_k": 32.6063363417804,
  "summary_bg_mad": 3.7460389137268066,
  "summary_bg_mean": 69.0008316040039,
  "summary_bg_median": 47.20000076293945,
  "summary_bg_n": 273219.0,
  "summary_bg_p05": 44.266666412353516,
  "summary_bg_p95": 162.5940048217772,
  "summary_bg_stdv": 68.15791320800781,
  "summary_fg_k": 2.8523277523696553,
  "summary_fg_mad": 168.69052124023438,
  "summary_fg_mean": 913.1295166015625,
  "summary_fg_median": 881.63671875,
  "summary_fg_n": 106736.0,
  "summary_fg_p05": 665.2966613769531,
  "summary_fg_p95": 1270.7149963378906,
  "summary_fg_stdv": 201.6604461669922,
  "tsnr": 46.67512512207031
}