{
  "bids_meta": {
    "EchoTime": 0.00227,
    "FlipAngle": 9.0,
    "InversionTime": 0.9,
    "MRAcquisitionType": "3D",
    "MagneticFieldStrength": 3,
    "Manufacturer": "Siemens",
    "ManufacturerModelName": "Trio",
    "ReceiveCoilName": "12 channel head coil",
    "RepetitionTime": 1.9,
    "ScanningSequence": "MPRAGE",
    "modality": "T1w",
    "subject_id": "control06"
  },
  "cjv": 0.3122663076707933,
  "cnr": 4.1010506173596735,
  "efc": 0.617903242175932,
  "fber": 1879.24853515625,
  "fwhm_avg": 4.050023333333333,
  "fwhm_x": 3.97774,
  "fwhm_y": 4.08018,
  "fwhm_z": 4.09215,
  "icvs_csf": 0.18306487335005406,
  "icvs_gm": 0.41899977935487515,
  "icvs_wm": 0.3979353472950708,
  "inu_med": 0.7953912615776062,
  "inu_range": 0.2356887876987458,
  "provenance": {
    "md5sum": "668719e219570f89410f62b37ebe73bc",
    "settings": {
      "testing": false
    },
    "software": "mriqc",
    "version": "0.9.9",
    "warnings": {
      "large_rot_frame": false,
      "small_air_mask": false
    }
  },
  "qi_1": 0.0,
  "qi_2": 0.0025991186845036695,
  "rpve_csf": 16.373065094626618,
  "rpve_gm": 7.762946081401653,
  "rpve_wm": 9.991117465115735,
  "size_x": 176,
  "size_y": 192,
  "size_z": 192,
  "snr_csf": 2.466787032448957,
  "snr_gm": 13.891248206607921,
  "snr_total": 16.466533031935978,
  "snr_wm": 33.04156385675106,
  "snrd_csf": 39.020266074985734,
  "snrd_gm": 74.64611184295852,
  "snrd_total": 71.26279397848295,
  "snrd_wm": 100.12200401750462,
  "spacing_x": 1.0,
  "spacing_y": 1.0,
  "spacing_z": 1.0,
  "summary_bg_k": 2.342942908618256,
  "summary_bg_mad": 6.543473243713379,
  "summary_bg_mean": 16.710304260253906,
  "summary_bg_median": 15.477300643920898,
  "summary_bg_n": 1808521.0,
  "summary_bg_p05": 7.51344633102417,
  "summary_bg_p95": 30.338422775268555,
  "summary_bg_stdv": 7.28973388671875,
  "summary_csf_k": 31.26882793815917,
  "summary_csf_mad": 168.2809600830078,
  "summary_csf_mean": 405.6865234375,
  "summary_csf_median": 389.7326965332031,
  "summary_csf_n": 14715.0,
  "summary_csf_p05": 209.61890563964846,
  "summary_csf_p95": 602.0041015625,
  "summary_csf_stdv": 157.98666381835938,
  "summary_gm_k": 0.26933561043815546,
  "summary_gm_mad": 51.942569732666016,
  "summary_gm_mean": 747.2820434570312,
  "summary_gm_median": 745.5620727539062,
  "summary_gm_n": 33355.0,
  "summary_gm_p05": 661.4363952636719,
  "summary_gm_p95": 838.8570678710938,
  "summary_gm_stdv": 53.67054748535156,
  "summary_wm_k": 0.9402115766523451,
  "summary_wm_mad": 27.514244079589844,
  "summary_wm_mean": 1000.6329956054688,
  "summary_wm_median": 1000.01416015625,
  "summary_wm_n": 229882.0,
  "summary_wm_p05": 952.2527099609375,
  "summary_wm_p95": 1051.1144714355469,
  "summary_wm_stdv": 30.265274047851562,
  "tpm_overlap_csf": 0.23208574950695038,
  "tpm_overlap_gm": 0.5158766508102417,
  "tpm_overlap_wm": 0.572702169418335,
  "wm2max": 0.4665916680391035
}