{
  "aor": 0.0009987999999999998,
  "aqi": 0.012640421333333334,
  "bids_meta": {
    "CogAtlasID": "trm_54e69c642d89b",
    "EPI_Factor": 128,
    "EchoTime": 0.035,
    "EffectiveEchoSpacing": 0.00086,
    "FlipAngle": 87.0,
    "MRAcquisitionType": "2D",
    "MagneticFieldStrength": 3,
    "Manufacturer": "Siemens",
    "ManufacturerModelName": "Trio",
    "PartialFourier": "6/8",
    "PhaseEncodingDirection": "j-",
    "PixelBandwidth": 1260.0,
    "ReceiveCoilName": "12 channel head coil",
    "RepetitionTime": 3.0,
    "ScanningSequence": "EPI",
    "SliceTiming": [
      0.0,
      1.55556,
      0.11111,
      1.66667,
      0.22222,
      1.77778,
      0.33333,
      1.88889,
      0.44444,
      2.0,
      0.55556,
      2.11111,
      0.66667,
      2.22222,
      0.77778,
      2.33333,
      0.88889,
      2.44444,
      1.0,
      2.55556,
      1.11111,
      2.66667,
      1.22222,
      2.77778,
      1.33333,
      2.88889,
      1.44444
    ],
    "TaskDescription": "Resting State fMRI",
    "TaskName": "Resting State",
    "TotalReadoutTime": 0.0,
    "acq_id": "voxelsize222",
    "modality": "bold",
    "subject_id": "control09",
    "task_id": "rest"
  },
  "dummy_trs": 0,
  "dvars_nstd": 36.15556101201344,
  "dvars_std": 1.112338187449664,
  "dvars_vstd": 1.0096236251006712,
  "efc": 0.5526710202176139,
  "fber": 324.79022216796875,
  "fd_mean": 0.17812597212973433,
  "fd_num": 48,
  "fd_perc": 32.0,
  "fwhm_avg": 2.2844184197483517,
  "fwhm_x": 1.9773351178583574,
  "fwhm_y": 2.503845,
  "fwhm_z": 2.3720751413866963,
  "gcor": 0.0135855,
  "gsr_x": -0.007809216622263193,
  "gsr_y": 0.01203300803899765,
  "provenance": {
    "md5sum": "eda019e5f0c6ea6d019826e72bca5cd5",
    "settings": {
      "fd_thres": 0.2,
      "hmc_fsl": false
    },
    "software": "mriqc",
    "version": "0.9.9"
  },
  "size_t": 150,
  "size_x": 128,
  "size_y": 128,
  "size_z": 27,
  "snr": 4.660272034475037,
  "spacing_tr": 3.0,
  "spacing_x": 1.9999998807907104,
  "spacing_y": 2.0,
  "spacing_z": 1.9999998807907104,
  "summary_bg_k": 52.02360584196815,
  "summary_bg_mad": 2.5599637031555176,
  "summary_bg_mean": 54.13355255126953,
  "summary_bg_median": 43.65999984741211,
  "summary_bg_n": 287019.0,
  "summary_bg_p05": 40.82666778564453,
  "summary_bg_p95": 105.07400054931625,
  "summary_bg_stdv": 40.60616683959961,
  "summary_fg_k": 2.9318610814265362,
  "summary_fg_mad": 143.45657348632812,
  "summary_fg_mean": 818.1797485351562,
  "summary_fg_median": 805.7433471679688,
  "summary_fg_n": 93390.0,
  "summary_fg_p05": 585.7100128173828,
  "summary_fg_p95": 1101.3050720214846,
  "summary_fg_stdv": 172.89527893066406,
  "tsnr": 44.508914947509766
}