{
  "bids_meta": {
    "EchoTime": 0.00227,
    "FlipAngle": 9.0,
    "InversionTime": 0.9,
    "MRAcquisitionType": "3D",
    "MagneticFieldStrength": 3,
    "Manufacturer": "Siemens",
    "ManufacturerModelName": "Trio",
    "ReceiveCoilName": "12 channel head coil",
    "RepetitionTime": 1.9,
    "ScanningSequence": "MPRAGE",
    "modality": "T1w",
    "subject_id": "control02"
  },
  "cjv": 0.35563521109208274,
  "cnr": 3.699654471825218,
  "efc": 0.6274512470111403,
  "fber": 1634.00927734375,
  "fwhm_avg": 3.92252,
  "fwhm_x": 3.89404,
  "fwhm_y": 4.04536,
  "fwhm_z": 3.82816,
  "icvs_csf": 0.18973762446760806,
  "icvs_gm": 0.42205625810425573,
  "icvs_wm": 0.3882061174281362,
  "inu_med": 1.0397415161132812,
  "inu_range": 0.29823893904685983,
  "provenance": {
    "md5sum": "3c5686d5de57ba3a50aa11a96af256a8",
    "settings": {
      "testing": false
    },
    "software": "mriqc",
    "version": "0.9.9",
    "warnings": {
      "large_rot_frame": false,
      "small_air_mask": false
    }
  },
  "qi_1": 0.0,
  "qi_2": 0.00579661758648256,
  "rpve_csf": 17.753707979006112,
  "rpve_gm": 8.416748814939206,
  "rpve_wm": 10.912182653813604,
  "size_x": 176,
  "size_y": 192,
  "size_z": 192,
  "snr_csf": 2.752826455586811,
  "snr_gm": 14.416390846601226,
  "snr_total": 13.88436554950112,
  "snr_wm": 24.483879346315323,
  "snrd_csf": 30.079358913619856,
  "snrd_gm": 66.18627558844595,
  "snrd_total": 61.38107932899441,
  "snrd_wm": 87.87760348491742,
  "spacing_x": 1.0,
  "spacing_y": 1.0,
  "spacing_z": 1.0,
  "summary_bg_k": 2.494989817245121,
  "summary_bg_mad": 7.455281734466553,
  "summary_bg_mean": 17.22568130493164,
  "summary_bg_median": 16.34373664855957,
  "summary_bg_n": 1443293.0,
  "summary_bg_p05": 7.1476410865783695,
  "summary_bg_p95": 30.718466949462886,
  "summary_bg_stdv": 7.3469672203063965,
  "summary_csf_k": 29.777088240360342,
  "summary_csf_mad": 114.80111694335938,
  "summary_csf_mean": 359.7724304199219,
  "summary_csf_median": 342.2952880859375,
  "summary_csf_n": 11564.0,
  "summary_csf_p05": 201.3108383178711,
  "summary_csf_p95": 570.7895965576172,
  "summary_csf_stdv": 124.33783721923828,
  "summary_gm_k": 0.20847723080257863,
  "summary_gm_mad": 52.26598358154297,
  "summary_gm_mean": 753.6593017578125,
  "summary_gm_median": 753.1826171875,
  "summary_gm_n": 17079.0,
  "summary_gm_p05": 668.3368652343751,
  "summary_gm_p95": 838.0190795898436,
  "summary_gm_stdv": 52.243350982666016,
  "summary_wm_k": 1.828698395013956,
  "summary_wm_mad": 35.51960754394531,
  "summary_wm_mean": 1000.0346069335938,
  "summary_wm_median": 1000.0242919921875,
  "summary_wm_n": 183878.0,
  "summary_wm_p05": 933.0616455078125,
  "summary_wm_p95": 1064.967462158203,
  "summary_wm_stdv": 40.84408187866211,
  "tpm_overlap_csf": 0.2412220984697342,
  "tpm_overlap_gm": 0.5117815136909485,
  "tpm_overlap_wm": 0.5695248246192932,
  "wm2max": 0.42428036155873877
}