{
  "aor": 0.00036886666666666667,
  "aqi": 0.0049705137333333335,
  "bids_meta": {
    "CogAtlasID": "trm_54e69c642d89b",
    "EPI_Factor": 128,
    "EchoTime": 0.035,
    "EffectiveEchoSpacing": 0.00086,
    "FlipAngle": 87.0,
    "MRAcquisitionType": "2D",
    "MagneticFieldStrength": 3,
    "Manufacturer": "Siemens",
    "ManufacturerModelName": "Trio",
    "PartialFourier": "6/8",
    "PhaseEncodingDirection": "j-",
    "PixelBandwidth": 1260.0,
    "ReceiveCoilName": "12 channel head coil",
    "RepetitionTime": 3.0,
    "ScanningSequence": "EPI",
    "SliceTiming": [
      0.0,
      1.55556,
      0.11111,
      1.66667,
      0.22222,
      1.77778,
      0.33333,
      1.88889,
      0.44444,
      2.0,
      0.55556,
      2.11111,
      0.66667,
      2.22222,
      0.77778,
      2.33333,
      0.88889,
      2.44444,
      1.0,
      2.55556,
      1.11111,
      2.66667,
      1.22222,
      2.77778,
      1.33333,
      2.88889,
      1.44444
    ],
    "TaskDescription": "Resting State fMRI",
    "TaskName": "Resting State",
    "TotalReadoutTime": 0.0,
    "acq_id": "voxelsize112",
    "modality": "bold",
    "subject_id": "phantom02",
    "task_id": "rest"
  },
  "dummy_trs": 0,
  "dvars_nstd": 10.65220097395973,
  "dvars_std": 0.9895621589261748,
  "dvars_vstd": 0.9963280925503355,
  "efc": 0.8870745183343428,
  "fber": 583.314697265625,
  "fd_mean": 0.0111915906498023,
  "fd_num": 0,
  "fd_perc": 0.0,
  "fwhm_avg": 4.3463170576131684,
  "fwhm_x": 3.7877886419753084,
  "fwhm_y": 4.841157530864198,
  "fwhm_z": 4.410005,
  "gcor": 0.00371317,
  "gsr_x": -0.025516772642731667,
  "gsr_y": 0.01494527142494917,
  "provenance": {
    "md5sum": "969e19bc2379d7f9461dfba04d73a44b",
    "settings": {
      "fd_thres": 0.2,
      "hmc_fsl": false
    },
    "software": "mriqc",
    "version": "0.9.9"
  },
  "size_t": 150,
  "size_x": 128,
  "size_y": 128,
  "size_z": 27,
  "snr": 8.387054701514483,
  "spacing_tr": 3.0,
  "spacing_x": 1.265625,
  "spacing_y": 1.265625,
  "spacing_z": 2.0,
  "summary_bg_k": 419.24395408638964,
  "summary_bg_mad": 13.748661041259766,
  "summary_bg_mean": 135.2261962890625,
  "summary_bg_median": 125.52000427246094,
  "summary_bg_n": 54160.0,
  "summary_bg_p05": 107.17299919128418,
  "summary_bg_p95": 176.3610008239745,
  "summary_bg_stdv": 78.95354461669922,
  "summary_fg_k": 4.277357917731081,
  "summary_fg_mad": 314.2226257324219,
  "summary_fg_mean": 3015.27587890625,
  "summary_fg_median": 3086.44677734375,
  "summary_fg_n": 324188.0,
  "summary_fg_p05": 2358.2493896484375,
  "summary_fg_p95": 3455.933349609375,
  "summary_fg_stdv": 368.0007019042969,
  "tsnr": 107.04978942871094
}