{
  "bids_meta": {
    "EchoTime": 0.00227,
    "FlipAngle": 9.0,
    "InversionTime": 0.9,
    "MRAcquisitionType": "3D",
    "MagneticFieldStrength": 3,
    "Manufacturer": "Siemens",
    "ManufacturerModelName": "Trio",
    "ReceiveCoilName": "12 channel head coil",
    "RepetitionTime": 1.9,
    "ScanningSequence": "MPRAGE",
    "modality": "T1w",
    "subject_id": "control01"
  },
  "cjv": 0.36530295711946176,
  "cnr": 3.561535360774931,
  "efc": 0.7074978897102362,
  "fber": 1360.3941650390625,
  "fwhm_avg": 4.215553333333333,
  "fwhm_x": 4.22647,
  "fwhm_y": 4.31659,
  "fwhm_z": 4.1036,
  "icvs_csf": 0.20474284941227858,
  "icvs_gm": 0.4203686355518942,
  "icvs_wm": 0.3748885150358272,
  "inu_med": 1.0695374011993408,
  "inu_range": 0.35567343831062304,
  "provenance": {
    "md5sum": "2bffd6e6670a944cfd52c11922861914",
    "settings": {
      "testing": false
    },
    "software": "mriqc",
    "version": "0.9.9",
    "warnings": {
      "large_rot_frame": false,
      "small_air_mask": false
    }
  },
  "qi_1": 0.0,
  "qi_2": 0.00601989844619427,
  "rpve_csf": 14.422499064923594,
  "rpve_gm": 7.2775747391520325,
  "rpve_wm": 9.662245786828546,
  "size_x": 176,
  "size_y": 192,
  "size_z": 192,
  "snr_csf": 3.4460774855957763,
  "snr_gm": 14.163468303005443,
  "snr_total": 13.993894492145087,
  "snr_wm": 24.37213768783404,
  "snrd_csf": 33.26656270117646,
  "snrd_gm": 65.80076232498088,
  "snrd_total": 61.965159865818656,
  "snrd_wm": 86.82815457129864,
  "spacing_x": 1.0,
  "spacing_y": 1.0,
  "spacing_z": 1.0,
  "summary_bg_k": 1.744962356533839,
  "summary_bg_mad": 7.5453200340271,
  "summary_bg_mean": 20.877304077148438,
  "summary_bg_median": 20.15815544128418,
  "summary_bg_n": 1245963.0,
  "summary_bg_p05": 8.330220222473145,
  "summary_bg_p95": 37.09039306640625,
  "summary_bg_stdv": 8.792757987976074,
  "summary_csf_k": 0.045386033104767964,
  "summary_csf_mad": 112.9732666015625,
  "summary_csf_mean": 394.34405517578125,
  "summary_csf_median": 383.1368103027344,
  "summary_csf_n": 18837.0,
  "summary_csf_p05": 225.27509460449218,
  "summary_csf_p95": 585.5464599609377,
  "summary_csf_stdv": 111.17760467529297,
  "summary_gm_k": 0.10643515263443648,
  "summary_gm_mad": 52.3404541015625,
  "summary_gm_mean": 758.4722290039062,
  "summary_gm_median": 757.8388671875,
  "summary_gm_n": 23064.0,
  "summary_gm_p05": 671.6025939941405,
  "summary_gm_p95": 848.4103698730469,
  "summary_gm_stdv": 53.505428314208984,
  "summary_wm_k": 1.4090656373850372,
  "summary_wm_mad": 36.1272087097168,
  "summary_wm_mean": 1000.3616333007812,
  "summary_wm_median": 1000.0150146484375,
  "summary_wm_n": 213571.0,
  "summary_wm_p05": 935.0798645019531,
  "summary_wm_p95": 1066.8421630859375,
  "summary_wm_stdv": 41.03097915649414,
  "tpm_overlap_csf": 0.21625953912734985,
  "tpm_overlap_gm": 0.5001861453056335,
  "tpm_overlap_wm": 0.5502094626426697,
  "wm2max": 0.42211355550413565
}