{
  "aor": 0.0005025333333333334,
  "aqi": 0.023971102666666667,
  "bids_meta": {
    "CogAtlasID": "trm_54e69c642d89b",
    "EPI_Factor": 128,
    "EchoTime": 0.035,
    "EffectiveEchoSpacing": 0.00086,
    "FlipAngle": 87.0,
    "MRAcquisitionType": "2D",
    "MagneticFieldStrength": 3,
    "Manufacturer": "Siemens",
    "ManufacturerModelName": "Trio",
    "PartialFourier": "6/8",
    "PhaseEncodingDirection": "j-",
    "PixelBandwidth": 1260.0,
    "ReceiveCoilName": "12 channel head coil",
    "RepetitionTime": 3.0,
    "ScanningSequence": "EPI",
    "SliceTiming": [
      0.0,
      1.55556,
      0.11111,
      1.66667,
      0.22222,
      1.77778,
      0.33333,
      1.88889,
      0.44444,
      2.0,
      0.55556,
      2.11111,
      0.66667,
      2.22222,
      0.77778,
      2.33333,
      0.88889,
      2.44444,
      1.0,
      2.55556,
      1.11111,
      2.66667,
      1.22222,
      2.77778,
      1.33333,
      2.88889,
      1.44444
    ],
    "TaskDescription": "Resting State fMRI",
    "TaskName": "Resting State",
    "TotalReadoutTime": 0.0,
    "acq_id": "voxelsize112",
    "modality": "bold",
    "subject_id": "control04",
    "task_id": "rest"
  },
  "dummy_trs": 0,
  "dvars_nstd": 55.48328898885905,
  "dvars_std": 1.0397195861073825,
  "dvars_vstd": 1.0187721446308724,
  "efc": 0.8040900288091012,
  "fber": 51.02811813354492,
  "fd_mean": 0.1005853917176712,
  "fd_num": 15,
  "fd_perc": 10.0,
  "fwhm_avg": 2.4841089506172835,
  "fwhm_x": 2.3570883950617283,
  "fwhm_y": 2.931563456790123,
  "fwhm_z": 2.163675,
  "gcor": 0.00359729,
  "gsr_x": 0.0049243285320699215,
  "gsr_y": 0.029211513698101044,
  "provenance": {
    "md5sum": "d94fa2fe15643e5d3e2409c60105fdc3",
    "settings": {
      "fd_thres": 0.2,
      "hmc_fsl": false
    },
    "software": "mriqc",
    "version": "0.9.9"
  },
  "size_t": 150,
  "size_x": 128,
  "size_y": 128,
  "size_z": 27,
  "snr": 5.023857187083474,
  "spacing_tr": 3.0,
  "spacing_x": 1.265625,
  "spacing_y": 1.265625,
  "spacing_z": 2.0,
  "summary_bg_k": 13.960018549058006,
  "summary_bg_mad": 12.780035018920898,
  "summary_bg_mean": 144.2052001953125,
  "summary_bg_median": 113.31999969482422,
  "summary_bg_n": 149771.0,
  "summary_bg_p05": 103.04666900634766,
  "summary_bg_p95": 334.69334411621094,
  "summary_bg_stdv": 82.83150482177734,
  "summary_fg_k": 2.422556922863767,
  "summary_fg_mad": 144.74655151367188,
  "summary_fg_mean": 834.7252807617188,
  "summary_fg_median": 818.88330078125,
  "summary_fg_n": 219918.0,
  "summary_fg_p05": 610.4046813964844,
  "summary_fg_p95": 1090.6743469238281,
  "summary_fg_stdv": 162.99855041503906,
  "tsnr": 26.675922393798828
}