{
  "aor": 0.006157866666666667,
  "aqi": 0.0058551766666666664,
  "bids_meta": {
    "CogAtlasID": "trm_54e69c642d89b",
    "EPI_Factor": 64,
    "EchoTime": 0.035,
    "EffectiveEchoSpacing": 0.00086,
    "FlipAngle": 87.0,
    "MRAcquisitionType": "2D",
    "MagneticFieldStrength": 3,
    "Manufacturer": "Siemens",
    "ManufacturerModelName": "Trio",
    "PartialFourier": "6/8",
    "PhaseEncodingDirection": "j-",
    "PixelBandwidth": 1260.0,
    "ReceiveCoilName": "12 channel head coil",
    "RepetitionTime": 3.0,
    "ScanningSequence": "EPI",
    "SliceTiming": [
      0.0,
      1.54286,
      0.08571,
      1.62857,
      0.17143,
      1.71429,
      0.25714,
      1.8,
      0.34286,
      1.88571,
      0.42857,
      1.97143,
      0.51429,
      2.05714,
      0.6,
      2.14286,
      0.68571,
      2.22857,
      0.77143,
      2.31429,
      0.85714,
      2.4,
      0.94286,
      2.48571,
      1.02857,
      2.57143,
      1.11429,
      2.65714,
      1.2,
      2.74286,
      1.28571,
      2.82857,
      1.37143,
      2.91429,
      1.45714
    ],
    "TaskDescription": "Resting State fMRI",
    "TaskName": "Resting State",
    "TotalReadoutTime": 0.0,
    "acq_id": "voxelsize333",
    "modality": "bold",
    "subject_id": "control11",
    "task_id": "rest"
  },
  "dummy_trs": 0,
  "dvars_nstd": 21.533580536778526,
  "dvars_std": 1.22524855,
  "dvars_vstd": 1.0649531167114092,
  "efc": 0.5637233749606462,
  "fber": 1237.0318603515625,
  "fd_mean": 0.09955136292820017,
  "fd_num": 10,
  "fd_perc": 6.666666666666667,
  "fwhm_avg": 2.4772201333914086,
  "fwhm_x": 2.330566851883479,
  "fwhm_y": 2.704790214957413,
  "fwhm_z": 2.3963033333333335,
  "gcor": 0.0394999,
  "gsr_x": 0.0018590653780847788,
  "gsr_y": 0.019222769886255264,
  "provenance": {
    "md5sum": "60f51b2c289fcca01b34bb44fb9db517",
    "settings": {
      "fd_thres": 0.2,
      "hmc_fsl": false
    },
    "software": "mriqc",
    "version": "0.9.9"
  },
  "size_t": 150,
  "size_x": 64,
  "size_y": 64,
  "size_z": 35,
  "snr": 4.357803945360765,
  "spacing_tr": 3.0,
  "spacing_x": 2.999999761581421,
  "spacing_y": 2.999999761581421,
  "spacing_z": 3.0,
  "summary_bg_k": 71.25542811080044,
  "summary_bg_mad": 7.333939075469971,
  "summary_bg_mean": 38.00067138671875,
  "summary_bg_median": 22.31999969482422,
  "summary_bg_n": 72817.0,
  "summary_bg_p05": 16.880001068115234,
  "summary_bg_p95": 99.19467010498045,
  "summary_bg_stdv": 54.44784927368164,
  "summary_fg_k": 2.3088968530006806,
  "summary_fg_mad": 149.56492614746094,
  "summary_fg_mean": 835.816650390625,
  "summary_fg_median": 835.413330078125,
  "summary_fg_n": 38593.0,
  "summary_fg_p05": 511.6226745605469,
  "summary_fg_p95": 1131.4066406250001,
  "summary_fg_stdv": 191.70263671875,
  "tsnr": 71.97611236572266
}