{
  "bids_meta": {
    "EchoTime": 0.00227,
    "FlipAngle": 9.0,
    "InversionTime": 0.9,
    "MRAcquisitionType": "3D",
    "MagneticFieldStrength": 3,
    "Manufacturer": "Siemens",
    "ManufacturerModelName": "Trio",
    "ReceiveCoilName": "12 channel head coil",
    "RepetitionTime": 1.9,
    "ScanningSequence": "MPRAGE",
    "modality": "T1w",
    "subject_id": "control03"
  },
  "cjv": 0.3362019632829776,
  "cnr": 3.974747349919786,
  "efc": 0.6994710365802501,
  "fber": 1354.599853515625,
  "fwhm_avg": 4.0109,
  "fwhm_x": 3.83944,
  "fwhm_y": 4.18861,
  "fwhm_z": 4.00465,
  "icvs_csf": 0.1856195929316985,
  "icvs_gm": 0.421001957597319,
  "icvs_wm": 0.3933784494709825,
  "inu_med": 1.067043423652649,
  "inu_range": 0.3520049631595613,
  "provenance": {
    "md5sum": "dc63625e2ccdd18a850c3af654351c7b",
    "settings": {
      "testing": false
    },
    "software": "mriqc",
    "version": "0.9.9",
    "warnings": {
      "large_rot_frame": false,
      "small_air_mask": false
    }
  },
  "qi_1": 0.0,
  "qi_2": 0.004366381927996792,
  "rpve_csf": 14.699337104898671,
  "rpve_gm": 6.866664271224974,
  "rpve_wm": 8.73539242090707,
  "size_x": 176,
  "size_y": 192,
  "size_z": 192,
  "snr_csf": 2.5965266928227484,
  "snr_gm": 13.890716024328638,
  "snr_total": 13.83796920749294,
  "snr_wm": 25.02666490532743,
  "snrd_csf": 30.926640164206727,
  "snrd_gm": 64.54124351145047,
  "snrd_total": 61.11035030376515,
  "snrd_wm": 87.86316723563826,
  "spacing_x": 1.0,
  "spacing_y": 1.0,
  "spacing_z": 1.0,
  "summary_bg_k": 1.7054422248655738,
  "summary_bg_mad": 7.456515312194824,
  "summary_bg_mean": 19.87862205505371,
  "summary_bg_median": 18.560157775878906,
  "summary_bg_n": 1332456.0,
  "summary_bg_p05": 9.560232877731323,
  "summary_bg_p95": 35.004740715026855,
  "summary_bg_stdv": 8.163511276245117,
  "summary_csf_k": 10.657942361636561,
  "summary_csf_mad": 121.62872314453125,
  "summary_csf_mean": 376.9480895996094,
  "summary_csf_median": 351.995361328125,
  "summary_csf_n": 17041.0,
  "summary_csf_p05": 210.0952606201172,
  "summary_csf_p95": 597.6309204101562,
  "summary_csf_stdv": 135.55995178222656,
  "summary_gm_k": 0.21281417853961937,
  "summary_gm_mad": 52.11811828613281,
  "summary_gm_mean": 734.5347900390625,
  "summary_gm_median": 734.5841064453125,
  "summary_gm_n": 26864.0,
  "summary_gm_p05": 648.3543212890626,
  "summary_gm_p95": 820.4387298583983,
  "summary_gm_stdv": 52.88211441040039,
  "summary_wm_k": 1.0030374951977148,
  "summary_wm_mad": 37.123783111572266,
  "summary_wm_mean": 1000.4234008789062,
  "summary_wm_median": 1000.0254516601562,
  "summary_wm_n": 233398.0,
  "summary_wm_p05": 936.1498901367188,
  "summary_wm_p95": 1065.155206298828,
  "summary_wm_stdv": 39.95831298828125,
  "tpm_overlap_csf": 0.24056939780712128,
  "tpm_overlap_gm": 0.5112873315811157,
  "tpm_overlap_wm": 0.570919930934906,
  "wm2max": 0.42476750988607476
}