{
  "aor": 0.0005918666666666668,
  "aqi": 0.024085196,
  "bids_meta": {
    "CogAtlasID": "trm_54e69c642d89b",
    "EPI_Factor": 128,
    "EchoTime": 0.035,
    "EffectiveEchoSpacing": 0.00086,
    "FlipAngle": 87.0,
    "MRAcquisitionType": "2D",
    "MagneticFieldStrength": 3,
    "Manufacturer": "Siemens",
    "ManufacturerModelName": "Trio",
    "PartialFourier": "6/8",
    "PhaseEncodingDirection": "j-",
    "PixelBandwidth": 1260.0,
    "ReceiveCoilName": "12 channel head coil",
    "RepetitionTime": 3.0,
    "ScanningSequence": "EPI",
    "SliceTiming": [
      0.0,
      1.55556,
      0.11111,
      1.66667,
      0.22222,
      1.77778,
      0.33333,
      1.88889,
      0.44444,
      2.0,
      0.55556,
      2.11111,
      0.66667,
      2.22222,
      0.77778,
      2.33333,
      0.88889,
      2.44444,
      1.0,
      2.55556,
      1.11111,
      2.66667,
      1.22222,
      2.77778,
      1.33333,
      2.88889,
      1.44444
    ],
    "TaskDescription": "Resting State fMRI",
    "TaskName": "Resting State",
    "TotalReadoutTime": 0.0,
    "acq_id": "voxelsize112",
    "modality": "bold",
    "subject_id": "control03",
    "task_id": "rest"
  },
  "dummy_trs": 0,
  "dvars_nstd": 58.67934965590601,
  "dvars_std": 1.0325431375167782,
  "dvars_vstd": 1.0193446055033553,
  "efc": 0.8574629642825977,
  "fber": 37.49678039550781,
  "fd_mean": 0.059000806114721534,
  "fd_num": 0,
  "fd_perc": 0.0,
  "fwhm_avg": 2.4915143745815587,
  "fwhm_x": 2.297125925925926,
  "fwhm_y": 2.967972066125557,
  "fwhm_z": 2.2094451316931925,
  "gcor": 0.0054301,
  "gsr_x": 0.005613012704998255,
  "gsr_y": 0.027202840894460678,
  "provenance": {
    "md5sum": "a361d511d8b6aa2b29f860fd4af14c95",
    "settings": {
      "fd_thres": 0.2,
      "hmc_fsl": false
    },
    "software": "mriqc",
    "version": "0.9.9"
  },
  "size_t": 150,
  "size_x": 128,
  "size_y": 128,
  "size_z": 27,
  "snr": 4.301215439134238,
  "spacing_tr": 3.0,
  "spacing_x": 1.265625,
  "spacing_y": 1.2656251192092896,
  "spacing_z": 1.9999998807907104,
  "summary_bg_k": 7.6894991666869235,
  "summary_bg_mad": 44.17166519165039,
  "summary_bg_mean": 210.27468872070312,
  "summary_bg_median": 149.53334045410156,
  "summary_bg_n": 104148.0,
  "summary_bg_p05": 115.11333465576172,
  "summary_bg_p95": 525.8083435058592,
  "summary_bg_stdv": 137.55044555664062,
  "summary_fg_k": 3.057925906239263,
  "summary_fg_mad": 181.51986694335938,
  "summary_fg_mean": 935.5592651367188,
  "summary_fg_median": 901.4733276367188,
  "summary_fg_n": 267867.0,
  "summary_fg_p05": 679.9286926269532,
  "summary_fg_p95": 1302.7713378906249,
  "summary_fg_stdv": 209.5853271484375,
  "tsnr": 23.667314529418945
}