{
  "aor": 0.0007382666666666667,
  "aqi": 0.0037857920000000005,
  "bids_meta": {
    "CogAtlasID": "trm_54e69c642d89b",
    "EPI_Factor": 64,
    "EchoTime": 0.035,
    "EffectiveEchoSpacing": 0.00086,
    "FlipAngle": 87.0,
    "MRAcquisitionType": "2D",
    "MagneticFieldStrength": 3,
    "Manufacturer": "Siemens",
    "ManufacturerModelName": "Trio",
    "PartialFourier": "6/8",
    "PhaseEncodingDirection": "j-",
    "PixelBandwidth": 1260.0,
    "ReceiveCoilName": "12 channel head coil",
    "RepetitionTime": 3.0,
    "ScanningSequence": "EPI",
    "SliceTiming": [
      0.0,
      1.54286,
      0.08571,
      1.62857,
      0.17143,
      1.71429,
      0.25714,
      1.8,
      0.34286,
      1.88571,
      0.42857,
      1.97143,
      0.51429,
      2.05714,
      0.6,
      2.14286,
      0.68571,
      2.22857,
      0.77143,
      2.31429,
      0.85714,
      2.4,
      0.94286,
      2.48571,
      1.02857,
      2.57143,
      1.11429,
      2.65714,
      1.2,
      2.74286,
      1.28571,
      2.82857,
      1.37143,
      2.91429,
      1.45714
    ],
    "TaskDescription": "Resting State fMRI",
    "TaskName": "Resting State",
    "TotalReadoutTime": 0.0,
    "acq_id": "voxelsize333",
    "modality": "bold",
    "subject_id": "control01",
    "task_id": "rest"
  },
  "dummy_trs": 0,
  "dvars_nstd": 19.3517131614094,
  "dvars_std": 1.1290314862416102,
  "dvars_vstd": 1.0112792777181208,
  "efc": 0.60498994968645,
  "fber": 649.5452880859375,
  "fd_mean": 0.12706507866594183,
  "fd_num": 25,
  "fd_perc": 16.666666666666668,
  "fwhm_avg": 2.4915722222222225,
  "fwhm_x": 2.3749266666666666,
  "fwhm_y": 2.7135,
  "fwhm_z": 2.3862900000000002,
  "gcor": 0.0375033,
  "gsr_x": 0.024264710023999214,
  "gsr_y": 0.014190685003995895,
  "provenance": {
    "md5sum": "f46bbac7a52d5a85736561eb823a0f05",
    "settings": {
      "fd_thres": 0.2,
      "hmc_fsl": false
    },
    "software": "mriqc",
    "version": "0.9.9"
  },
  "size_t": 150,
  "size_x": 64,
  "size_y": 64,
  "size_z": 35,
  "snr": 4.235707725045424,
  "spacing_tr": 3.0,
  "spacing_x": 3.0,
  "spacing_y": 3.0,
  "spacing_z": 3.0,
  "summary_bg_k": 51.07718753677456,
  "summary_bg_mad": 15.720524787902832,
  "summary_bg_mean": 53.552772521972656,
  "summary_bg_median": 29.770000457763672,
  "summary_bg_n": 68126.0,
  "summary_bg_p05": 17.873332977294922,
  "summary_bg_p95": 174.43833541870117,
  "summary_bg_stdv": 74.7503662109375,
  "summary_fg_k": 2.405190335450909,
  "summary_fg_mad": 131.93186950683594,
  "summary_fg_mean": 782.7599487304688,
  "summary_fg_median": 795.4600219726562,
  "summary_fg_n": 42240.0,
  "summary_fg_p05": 416.34333343505864,
  "summary_fg_p95": 1050.7537475585937,
  "summary_fg_stdv": 187.79638671875,
  "tsnr": 80.63700866699219
}