{
  "bids_meta": {
    "EchoTime": 0.00227,
    "FlipAngle": 9.0,
    "InversionTime": 0.9,
    "MRAcquisitionType": "3D",
    "MagneticFieldStrength": 3,
    "Manufacturer": "Siemens",
    "ManufacturerModelName": "Trio",
    "ReceiveCoilName": "12 channel head coil",
    "RepetitionTime": 1.9,
    "ScanningSequence": "MPRAGE",
    "modality": "T1w",
    "subject_id": "phantom02"
  },
  "cjv": 3.097861033748362,
  "cnr": 0.4618853537870755,
  "efc": 0.597504645227264,
  "fber": 36963.19921875,
  "fwhm_avg": 17.871166666666667,
  "fwhm_x": 18.1513,
  "fwhm_y": 15.9613,
  "fwhm_z": 19.5009,
  "icvs_csf": 0.2160034464255251,
  "icvs_gm": 0.41784318416580973,
  "icvs_wm": 0.36615336940866516,
  "inu_med": 0.3258558511734009,
  "inu_range": 0.31039738357067115,
  "provenance": {
    "md5sum": "f52b5d89072ebc691011459c8ac95bcc",
    "settings": {
      "testing": false
    },
    "software": "mriqc",
    "version": "0.9.9",
    "warnings": {
      "large_rot_frame": false,
      "small_air_mask": false
    }
  },
  "qi_1": 0.0,
  "qi_2": 0.06386379483591545,
  "rpve_csf": 7.583089285864746,
  "rpve_gm": 4.1976635322417515,
  "rpve_wm": 5.7695572298539215,
  "size_x": 176,
  "size_y": 192,
  "size_z": 192,
  "snr_csf": 16.70631974910752,
  "snr_gm": 66.34545918663612,
  "snr_total": 63.076507361938035,
  "snr_wm": 106.17774315007047,
  "snrd_csf": 406.00969481052147,
  "snrd_gm": 423.74165462912947,
  "snrd_total": 418.9982716708937,
  "snrd_wm": 427.2434655730303,
  "spacing_x": 1.0,
  "spacing_y": 1.0,
  "spacing_z": 1.0,
  "summary_bg_k": 1.520993365020277,
  "summary_bg_mad": 1.533402919769287,
  "summary_bg_mean": 3.4531028270721436,
  "summary_bg_median": 3.178267478942871,
  "summary_bg_n": 1038847.0,
  "summary_bg_p05": 1.3074485421180726,
  "summary_bg_p95": 6.541846847534179,
  "summary_bg_stdv": 1.6489403247833252,
  "summary_csf_k": 0.6113465958708768,
  "summary_csf_mad": 43.721832275390625,
  "summary_csf_mean": 934.2000122070312,
  "summary_csf_median": 950.300537109375,
  "summary_csf_n": 213486.0,
  "summary_csf_p05": 809.8008575439453,
  "summary_csf_p95": 999.0055694580078,
  "summary_csf_stdv": 56.882564544677734,
  "summary_gm_k": 0.16554682071648585,
  "summary_gm_mad": 16.212657928466797,
  "summary_gm_mean": 991.5086059570312,
  "summary_gm_median": 991.8037109375,
  "summary_gm_n": 399336.0,
  "summary_gm_p05": 966.3859405517578,
  "summary_gm_p95": 1014.49462890625,
  "summary_gm_stdv": 14.949063301086426,
  "summary_wm_k": 0.4394475441037673,
  "summary_wm_mad": 9.178306579589844,
  "summary_wm_mean": 999.2260131835938,
  "summary_wm_median": 1000.0,
  "summary_wm_n": 643093.0,
  "summary_wm_p05": 982.6713256835938,
  "summary_wm_p95": 1013.2245483398438,
  "summary_wm_stdv": 9.41816234588623,
  "tpm_overlap_csf": 0.1279224455356598,
  "tpm_overlap_gm": 0.3941000699996948,
  "tpm_overlap_wm": 0.34190136194229126,
  "wm2max": 0.9398986479247012
}