{
  "aor": 0.0005301333333333334,
  "aqi": 0.026423982,
  "bids_meta": {
    "CogAtlasID": "trm_54e69c642d89b",
    "EPI_Factor": 128,
    "EchoTime": 0.035,
    "EffectiveEchoSpacing": 0.00086,
    "FlipAngle": 87.0,
    "MRAcquisitionType": "2D",
    "MagneticFieldStrength": 3,
    "Manufacturer": "Siemens",
    "ManufacturerModelName": "Trio",
    "PartialFourier": "6/8",
    "PhaseEncodingDirection": "j-",
    "PixelBandwidth": 1260.0,
    "ReceiveCoilName": "12 channel head coil",
    "RepetitionTime": 3.0,
    "ScanningSequence": "EPI",
    "SliceTiming": [
      0.0,
      1.55556,
      0.11111,
      1.66667,
      0.22222,
      1.77778,
      0.33333,
      1.88889,
      0.44444,
      2.0,
      0.55556,
      2.11111,
      0.66667,
      2.22222,
      0.77778,
      2.33333,
      0.88889,
      2.44444,
      1.0,
      2.55556,
      1.11111,
      2.66667,
      1.22222,
      2.77778,
      1.33333,
      2.88889,
      1.44444
    ],
    "TaskDescription": "Resting State fMRI",
    "TaskName": "Resting State",
    "TotalReadoutTime": 0.0,
    "acq_id": "voxelsize112",
    "modality": "bold",
    "subject_id": "control06",
    "task_id": "rest"
  },
  "dummy_trs": 0,
  "dvars_nstd": 57.07049698805368,
  "dvars_std": 1.0331384877852352,
  "dvars_vstd": 1.0191053383892625,
  "efc": 0.8272832952360389,
  "fber": 45.51649856567383,
  "fd_mean": 0.07124538734250825,
  "fd_num": 3,
  "fd_perc": 2.0,
  "fwhm_avg": 2.3889951851851854,
  "fwhm_x": 2.241603950617284,
  "fwhm_y": 2.7814716049382717,
  "fwhm_z": 2.14391,
  "gcor": 0.0026762,
  "gsr_x": -0.011053402908146381,
  "gsr_y": 0.04039732366800308,
  "provenance": {
    "md5sum": "dd39071d21925e6641f7b5e572146175",
    "settings": {
      "fd_thres": 0.2,
      "hmc_fsl": false
    },
    "software": "mriqc",
    "version": "0.9.9"
  },
  "size_t": 150,
  "size_x": 128,
  "size_y": 128,
  "size_z": 27,
  "snr": 4.737176114522256,
  "spacing_tr": 3.0,
  "spacing_x": 1.265625,
  "spacing_y": 1.265625,
  "spacing_z": 2.0,
  "summary_bg_k": 18.09535774853345,
  "summary_bg_mad": 13.807966232299805,
  "summary_bg_mean": 148.72268676757812,
  "summary_bg_median": 118.1933364868164,
  "summary_bg_n": 128055.0,
  "summary_bg_p05": 107.25333404541016,
  "summary_bg_p95": 301.1959960937494,
  "summary_bg_stdv": 81.130615234375,
  "summary_fg_k": 3.1728141480023773,
  "summary_fg_mad": 148.9718475341797,
  "summary_fg_mean": 834.0604858398438,
  "summary_fg_median": 808.3200073242188,
  "summary_fg_n": 241572.0,
  "summary_fg_p05": 619.9400024414062,
  "summary_fg_p95": 1109.786016845703,
  "summary_fg_stdv": 170.63294982910156,
  "tsnr": 25.16172981262207
}