{
  "aor": 0.0005240666666666665,
  "aqi": 0.03491730666666667,
  "bids_meta": {
    "CogAtlasID": "trm_54e69c642d89b",
    "EPI_Factor": 128,
    "EchoTime": 0.035,
    "EffectiveEchoSpacing": 0.00086,
    "FlipAngle": 87.0,
    "MRAcquisitionType": "2D",
    "MagneticFieldStrength": 3,
    "Manufacturer": "Siemens",
    "ManufacturerModelName": "Trio",
    "PartialFourier": "6/8",
    "PhaseEncodingDirection": "j-",
    "PixelBandwidth": 1260.0,
    "ReceiveCoilName": "12 channel head coil",
    "RepetitionTime": 3.0,
    "ScanningSequence": "EPI",
    "SliceTiming": [
      1.5,
      0.0,
      1.60714,
      0.10714,
      1.71429,
      0.21429,
      1.82143,
      0.32143,
      1.92857,
      0.42857,
      2.03571,
      0.53571,
      2.14286,
      0.64286,
      2.25,
      0.75,
      2.35714,
      0.85714,
      2.46429,
      0.96429,
      2.57143,
      1.07143,
      2.67857,
      1.17857,
      2.78571,
      1.28571,
      2.89286,
      1.39286
    ],
    "TaskDescription": "Resting State fMRI",
    "TaskName": "Resting State",
    "TotalReadoutTime": 0.0,
    "acq_id": "voxelsize112",
    "modality": "bold",
    "subject_id": "control01",
    "task_id": "rest"
  },
  "dummy_trs": 0,
  "dvars_nstd": 60.599907842885905,
  "dvars_std": 1.0328512687919464,
  "dvars_vstd": 1.0189863379865771,
  "efc": 0.856171301813271,
  "fber": 35.99714660644531,
  "fd_mean": 0.0757609896210598,
  "fd_num": 9,
  "fd_perc": 6.0,
  "fwhm_avg": 2.3711296502057615,
  "fwhm_x": 2.2675832098765434,
  "fwhm_y": 2.8092207407407406,
  "fwhm_z": 2.036585,
  "gcor": 0.00310809,
  "gsr_x": 0.045006778091192245,
  "gsr_y": -0.012667679227888584,
  "provenance": {
    "md5sum": "0e3b63852cf9f6e668e76d08aa59911b",
    "settings": {
      "fd_thres": 0.2,
      "hmc_fsl": false
    },
    "software": "mriqc",
    "version": "0.9.9"
  },
  "size_t": 150,
  "size_x": 128,
  "size_y": 128,
  "size_z": 28,
  "snr": 5.141159847530888,
  "spacing_tr": 3.0,
  "spacing_x": 1.265625,
  "spacing_y": 1.265625,
  "spacing_z": 2.0,
  "summary_bg_k": 3.6514576983179268,
  "summary_bg_mad": 35.572566986083984,
  "summary_bg_mean": 200.36802673339844,
  "summary_bg_median": 143.1666717529297,
  "summary_bg_n": 119454.0,
  "summary_bg_p05": 116.53333282470703,
  "summary_bg_p95": 497.7133483886719,
  "summary_bg_stdv": 122.33807373046875,
  "summary_fg_k": 3.4333016429809033,
  "summary_fg_mad": 130.0934600830078,
  "summary_fg_mean": 859.9063720703125,
  "summary_fg_median": 851.4400024414062,
  "summary_fg_n": 263980.0,
  "summary_fg_p05": 617.5990356445312,
  "summary_fg_p95": 1118.166748046875,
  "summary_fg_stdv": 165.61212158203125,
  "tsnr": 23.443706512451172
}