{
  "aor": 0.0024035999999999997,
  "aqi": 0.0024063997866666667,
  "bids_meta": {
    "CogAtlasID": "trm_54e69c642d89b",
    "EPI_Factor": 64,
    "EchoTime": 0.035,
    "EffectiveEchoSpacing": 0.00086,
    "FlipAngle": 87.0,
    "MRAcquisitionType": "2D",
    "MagneticFieldStrength": 3,
    "Manufacturer": "Siemens",
    "ManufacturerModelName": "Trio",
    "PartialFourier": "6/8",
    "PhaseEncodingDirection": "j-",
    "PixelBandwidth": 1260.0,
    "ReceiveCoilName": "12 channel head coil",
    "RepetitionTime": 3.0,
    "ScanningSequence": "EPI",
    "SliceTiming": [
      1.5,
      0.0,
      1.625,
      0.125,
      1.75,
      0.25,
      1.875,
      0.375,
      2.0,
      0.5,
      2.125,
      0.625,
      2.25,
      0.75,
      2.375,
      0.875,
      2.5,
      1.0,
      2.625,
      1.125,
      2.75,
      1.25,
      2.875,
      1.375
    ],
    "TaskDescription": "Resting State fMRI",
    "TaskName": "Resting State",
    "TotalReadoutTime": 0.0,
    "acq_id": "voxelsize555",
    "modality": "bold",
    "subject_id": "control06",
    "task_id": "rest"
  },
  "dummy_trs": 0,
  "dvars_nstd": 10.927574403825504,
  "dvars_std": 1.1664941022147648,
  "dvars_vstd": 0.9772579083892614,
  "efc": 0.31476235228809973,
  "fber": 20644.931640625,
  "fd_mean": 0.07724698641937541,
  "fd_num": 1,
  "fd_perc": 0.6666666666666666,
  "fwhm_avg": 2.569846666666667,
  "fwhm_x": 2.43414,
  "fwhm_y": 2.86544,
  "fwhm_z": 2.40996,
  "gcor": 0.0619961,
  "gsr_x": -0.009612775407731533,
  "gsr_y": 0.005345077719539404,
  "provenance": {
    "md5sum": "a500b2ce489a821c9bfcf8e72e09b089",
    "settings": {
      "fd_thres": 0.2,
      "hmc_fsl": false
    },
    "software": "mriqc",
    "version": "0.9.9"
  },
  "size_t": 150,
  "size_x": 64,
  "size_y": 64,
  "size_z": 24,
  "snr": 3.753358035387051,
  "spacing_tr": 3.0,
  "spacing_x": 5.0,
  "spacing_y": 5.0,
  "spacing_z": 5.0,
  "summary_bg_k": 483.5334937703708,
  "summary_bg_mad": 3.3704495429992676,
  "summary_bg_mean": 9.980551719665527,
  "summary_bg_median": 5.220000267028809,
  "summary_bg_n": 69529.0,
  "summary_bg_p05": 2.626666784286499,
  "summary_bg_p95": 29.584000778198185,
  "summary_bg_stdv": 19.621261596679688,
  "summary_fg_k": 1.5713574599543554,
  "summary_fg_mad": 151.53680419921875,
  "summary_fg_mean": 756.0072021484375,
  "summary_fg_median": 785.6033935546875,
  "summary_fg_n": 9060.0,
  "summary_fg_p05": 309.6323501586914,
  "summary_fg_p95": 1035.0107116699219,
  "summary_fg_stdv": 209.29525756835938,
  "tsnr": 101.15132904052734
}