{
  "aor": 0.0005000666666666666,
  "aqi": 0.032677995333333335,
  "bids_meta": {
    "CogAtlasID": "trm_54e69c642d89b",
    "EPI_Factor": 128,
    "EchoTime": 0.035,
    "EffectiveEchoSpacing": 0.00086,
    "FlipAngle": 87.0,
    "MRAcquisitionType": "2D",
    "MagneticFieldStrength": 3,
    "Manufacturer": "Siemens",
    "ManufacturerModelName": "Trio",
    "PartialFourier": "6/8",
    "PhaseEncodingDirection": "j-",
    "PixelBandwidth": 1260.0,
    "ReceiveCoilName": "12 channel head coil",
    "RepetitionTime": 3.0,
    "ScanningSequence": "EPI",
    "SliceTiming": [
      0.0,
      1.55556,
      0.11111,
      1.66667,
      0.22222,
      1.77778,
      0.33333,
      1.88889,
      0.44444,
      2.0,
      0.55556,
      2.11111,
      0.66667,
      2.22222,
      0.77778,
      2.33333,
      0.88889,
      2.44444,
      1.0,
      2.55556,
      1.11111,
      2.66667,
      1.22222,
      2.77778,
      1.33333,
      2.88889,
      1.44444
    ],
    "TaskDescription": "Resting State fMRI",
    "TaskName": "Resting State",
    "TotalReadoutTime": 0.0,
    "acq_id": "voxelsize112",
    "modality": "bold",
    "subject_id": "control10",
    "task_id": "rest"
  },
  "dummy_trs": 0,
  "dvars_nstd": 64.8709128718792,
  "dvars_std": 1.0255806291275167,
  "dvars_vstd": 1.0065610971812076,
  "efc": 0.845633127205204,
  "fber": 34.692138671875,
  "fd_mean": 0.11814401901660064,
  "fd_num": 25,
  "fd_perc": 16.666666666666668,
  "fwhm_avg": 2.3454229218106994,
  "fwhm_x": 2.210378271604938,
  "fwhm_y": 2.7660404938271608,
  "fwhm_z": 2.05985,
  "gcor": 0.0069183,
  "gsr_x": 0.0058954074047505856,
  "gsr_y": 0.011745410971343517,
  "provenance": {
    "md5sum": "d4834012160dd8e4623551968b86a1ee",
    "settings": {
      "fd_thres": 0.2,
      "hmc_fsl": false
    },
    "software": "mriqc",
    "version": "0.9.9"
  },
  "size_t": 150,
  "size_x": 128,
  "size_y": 128,
  "size_z": 27,
  "snr": 4.342220238131115,
  "spacing_tr": 3.0,
  "spacing_x": 1.265625,
  "spacing_y": 1.265625,
  "spacing_z": 2.0,
  "summary_bg_k": 9.59653067871806,
  "summary_bg_mad": 23.8995418548584,
  "summary_bg_mean": 168.8092498779297,
  "summary_bg_median": 128.34666442871094,
  "summary_bg_n": 116142.0,
  "summary_bg_p05": 109.0,
  "summary_bg_p95": 415.23468627929657,
  "summary_bg_stdv": 98.87920379638672,
  "summary_fg_k": 2.431733856797292,
  "summary_fg_mad": 154.74417114257812,
  "summary_fg_mean": 785.0381469726562,
  "summary_fg_median": 763.2266845703125,
  "summary_fg_n": 253481.0,
  "summary_fg_p05": 555.2066650390625,
  "summary_fg_p95": 1078.9266357421875,
  "summary_fg_stdv": 175.76841735839844,
  "tsnr": 21.271883010864258
}