{
  "aor": 0.0006778,
  "aqi": 0.01194102673333333,
  "bids_meta": {
    "CogAtlasID": "trm_54e69c642d89b",
    "EPI_Factor": 128,
    "EchoTime": 0.035,
    "EffectiveEchoSpacing": 0.00086,
    "FlipAngle": 87.0,
    "MRAcquisitionType": "2D",
    "MagneticFieldStrength": 3,
    "Manufacturer": "Siemens",
    "ManufacturerModelName": "Trio",
    "PartialFourier": "6/8",
    "PhaseEncodingDirection": "j-",
    "PixelBandwidth": 1260.0,
    "ReceiveCoilName": "12 channel head coil",
    "RepetitionTime": 3.0,
    "ScanningSequence": "EPI",
    "SliceTiming": [
      0.0,
      1.55556,
      0.11111,
      1.66667,
      0.22222,
      1.77778,
      0.33333,
      1.88889,
      0.44444,
      2.0,
      0.55556,
      2.11111,
      0.66667,
      2.22222,
      0.77778,
      2.33333,
      0.88889,
      2.44444,
      1.0,
      2.55556,
      1.11111,
      2.66667,
      1.22222,
      2.77778,
      1.33333,
      2.88889,
      1.44444
    ],
    "TaskDescription": "Resting State fMRI",
    "TaskName": "Resting State",
    "TotalReadoutTime": 0.0,
    "acq_id": "voxelsize222",
    "modality": "bold",
    "subject_id": "control08",
    "task_id": "rest"
  },
  "dummy_trs": 0,
  "dvars_nstd": 39.891732132281874,
  "dvars_std": 1.1658758510067115,
  "dvars_vstd": 1.0111153884563755,
  "efc": 0.5658432689790748,
  "fber": 338.22393798828125,
  "fd_mean": 0.10735758146905153,
  "fd_num": 9,
  "fd_perc": 6.0,
  "fwhm_avg": 2.40065342428506,
  "fwhm_x": 2.0999651251676754,
  "fwhm_y": 2.62421,
  "fwhm_z": 2.4777851476875035,
  "gcor": 0.0271797,
  "gsr_x": -0.00814313068985939,
  "gsr_y": 0.01499866507947445,
  "provenance": {
    "md5sum": "5bf36561d57fc9aa6aadb878cf427676",
    "settings": {
      "fd_thres": 0.2,
      "hmc_fsl": false
    },
    "software": "mriqc",
    "version": "0.9.9"
  },
  "size_t": 150,
  "size_x": 128,
  "size_y": 128,
  "size_z": 27,
  "snr": 4.405476122624104,
  "spacing_tr": 3.0,
  "spacing_x": 1.9999998807907104,
  "spacing_y": 2.0,
  "spacing_z": 1.9999998807907104,
  "summary_bg_k": 33.736564016841776,
  "summary_bg_mad": 2.0657591819763184,
  "summary_bg_mean": 58.54948806762695,
  "summary_bg_median": 43.56666946411133,
  "summary_bg_n": 280475.0,
  "summary_bg_p05": 41.71333312988281,
  "summary_bg_p95": 140.81067199707016,
  "summary_bg_stdv": 50.50188446044922,
  "summary_fg_k": 2.4755214929943943,
  "summary_fg_mad": 149.73297119140625,
  "summary_fg_mean": 826.199951171875,
  "summary_fg_median": 819.106689453125,
  "summary_fg_n": 98870.0,
  "summary_fg_p05": 541.042660522461,
  "summary_fg_p95": 1126.445031738281,
  "summary_fg_stdv": 185.9282684326172,
  "tsnr": 45.639190673828125
}