{
  "bids_meta": {
    "EchoTime": 0.00227,
    "FlipAngle": 9.0,
    "InversionTime": 0.9,
    "MRAcquisitionType": "3D",
    "MagneticFieldStrength": 3,
    "Manufacturer": "Siemens",
    "ManufacturerModelName": "Trio",
    "ReceiveCoilName": "12 channel head coil",
    "RepetitionTime": 1.9,
    "ScanningSequence": "MPRAGE",
    "modality": "T1w",
    "subject_id": "control04"
  },
  "cjv": 0.3155630848713006,
  "cnr": 4.034134261788287,
  "efc": 0.6186405243695291,
  "fber": 1836.0069580078125,
  "fwhm_avg": 4.117806666666667,
  "fwhm_x": 4.10408,
  "fwhm_y": 4.18931,
  "fwhm_z": 4.06003,
  "icvs_csf": 0.2074937486106817,
  "icvs_gm": 0.41060256976255083,
  "icvs_wm": 0.38190368162676747,
  "inu_med": 0.9093617796897888,
  "inu_range": 0.2872030436992645,
  "provenance": {
    "md5sum": "2f432fc151d542274f801be510b9cafe",
    "settings": {
      "testing": false
    },
    "software": "mriqc",
    "version": "0.9.9",
    "warnings": {
      "large_rot_frame": false,
      "small_air_mask": false
    }
  },
  "qi_1": 0.0,
  "qi_2": 0.020343104531924342,
  "rpve_csf": 15.960836127488252,
  "rpve_gm": 8.398174209465195,
  "rpve_wm": 11.15249678451003,
  "size_x": 176,
  "size_y": 192,
  "size_z": 192,
  "snr_csf": 3.47533415175956,
  "snr_gm": 14.381466218855598,
  "snr_total": 16.12977809431568,
  "snr_wm": 30.53253391233187,
  "snrd_csf": 44.474114090686214,
  "snrd_gm": 76.31131145715078,
  "snrd_total": 74.1874414191927,
  "snrd_wm": 101.7768987097411,
  "spacing_x": 1.0,
  "spacing_y": 1.0,
  "spacing_z": 1.0,
  "summary_bg_k": 2.222575364271992,
  "summary_bg_mad": 6.437101364135742,
  "summary_bg_mean": 16.890647888183594,
  "summary_bg_median": 15.877588272094727,
  "summary_bg_n": 1432231.0,
  "summary_bg_p05": 6.313801050186157,
  "summary_bg_p95": 30.47465705871582,
  "summary_bg_stdv": 7.493919372558594,
  "summary_csf_k": -0.704077525512635,
  "summary_csf_mad": 145.69259643554688,
  "summary_csf_mean": 426.5279235839844,
  "summary_csf_median": 436.9844055175781,
  "summary_csf_n": 11785.0,
  "summary_csf_p05": 223.72813720703124,
  "summary_csf_p95": 616.0077514648435,
  "summary_csf_stdv": 125.73348236083984,
  "summary_gm_k": 0.28642707388751765,
  "summary_gm_mad": 49.657493591308594,
  "summary_gm_mean": 749.1539306640625,
  "summary_gm_median": 749.8036499023438,
  "summary_gm_n": 24088.0,
  "summary_gm_p05": 660.9587432861329,
  "summary_gm_p95": 834.41015625,
  "summary_gm_stdv": 52.135719299316406,
  "summary_wm_k": 1.047574361785883,
  "summary_wm_mad": 29.300939559936523,
  "summary_wm_mean": 999.6694946289062,
  "summary_wm_median": 1000.01806640625,
  "summary_wm_n": 203579.0,
  "summary_wm_p05": 945.4277038574219,
  "summary_wm_p95": 1051.983154296875,
  "summary_wm_stdv": 32.75246047973633,
  "tpm_overlap_csf": 0.22567115724086761,
  "tpm_overlap_gm": 0.5088984370231628,
  "tpm_overlap_wm": 0.5668947100639343,
  "wm2max": 0.47400875784849517
}