{
  "aor": 0.0005813422818791947,
  "aqi": 0.029207231543624163,
  "bids_meta": {
    "CogAtlasID": "trm_54e69c642d89b",
    "EPI_Factor": 128,
    "EchoTime": 0.035,
    "EffectiveEchoSpacing": 0.00086,
    "FlipAngle": 87.0,
    "MRAcquisitionType": "2D",
    "MagneticFieldStrength": 3,
    "Manufacturer": "Siemens",
    "ManufacturerModelName": "Trio",
    "PartialFourier": "6/8",
    "PhaseEncodingDirection": "j-",
    "PixelBandwidth": 1260.0,
    "ReceiveCoilName": "12 channel head coil",
    "RepetitionTime": 3.0,
    "ScanningSequence": "EPI",
    "SliceTiming": [
      0.0,
      1.55556,
      0.11111,
      1.66667,
      0.22222,
      1.77778,
      0.33333,
      1.88889,
      0.44444,
      2.0,
      0.55556,
      2.11111,
      0.66667,
      2.22222,
      0.77778,
      2.33333,
      0.88889,
      2.44444,
      1.0,
      2.55556,
      1.11111,
      2.66667,
      1.22222,
      2.77778,
      1.33333,
      2.88889,
      1.44444
    ],
    "TaskDescription": "Resting State fMRI",
    "TaskName": "Resting State",
    "TotalReadoutTime": 0.0,
    "acq_id": "voxelsize112",
    "modality": "bold",
    "subject_id": "control13",
    "task_id": "rest"
  },
  "dummy_trs": 1,
  "dvars_nstd": 54.20741047783782,
  "dvars_std": 1.022647515,
  "dvars_vstd": 1.010885295743243,
  "efc": 0.8112341031052153,
  "fber": 49.89613342285156,
  "fd_mean": 0.040361062728805554,
  "fd_num": 0,
  "fd_perc": 0.0,
  "fwhm_avg": 2.309223949636368,
  "fwhm_x": 2.221226666666667,
  "fwhm_y": 2.684555061728395,
  "fwhm_z": 2.0218901205140423,
  "gcor": 0.00251124,
  "gsr_x": 0.0074015408754348755,
  "gsr_y": 0.024879494681954384,
  "provenance": {
    "md5sum": "bb42dee0ff38819695bd31676a0a74e7",
    "settings": {
      "fd_thres": 0.2,
      "hmc_fsl": false
    },
    "software": "mriqc",
    "version": "0.9.9"
  },
  "size_t": 149,
  "size_x": 128,
  "size_y": 128,
  "size_z": 27,
  "snr": 4.91858217139546,
  "spacing_tr": 3.0,
  "spacing_x": 1.265625,
  "spacing_y": 1.265625,
  "spacing_z": 1.9999998807907104,
  "summary_bg_k": 11.885809077156303,
  "summary_bg_mad": 13.353374481201172,
  "summary_bg_mean": 156.4860076904297,
  "summary_bg_median": 119.22818756103516,
  "summary_bg_n": 145436.0,
  "summary_bg_p05": 108.79194641113281,
  "summary_bg_p95": 354.0738220214844,
  "summary_bg_stdv": 86.28303527832031,
  "summary_fg_k": 3.3841174416126645,
  "summary_fg_mad": 143.1407470703125,
  "summary_fg_mean": 872.0870971679688,
  "summary_fg_median": 854.2818603515625,
  "summary_fg_n": 224144.0,
  "summary_fg_p05": 655.0953277587892,
  "summary_fg_p95": 1163.058410644531,
  "summary_fg_stdv": 173.68418884277344,
  "tsnr": 25.636903762817383
}