{
  "aor": 0.0044744,
  "aqi": 0.0089064842,
  "bids_meta": {
    "CogAtlasID": "trm_54e69c642d89b",
    "EPI_Factor": 64,
    "EchoTime": 0.035,
    "EffectiveEchoSpacing": 0.00086,
    "FlipAngle": 87.0,
    "MRAcquisitionType": "2D",
    "MagneticFieldStrength": 3,
    "Manufacturer": "Siemens",
    "ManufacturerModelName": "Trio",
    "PartialFourier": "6/8",
    "PhaseEncodingDirection": "j-",
    "PixelBandwidth": 1260.0,
    "ReceiveCoilName": "12 channel head coil",
    "RepetitionTime": 3.0,
    "ScanningSequence": "EPI",
    "SliceTiming": [
      0.0,
      1.54286,
      0.08571,
      1.62857,
      0.17143,
      1.71429,
      0.25714,
      1.8,
      0.34286,
      1.88571,
      0.42857,
      1.97143,
      0.51429,
      2.05714,
      0.6,
      2.14286,
      0.68571,
      2.22857,
      0.77143,
      2.31429,
      0.85714,
      2.4,
      0.94286,
      2.48571,
      1.02857,
      2.57143,
      1.11429,
      2.65714,
      1.2,
      2.74286,
      1.28571,
      2.82857,
      1.37143,
      2.91429,
      1.45714
    ],
    "TaskDescription": "Resting State fMRI",
    "TaskName": "Resting State",
    "TotalReadoutTime": 0.0,
    "acq_id": "voxelsize333",
    "modality": "bold",
    "subject_id": "control14",
    "task_id": "rest"
  },
  "dummy_trs": 0,
  "dvars_nstd": 18.06937961429529,
  "dvars_std": 1.2011289079194631,
  "dvars_vstd": 1.054263604161074,
  "efc": 0.5561464732798305,
  "fber": 1213.5723876953125,
  "fd_mean": 0.050793711645680084,
  "fd_num": 0,
  "fd_perc": 0.0,
  "fwhm_avg": 2.513537706438353,
  "fwhm_x": 2.364053333333333,
  "fwhm_y": 2.6929731193150586,
  "fwhm_z": 2.4835866666666666,
  "gcor": 0.0444415,
  "gsr_x": -6.673965253867209e-05,
  "gsr_y": 0.02421342395246029,
  "provenance": {
    "md5sum": "560dd0fee76f16bdb6212f638f4c8c9e",
    "settings": {
      "fd_thres": 0.2,
      "hmc_fsl": false
    },
    "software": "mriqc",
    "version": "0.9.9"
  },
  "size_t": 150,
  "size_x": 64,
  "size_y": 64,
  "size_z": 35,
  "snr": 4.598825935097124,
  "spacing_tr": 3.0,
  "spacing_x": 3.0,
  "spacing_y": 3.000000238418579,
  "spacing_z": 3.0,
  "summary_bg_k": 71.77157756350125,
  "summary_bg_mad": 6.651940822601318,
  "summary_bg_mean": 37.41239547729492,
  "summary_bg_median": 21.453332901000977,
  "summary_bg_n": 75480.0,
  "summary_bg_p05": 16.566667556762695,
  "summary_bg_p95": 103.20067100524906,
  "summary_bg_stdv": 53.84914016723633,
  "summary_fg_k": 2.586242051765627,
  "summary_fg_mad": 125.55177307128906,
  "summary_fg_mean": 776.0916748046875,
  "summary_fg_median": 783.0233154296875,
  "summary_fg_n": 36432.0,
  "summary_fg_p05": 462.78733215332034,
  "summary_fg_p95": 1019.8563537597656,
  "summary_fg_stdv": 170.26358032226562,
  "tsnr": 69.88650512695312
}