{
  "bids_meta": {
    "EchoTime": 0.00227,
    "FlipAngle": 9.0,
    "InversionTime": 0.9,
    "MRAcquisitionType": "3D",
    "MagneticFieldStrength": 3,
    "Manufacturer": "Siemens",
    "ManufacturerModelName": "Trio",
    "ReceiveCoilName": "12 channel head coil",
    "RepetitionTime": 1.9,
    "ScanningSequence": "MPRAGE",
    "modality": "T1w",
    "subject_id": "control10"
  },
  "cjv": 0.3255873194527496,
  "cnr": 3.963099652898187,
  "efc": 0.665248593464985,
  "fber": 1609.512939453125,
  "fwhm_avg": 3.913513333333333,
  "fwhm_x": 3.85664,
  "fwhm_y": 3.97286,
  "fwhm_z": 3.91104,
  "icvs_csf": 0.18964700414481464,
  "icvs_gm": 0.4094652978736678,
  "icvs_wm": 0.4008876979815176,
  "inu_med": 0.9781743884086609,
  "inu_range": 0.26290478706359854,
  "provenance": {
    "md5sum": "e3abd58fcb6d78e1360a140e1cc3e31a",
    "settings": {
      "testing": false
    },
    "software": "mriqc",
    "version": "0.9.9",
    "warnings": {
      "large_rot_frame": true,
      "small_air_mask": false
    }
  },
  "qi_1": 0.0,
  "qi_2": 0.010490372608837452,
  "rpve_csf": 15.942085134354521,
  "rpve_gm": 7.785392890592212,
  "rpve_wm": 9.825128479444055,
  "size_x": 176,
  "size_y": 192,
  "size_z": 192,
  "snr_csf": 3.000674623791508,
  "snr_gm": 13.711751753642925,
  "snr_total": 15.409491951039612,
  "snr_wm": 29.5160494756844,
  "snrd_csf": 29.886318555665948,
  "snrd_gm": 63.7883753374063,
  "snrd_total": 59.858424080666346,
  "snrd_wm": 85.90057834892679,
  "spacing_x": 1.0,
  "spacing_y": 1.0,
  "spacing_z": 1.0,
  "summary_bg_k": 1635.9754181695068,
  "summary_bg_mad": 7.626838207244873,
  "summary_bg_mean": 18.478429794311523,
  "summary_bg_median": 17.53911018371582,
  "summary_bg_n": 1571359.0,
  "summary_bg_p05": 7.334054708480835,
  "summary_bg_p95": 33.27935256958007,
  "summary_bg_stdv": 11.759936332702637,
  "summary_csf_k": 8.952331668681941,
  "summary_csf_mad": 100.23351287841797,
  "summary_csf_mean": 367.3216247558594,
  "summary_csf_median": 347.9246826171875,
  "summary_csf_n": 15266.0,
  "summary_csf_p05": 219.79847717285156,
  "summary_csf_p95": 574.6231689453125,
  "summary_csf_stdv": 115.94502258300781,
  "summary_gm_k": 0.24670724629210028,
  "summary_gm_mad": 52.69450378417969,
  "summary_gm_mean": 744.0352783203125,
  "summary_gm_median": 742.5989990234375,
  "summary_gm_n": 18558.0,
  "summary_gm_p05": 657.9955261230468,
  "summary_gm_p95": 834.982919311523,
  "summary_gm_stdv": 54.15639114379883,
  "summary_wm_k": 0.9639084700092346,
  "summary_wm_mad": 31.118675231933594,
  "summary_wm_mean": 1000.6206665039062,
  "summary_wm_median": 1000.0205078125,
  "summary_wm_n": 227762.0,
  "summary_wm_p05": 946.4106536865233,
  "summary_wm_p95": 1056.2649780273437,
  "summary_wm_stdv": 33.8804931640625,
  "tpm_overlap_csf": 0.22404025495052338,
  "tpm_overlap_gm": 0.4956289529800415,
  "tpm_overlap_wm": 0.5609857439994812,
  "wm2max": 0.4598319794966247
}