{
  "bids_meta": {
    "EchoTime": 0.00227,
    "FlipAngle": 9.0,
    "InversionTime": 0.9,
    "MRAcquisitionType": "3D",
    "MagneticFieldStrength": 3,
    "Manufacturer": "Siemens",
    "ManufacturerModelName": "Trio",
    "ReceiveCoilName": "12 channel head coil",
    "RepetitionTime": 1.9,
    "ScanningSequence": "MPRAGE",
    "modality": "T1w",
    "subject_id": "control08"
  },
  "cjv": 0.4000023724559972,
  "cnr": 3.241951239662897,
  "efc": 0.6716973201049004,
  "fber": 1270.159912109375,
  "fwhm_avg": 3.9587067442834427,
  "fwhm_x": 3.906580232850327,
  "fwhm_y": 4.09956,
  "fwhm_z": 3.86998,
  "icvs_csf": 0.1830787205055002,
  "icvs_gm": 0.43327897884539834,
  "icvs_wm": 0.38364230064910143,
  "inu_med": 0.9417413473129272,
  "inu_range": 0.3510937571525574,
  "provenance": {
    "md5sum": "adbe8833b2203562210967d9ef53b20f",
    "settings": {
      "testing": false
    },
    "software": "mriqc",
    "version": "0.9.9",
    "warnings": {
      "large_rot_frame": false,
      "small_air_mask": false
    }
  },
  "qi_1": 0.0,
  "qi_2": 0.01506068810661987,
  "rpve_csf": 16.35712461663002,
  "rpve_gm": 7.589135923658296,
  "rpve_wm": 10.15654725378923,
  "size_x": 176,
  "size_y": 192,
  "size_z": 192,
  "snr_csf": 2.2305695247134874,
  "snr_gm": 12.781349598295966,
  "snr_total": 12.898906977768943,
  "snr_wm": 23.684801810297373,
  "snrd_csf": 33.28574207745345,
  "snrd_gm": 70.19752712361698,
  "snrd_total": 65.2135296588287,
  "snrd_wm": 92.15731977541567,
  "spacing_x": 0.9999999403953552,
  "spacing_y": 1.0,
  "spacing_z": 1.0,
  "summary_bg_k": 1.9235882563552034,
  "summary_bg_mad": 7.10908317565918,
  "summary_bg_mean": 19.77358055114746,
  "summary_bg_median": 18.446577072143555,
  "summary_bg_n": 1239796.0,
  "summary_bg_p05": 9.260231971740723,
  "summary_bg_p95": 35.09508514404297,
  "summary_bg_stdv": 8.261038780212402,
  "summary_csf_k": 38.329674024109515,
  "summary_csf_mad": 133.67950439453125,
  "summary_csf_mean": 390.37835693359375,
  "summary_csf_median": 361.19366455078125,
  "summary_csf_n": 10544.0,
  "summary_csf_p05": 202.49878997802733,
  "summary_csf_p95": 639.1371704101563,
  "summary_csf_stdv": 161.9212188720703,
  "summary_gm_k": 0.14580959069669142,
  "summary_gm_mad": 58.311317443847656,
  "summary_gm_mean": 762.2073364257812,
  "summary_gm_median": 761.734619140625,
  "summary_gm_n": 23902.0,
  "summary_gm_p05": 664.7581817626954,
  "summary_gm_p95": 860.847720336914,
  "summary_gm_stdv": 59.596107482910156,
  "summary_wm_k": 1.340229500358844,
  "summary_wm_mad": 37.00619125366211,
  "summary_wm_mean": 1001.7077026367188,
  "summary_wm_median": 1000.0269775390625,
  "summary_wm_n": 208888.0,
  "summary_wm_p05": 935.3093688964843,
  "summary_wm_p95": 1072.6626037597655,
  "summary_wm_stdv": 42.222206115722656,
  "tpm_overlap_csf": 0.2313005030155182,
  "tpm_overlap_gm": 0.5168352723121643,
  "tpm_overlap_wm": 0.5643146634101868,
  "wm2max": 0.45350102650636465
}