{
  "aor": 0.0007486666666666667,
  "aqi": 0.005494875266666666,
  "bids_meta": {
    "CogAtlasID": "trm_54e69c642d89b",
    "EPI_Factor": 64,
    "EchoTime": 0.035,
    "EffectiveEchoSpacing": 0.00086,
    "FlipAngle": 87.0,
    "MRAcquisitionType": "2D",
    "MagneticFieldStrength": 3,
    "Manufacturer": "Siemens",
    "ManufacturerModelName": "Trio",
    "PartialFourier": "6/8",
    "PhaseEncodingDirection": "j-",
    "PixelBandwidth": 1260.0,
    "ReceiveCoilName": "12 channel head coil",
    "RepetitionTime": 3.0,
    "ScanningSequence": "EPI",
    "SliceTiming": [
      0.0,
      1.54286,
      0.08571,
      1.62857,
      0.17143,
      1.71429,
      0.25714,
      1.8,
      0.34286,
      1.88571,
      0.42857,
      1.97143,
      0.51429,
      2.05714,
      0.6,
      2.14286,
      0.68571,
      2.22857,
      0.77143,
      2.31429,
      0.85714,
      2.4,
      0.94286,
      2.48571,
      1.02857,
      2.57143,
      1.11429,
      2.65714,
      1.2,
      2.74286,
      1.28571,
      2.82857,
      1.37143,
      2.91429,
      1.45714
    ],
    "TaskDescription": "Resting State fMRI",
    "TaskName": "Resting State",
    "TotalReadoutTime": 0.0,
    "acq_id": "voxelsize333",
    "modality": "bold",
    "subject_id": "control09",
    "task_id": "rest"
  },
  "dummy_trs": 0,
  "dvars_nstd": 22.22419074402685,
  "dvars_std": 1.126600025033557,
  "dvars_vstd": 0.9845554041610739,
  "efc": 0.5810922807876019,
  "fber": 1038.6031494140625,
  "fd_mean": 0.11240882159271902,
  "fd_num": 18,
  "fd_perc": 12.0,
  "fwhm_avg": 2.3724599339471193,
  "fwhm_x": 2.2040264915063785,
  "fwhm_y": 2.6013697932617035,
  "fwhm_z": 2.311983517073275,
  "gcor": 0.0442779,
  "gsr_x": -0.00027635329752229154,
  "gsr_y": 0.028866557404398918,
  "provenance": {
    "md5sum": "03259766b63133535e8b253722c55e29",
    "settings": {
      "fd_thres": 0.2,
      "hmc_fsl": false
    },
    "software": "mriqc",
    "version": "0.9.9"
  },
  "size_t": 150,
  "size_x": 64,
  "size_y": 64,
  "size_z": 35,
  "snr": 4.123853558457805,
  "spacing_tr": 3.0,
  "spacing_x": 3.000000238418579,
  "spacing_y": 3.000000238418579,
  "spacing_z": 2.999999761581421,
  "summary_bg_k": 75.29651953059901,
  "summary_bg_mad": 7.47231388092041,
  "summary_bg_mean": 39.5595588684082,
  "summary_bg_median": 22.373332977294922,
  "summary_bg_n": 70319.0,
  "summary_bg_p05": 16.600000381469727,
  "summary_bg_p95": 113.0480026245116,
  "summary_bg_stdv": 55.273433685302734,
  "summary_fg_k": 2.194119119499039,
  "summary_fg_mad": 139.48822021484375,
  "summary_fg_mean": 768.0819702148438,
  "summary_fg_median": 764.56005859375,
  "summary_fg_n": 40664.0,
  "summary_fg_p05": 452.8153549194336,
  "summary_fg_p95": 1060.3547058105469,
  "summary_fg_stdv": 185.3971405029297,
  "tsnr": 65.8033447265625
}