{
  "aor": 0.0007406,
  "aqi": 0.006180635866666666,
  "bids_meta": {
    "CogAtlasID": "trm_54e69c642d89b",
    "EPI_Factor": 64,
    "EchoTime": 0.035,
    "EffectiveEchoSpacing": 0.00086,
    "FlipAngle": 87.0,
    "MRAcquisitionType": "2D",
    "MagneticFieldStrength": 3,
    "Manufacturer": "Siemens",
    "ManufacturerModelName": "Trio",
    "PartialFourier": "6/8",
    "PhaseEncodingDirection": "j-",
    "PixelBandwidth": 1260.0,
    "ReceiveCoilName": "12 channel head coil",
    "RepetitionTime": 3.0,
    "ScanningSequence": "EPI",
    "SliceTiming": [
      0.0,
      1.54286,
      0.08571,
      1.62857,
      0.17143,
      1.71429,
      0.25714,
      1.8,
      0.34286,
      1.88571,
      0.42857,
      1.97143,
      0.51429,
      2.05714,
      0.6,
      2.14286,
      0.68571,
      2.22857,
      0.77143,
      2.31429,
      0.85714,
      2.4,
      0.94286,
      2.48571,
      1.02857,
      2.57143,
      1.11429,
      2.65714,
      1.2,
      2.74286,
      1.28571,
      2.82857,
      1.37143,
      2.91429,
      1.45714
    ],
    "TaskDescription": "Resting State fMRI",
    "TaskName": "Resting State",
    "TotalReadoutTime": 0.0,
    "acq_id": "voxelsize333",
    "modality": "bold",
    "subject_id": "control03",
    "task_id": "rest"
  },
  "dummy_trs": 0,
  "dvars_nstd": 20.721131164429533,
  "dvars_std": 1.1279032900000001,
  "dvars_vstd": 0.97400655671141,
  "efc": 0.6291620897008162,
  "fber": 703.0745239257812,
  "fd_mean": 0.08879958822091313,
  "fd_num": 6,
  "fd_perc": 4.0,
  "fwhm_avg": 2.3338822102226247,
  "fwhm_x": 2.137693503221949,
  "fwhm_y": 2.590663127445926,
  "fwhm_z": 2.27329,
  "gcor": 0.0471781,
  "gsr_x": 0.014739610254764557,
  "gsr_y": 0.02817654237151146,
  "provenance": {
    "md5sum": "e841dad9a7c08a955cb40d4cceb5f075",
    "settings": {
      "fd_thres": 0.2,
      "hmc_fsl": false
    },
    "software": "mriqc",
    "version": "0.9.9"
  },
  "size_t": 150,
  "size_x": 64,
  "size_y": 64,
  "size_z": 35,
  "snr": 4.0042738674736755,
  "spacing_tr": 3.0,
  "spacing_x": 2.999999761581421,
  "spacing_y": 3.000000238418579,
  "spacing_z": 3.0,
  "summary_bg_k": 50.82197829907068,
  "summary_bg_mad": 15.142311096191406,
  "summary_bg_mean": 56.70024490356445,
  "summary_bg_median": 29.280000686645508,
  "summary_bg_n": 61612.0,
  "summary_bg_p05": 18.1733341217041,
  "summary_bg_p95": 183.02467193603505,
  "summary_bg_stdv": 84.918701171875,
  "summary_fg_k": 1.8403312072974698,
  "summary_fg_mad": 165.26571655273438,
  "summary_fg_mean": 863.3158569335938,
  "summary_fg_median": 844.5033569335938,
  "summary_fg_n": 48292.0,
  "summary_fg_p05": 540.4340148925781,
  "summary_fg_p95": 1227.9136901855468,
  "summary_fg_stdv": 210.8983154296875,
  "tsnr": 64.20134735107422
}