{
  "bids_meta": {
    "EchoTime": 0.00227,
    "FlipAngle": 9.0,
    "InversionTime": 0.9,
    "MRAcquisitionType": "3D",
    "MagneticFieldStrength": 3,
    "Manufacturer": "Siemens",
    "ManufacturerModelName": "Trio",
    "ReceiveCoilName": "12 channel head coil",
    "RepetitionTime": 1.9,
    "ScanningSequence": "MPRAGE",
    "modality": "T1w",
    "subject_id": "control11"
  },
  "cjv": 0.3343864341848752,
  "cnr": 3.935717227816362,
  "efc": 0.631167917737635,
  "fber": 2005.082763671875,
  "fwhm_avg": 3.9860366666666667,
  "fwhm_x": 3.92159,
  "fwhm_y": 4.04275,
  "fwhm_z": 3.99377,
  "icvs_csf": 0.18739705752163285,
  "icvs_gm": 0.40405586914226455,
  "icvs_wm": 0.4085470733361026,
  "inu_med": 0.9000927209854126,
  "inu_range": 0.25612745285034166,
  "provenance": {
    "md5sum": "ce76722813129f3cac8728f2c70321bf",
    "settings": {
      "testing": false
    },
    "software": "mriqc",
    "version": "0.9.9",
    "warnings": {
      "large_rot_frame": false,
      "small_air_mask": false
    }
  },
  "qi_1": 0.0,
  "qi_2": 0.004270306493641081,
  "rpve_csf": 17.53278724405485,
  "rpve_gm": 8.555148861007693,
  "rpve_wm": 10.584292328915408,
  "size_x": 176,
  "size_y": 192,
  "size_z": 192,
  "snr_csf": 3.2164143086947203,
  "snr_gm": 14.110619829271807,
  "snr_total": 16.175266461779056,
  "snr_wm": 31.19876524737065,
  "snrd_csf": 38.611211113120945,
  "snrd_gm": 77.85571458294804,
  "snrd_total": 73.27055210670927,
  "snrd_wm": 103.34473062405885,
  "spacing_x": 1.0,
  "spacing_y": 1.0,
  "spacing_z": 1.0,
  "summary_bg_k": 2.7626423545935195,
  "summary_bg_mad": 6.339488506317139,
  "summary_bg_mean": 15.844149589538574,
  "summary_bg_median": 14.760517120361328,
  "summary_bg_n": 1502110.0,
  "summary_bg_p05": 7.164018893241883,
  "summary_bg_p95": 28.740882587432864,
  "summary_bg_stdv": 7.03810453414917,
  "summary_csf_k": -0.3025276999726545,
  "summary_csf_mad": 130.2903289794922,
  "summary_csf_mean": 387.85235595703125,
  "summary_csf_median": 373.625,
  "summary_csf_n": 10460.0,
  "summary_csf_p05": 216.8304328918457,
  "summary_csf_p95": 578.505044555664,
  "summary_csf_stdv": 116.15641021728516,
  "summary_gm_k": 0.16834619504354764,
  "summary_gm_mad": 52.34669876098633,
  "summary_gm_mean": 752.3187866210938,
  "summary_gm_median": 753.3781127929688,
  "summary_gm_n": 19368.0,
  "summary_gm_p05": 662.4799774169921,
  "summary_gm_p95": 837.677456665039,
  "summary_gm_stdv": 53.38948059082031,
  "summary_wm_k": 0.7826409523294107,
  "summary_wm_mad": 30.128662109375,
  "summary_wm_mean": 999.7467041015625,
  "summary_wm_median": 1000.0249633789062,
  "summary_wm_n": 214772.0,
  "summary_wm_p05": 947.351156616211,
  "summary_wm_p95": 1051.0592407226563,
  "summary_wm_stdv": 32.05327606201172,
  "tpm_overlap_csf": 0.230622798204422,
  "tpm_overlap_gm": 0.5029218792915344,
  "tpm_overlap_wm": 0.5724740624427795,
  "wm2max": 0.48298891532599625
}