{
  "aor": 0.0006923999999999999,
  "aqi": 0.009517069666666666,
  "bids_meta": {
    "CogAtlasID": "trm_54e69c642d89b",
    "EPI_Factor": 128,
    "EchoTime": 0.035,
    "EffectiveEchoSpacing": 0.00086,
    "FlipAngle": 87.0,
    "MRAcquisitionType": "2D",
    "MagneticFieldStrength": 3,
    "Manufacturer": "Siemens",
    "ManufacturerModelName": "Trio",
    "PartialFourier": "6/8",
    "PhaseEncodingDirection": "j-",
    "PixelBandwidth": 1260.0,
    "ReceiveCoilName": "12 channel head coil",
    "RepetitionTime": 3.0,
    "ScanningSequence": "EPI",
    "SliceTiming": [
      0.0,
      1.55556,
      0.11111,
      1.66667,
      0.22222,
      1.77778,
      0.33333,
      1.88889,
      0.44444,
      2.0,
      0.55556,
      2.11111,
      0.66667,
      2.22222,
      0.77778,
      2.33333,
      0.88889,
      2.44444,
      1.0,
      2.55556,
      1.11111,
      2.66667,
      1.22222,
      2.77778,
      1.33333,
      2.88889,
      1.44444
    ],
    "TaskDescription": "Resting State fMRI",
    "TaskName": "Resting State",
    "TotalReadoutTime": 0.0,
    "acq_id": "voxelsize222",
    "modality": "bold",
    "subject_id": "control06",
    "task_id": "rest"
  },
  "dummy_trs": 0,
  "dvars_nstd": 31.808377579731545,
  "dvars_std": 1.108067655704698,
  "dvars_vstd": 1.0097318397315436,
  "efc": 0.5541300479518094,
  "fber": 333.60015869140625,
  "fd_mean": 0.09467727286238636,
  "fd_num": 11,
  "fd_perc": 7.333333333333333,
  "fwhm_avg": 2.3126216666666664,
  "fwhm_x": 1.96068,
  "fwhm_y": 2.451405,
  "fwhm_z": 2.52578,
  "gcor": 0.0305209,
  "gsr_x": -0.013668671250343323,
  "gsr_y": 0.01782982237637043,
  "provenance": {
    "md5sum": "af34314c01b81fffa511f4f5b06c6e0b",
    "settings": {
      "fd_thres": 0.2,
      "hmc_fsl": false
    },
    "software": "mriqc",
    "version": "0.9.9"
  },
  "size_t": 150,
  "size_x": 128,
  "size_y": 128,
  "size_z": 27,
  "snr": 4.807533092238289,
  "spacing_tr": 3.0,
  "spacing_x": 2.0,
  "spacing_y": 2.0,
  "spacing_z": 2.0,
  "summary_bg_k": 90.08351459762899,
  "summary_bg_mad": 2.2832088470458984,
  "summary_bg_mean": 52.75370407104492,
  "summary_bg_median": 42.673336029052734,
  "summary_bg_n": 285266.0,
  "summary_bg_p05": 40.59333419799805,
  "summary_bg_p95": 97.1583366394043,
  "summary_bg_stdv": 38.76612091064453,
  "summary_fg_k": 3.4077124065534923,
  "summary_fg_mad": 144.29672241210938,
  "summary_fg_mean": 817.3486938476562,
  "summary_fg_median": 795.9000244140625,
  "summary_fg_n": 95276.0,
  "summary_fg_p05": 605.5116882324219,
  "summary_fg_p95": 1085.5133056640625,
  "summary_fg_stdv": 165.55181884765625,
  "tsnr": 50.923545837402344
}