{
  "aor": 0.0005700666666666667,
  "aqi": 0.027765199333333334,
  "bids_meta": {
    "CogAtlasID": "trm_54e69c642d89b",
    "EPI_Factor": 128,
    "EchoTime": 0.035,
    "EffectiveEchoSpacing": 0.00086,
    "FlipAngle": 87.0,
    "MRAcquisitionType": "2D",
    "MagneticFieldStrength": 3,
    "Manufacturer": "Siemens",
    "ManufacturerModelName": "Trio",
    "PartialFourier": "6/8",
    "PhaseEncodingDirection": "j-",
    "PixelBandwidth": 1260.0,
    "ReceiveCoilName": "12 channel head coil",
    "RepetitionTime": 3.0,
    "ScanningSequence": "EPI",
    "SliceTiming": [
      0.0,
      1.55556,
      0.11111,
      1.66667,
      0.22222,
      1.77778,
      0.33333,
      1.88889,
      0.44444,
      2.0,
      0.55556,
      2.11111,
      0.66667,
      2.22222,
      0.77778,
      2.33333,
      0.88889,
      2.44444,
      1.0,
      2.55556,
      1.11111,
      2.66667,
      1.22222,
      2.77778,
      1.33333,
      2.88889,
      1.44444
    ],
    "TaskDescription": "Resting State fMRI",
    "TaskName": "Resting State",
    "TotalReadoutTime": 0.0,
    "acq_id": "voxelsize112",
    "modality": "bold",
    "subject_id": "control11",
    "task_id": "rest"
  },
  "dummy_trs": 0,
  "dvars_nstd": 54.281794733691285,
  "dvars_std": 1.0270992622818789,
  "dvars_vstd": 1.0138559832214762,
  "efc": 0.8150816986148224,
  "fber": 50.2569465637207,
  "fd_mean": 0.10071037491568197,
  "fd_num": 9,
  "fd_perc": 6.0,
  "fwhm_avg": 2.493510884773663,
  "fwhm_x": 2.3497955555555556,
  "fwhm_y": 2.947192098765432,
  "fwhm_z": 2.183545,
  "gcor": 0.00740665,
  "gsr_x": 0.016337109729647636,
  "gsr_y": 0.008412332274019718,
  "provenance": {
    "md5sum": "9960811c9b519dbb362ef329a22b50cc",
    "settings": {
      "fd_thres": 0.2,
      "hmc_fsl": false
    },
    "software": "mriqc",
    "version": "0.9.9"
  },
  "size_t": 150,
  "size_x": 128,
  "size_y": 128,
  "size_z": 27,
  "snr": 5.113311624988808,
  "spacing_tr": 3.0,
  "spacing_x": 1.265625,
  "spacing_y": 1.265625,
  "spacing_z": 2.0,
  "summary_bg_k": 11.855211421557627,
  "summary_bg_mad": 17.03016471862793,
  "summary_bg_mean": 156.24203491210938,
  "summary_bg_median": 122.95333862304688,
  "summary_bg_n": 139205.0,
  "summary_bg_p05": 109.10133819580079,
  "summary_bg_p95": 360.9706665039061,
  "summary_bg_stdv": 91.1417236328125,
  "summary_fg_k": 2.320409547736661,
  "summary_fg_mad": 154.1907196044922,
  "summary_fg_mean": 899.7293701171875,
  "summary_fg_median": 880.9467163085938,
  "summary_fg_n": 230507.0,
  "summary_fg_p05": 679.0133666992188,
  "summary_fg_p95": 1188.4806884765621,
  "summary_fg_stdv": 172.2845916748047,
  "tsnr": 25.430419921875
}