{
  "aor": 0.0005058,
  "aqi": 0.029024658666666668,
  "bids_meta": {
    "CogAtlasID": "trm_54e69c642d89b",
    "EPI_Factor": 128,
    "EchoTime": 0.035,
    "EffectiveEchoSpacing": 0.00086,
    "FlipAngle": 87.0,
    "MRAcquisitionType": "2D",
    "MagneticFieldStrength": 3,
    "Manufacturer": "Siemens",
    "ManufacturerModelName": "Trio",
    "PartialFourier": "6/8",
    "PhaseEncodingDirection": "j-",
    "PixelBandwidth": 1260.0,
    "ReceiveCoilName": "12 channel head coil",
    "RepetitionTime": 3.0,
    "ScanningSequence": "EPI",
    "SliceTiming": [
      0.0,
      1.55556,
      0.11111,
      1.66667,
      0.22222,
      1.77778,
      0.33333,
      1.88889,
      0.44444,
      2.0,
      0.55556,
      2.11111,
      0.66667,
      2.22222,
      0.77778,
      2.33333,
      0.88889,
      2.44444,
      1.0,
      2.55556,
      1.11111,
      2.66667,
      1.22222,
      2.77778,
      1.33333,
      2.88889,
      1.44444
    ],
    "TaskDescription": "Resting State fMRI",
    "TaskName": "Resting State",
    "TotalReadoutTime": 0.0,
    "acq_id": "voxelsize112",
    "modality": "bold",
    "subject_id": "control08",
    "task_id": "rest"
  },
  "dummy_trs": 0,
  "dvars_nstd": 62.374233169060425,
  "dvars_std": 1.0549274798657715,
  "dvars_vstd": 1.0153066583892623,
  "efc": 0.8402141798336992,
  "fber": 43.70277404785156,
  "fd_mean": 0.09228571712267924,
  "fd_num": 4,
  "fd_perc": 2.6666666666666665,
  "fwhm_avg": 2.4254858029431694,
  "fwhm_x": 2.3098153086419755,
  "fwhm_y": 2.871521975308642,
  "fwhm_z": 2.095120124878891,
  "gcor": 0.00772104,
  "gsr_x": -0.001497037592343986,
  "gsr_y": 0.019939078018069267,
  "provenance": {
    "md5sum": "959d76dd0e5bb68ec30ee6a22faccce4",
    "settings": {
      "fd_thres": 0.2,
      "hmc_fsl": false
    },
    "software": "mriqc",
    "version": "0.9.9"
  },
  "size_t": 150,
  "size_x": 128,
  "size_y": 128,
  "size_z": 27,
  "snr": 4.669276306308507,
  "spacing_tr": 3.0,
  "spacing_x": 1.265625,
  "spacing_y": 1.265625,
  "spacing_z": 1.9999998807907104,
  "summary_bg_k": 6.404338808294495,
  "summary_bg_mad": 22.40706443786621,
  "summary_bg_mean": 171.62879943847656,
  "summary_bg_median": 126.4000015258789,
  "summary_bg_n": 117732.0,
  "summary_bg_p05": 109.54000091552734,
  "summary_bg_p95": 410.81267242431636,
  "summary_bg_stdv": 98.95401000976562,
  "summary_fg_k": 2.3675742170006444,
  "summary_fg_mad": 158.28262329101562,
  "summary_fg_mean": 853.5180053710938,
  "summary_fg_median": 842.1867065429688,
  "summary_fg_n": 249494.0,
  "summary_fg_p05": 600.5110168457031,
  "summary_fg_p95": 1150.709014892578,
  "summary_fg_stdv": 180.3673553466797,
  "tsnr": 23.95416259765625
}