{
  "aor": 0.0009389333333333332,
  "aqi": 0.007020663666666666,
  "bids_meta": {
    "CogAtlasID": "trm_54e69c642d89b",
    "EPI_Factor": 64,
    "EchoTime": 0.035,
    "EffectiveEchoSpacing": 0.00086,
    "FlipAngle": 87.0,
    "MRAcquisitionType": "2D",
    "MagneticFieldStrength": 3,
    "Manufacturer": "Siemens",
    "ManufacturerModelName": "Trio",
    "PartialFourier": "6/8",
    "PhaseEncodingDirection": "j-",
    "PixelBandwidth": 1260.0,
    "ReceiveCoilName": "12 channel head coil",
    "RepetitionTime": 3.0,
    "ScanningSequence": "EPI",
    "SliceTiming": [
      0.0,
      1.54286,
      0.08571,
      1.62857,
      0.17143,
      1.71429,
      0.25714,
      1.8,
      0.34286,
      1.88571,
      0.42857,
      1.97143,
      0.51429,
      2.05714,
      0.6,
      2.14286,
      0.68571,
      2.22857,
      0.77143,
      2.31429,
      0.85714,
      2.4,
      0.94286,
      2.48571,
      1.02857,
      2.57143,
      1.11429,
      2.65714,
      1.2,
      2.74286,
      1.28571,
      2.82857,
      1.37143,
      2.91429,
      1.45714
    ],
    "TaskDescription": "Resting State fMRI",
    "TaskName": "Resting State",
    "TotalReadoutTime": 0.0,
    "acq_id": "voxelsize333",
    "modality": "bold",
    "subject_id": "control05",
    "task_id": "rest"
  },
  "dummy_trs": 0,
  "dvars_nstd": 17.251301131610745,
  "dvars_std": 1.1163086318120807,
  "dvars_vstd": 0.9735466363087247,
  "efc": 0.5697755336578284,
  "fber": 1368.976318359375,
  "fd_mean": 0.04900928910448789,
  "fd_num": 3,
  "fd_perc": 2.0,
  "fwhm_avg": 2.3005011685191303,
  "fwhm_x": 2.1381799999999997,
  "fwhm_y": 2.5962433333333332,
  "fwhm_z": 2.1670801722240585,
  "gcor": 0.0267032,
  "gsr_x": -0.005276442039757967,
  "gsr_y": 0.03426146134734154,
  "provenance": {
    "md5sum": "089c7ed355cd8176a3c7d5d9640451d1",
    "settings": {
      "fd_thres": 0.2,
      "hmc_fsl": false
    },
    "software": "mriqc",
    "version": "0.9.9"
  },
  "size_t": 150,
  "size_x": 64,
  "size_y": 64,
  "size_z": 35,
  "snr": 4.512722602949757,
  "spacing_tr": 3.0,
  "spacing_x": 3.0,
  "spacing_y": 3.0,
  "spacing_z": 2.999999761581421,
  "summary_bg_k": 133.74002334209186,
  "summary_bg_mad": 6.108322620391846,
  "summary_bg_mean": 36.01276779174805,
  "summary_bg_median": 20.746667861938477,
  "summary_bg_n": 70987.0,
  "summary_bg_p05": 16.1200008392334,
  "summary_bg_p95": 86.6980041503906,
  "summary_bg_stdv": 58.90498352050781,
  "summary_fg_k": 2.567536407714589,
  "summary_fg_mad": 139.21629333496094,
  "summary_fg_mean": 809.2103271484375,
  "summary_fg_median": 808.9666748046875,
  "summary_fg_n": 40227.0,
  "summary_fg_p05": 509.1853424072266,
  "summary_fg_p95": 1080.8700073242187,
  "summary_fg_stdv": 179.26132202148438,
  "tsnr": 73.5938949584961
}