{
  "aor": 0.0051212,
  "aqi": 0.0065277701333333335,
  "bids_meta": {
    "CogAtlasID": "trm_54e69c642d89b",
    "EPI_Factor": 64,
    "EchoTime": 0.035,
    "EffectiveEchoSpacing": 0.00086,
    "FlipAngle": 87.0,
    "MRAcquisitionType": "2D",
    "MagneticFieldStrength": 3,
    "Manufacturer": "Siemens",
    "ManufacturerModelName": "Trio",
    "PartialFourier": "6/8",
    "PhaseEncodingDirection": "j-",
    "PixelBandwidth": 1260.0,
    "ReceiveCoilName": "12 channel head coil",
    "RepetitionTime": 3.0,
    "ScanningSequence": "EPI",
    "SliceTiming": [
      1.5,
      0.0,
      1.625,
      0.125,
      1.75,
      0.25,
      1.875,
      0.375,
      2.0,
      0.5,
      2.125,
      0.625,
      2.25,
      0.75,
      2.375,
      0.875,
      2.5,
      1.0,
      2.625,
      1.125,
      2.75,
      1.25,
      2.875,
      1.375
    ],
    "TaskDescription": "Resting State fMRI",
    "TaskName": "Resting State",
    "TotalReadoutTime": 0.0,
    "acq_id": "voxelsize555",
    "modality": "bold",
    "subject_id": "control02",
    "task_id": "rest"
  },
  "dummy_trs": 0,
  "dvars_nstd": 12.181029092483223,
  "dvars_std": 1.0300482942953022,
  "dvars_vstd": 0.9193768638926175,
  "efc": 0.2968974268740158,
  "fber": 21956.93359375,
  "fd_mean": 0.11392340534465636,
  "fd_num": 11,
  "fd_perc": 7.333333333333333,
  "fwhm_avg": 2.6836734111016667,
  "fwhm_x": 2.57466,
  "fwhm_y": 3.02998,
  "fwhm_z": 2.4463802333049998,
  "gcor": 0.0212704,
  "gsr_x": -0.009403996169567108,
  "gsr_y": 0.005178730469197035,
  "provenance": {
    "md5sum": "d0d3b334eca58def1baa8ed102705879",
    "settings": {
      "fd_thres": 0.2,
      "hmc_fsl": false
    },
    "software": "mriqc",
    "version": "0.9.9"
  },
  "size_t": 150,
  "size_x": 64,
  "size_y": 64,
  "size_z": 24,
  "snr": 3.292103091213594,
  "spacing_tr": 3.0,
  "spacing_x": 5.0,
  "spacing_y": 5.0,
  "spacing_z": 4.999999523162842,
  "summary_bg_k": 447.6837782540671,
  "summary_bg_mad": 3.4989418983459473,
  "summary_bg_mean": 9.627384185791016,
  "summary_bg_median": 5.140000343322754,
  "summary_bg_n": 70463.0,
  "summary_bg_p05": 2.506666660308838,
  "summary_bg_p95": 27.458667564392012,
  "summary_bg_stdv": 20.0268611907959,
  "summary_fg_k": 0.7969854533563163,
  "summary_fg_mad": 174.9619140625,
  "summary_fg_mean": 766.8826904296875,
  "summary_fg_median": 801.9600219726562,
  "summary_fg_n": 8192.0,
  "summary_fg_p05": 253.06800613403323,
  "summary_fg_p95": 1110.3760681152344,
  "summary_fg_stdv": 243.5862579345703,
  "tsnr": 50.563880920410156
}