{
  "aor": 0.0012892666666666668,
  "aqi": 0.0015051796733333333,
  "bids_meta": {
    "CogAtlasID": "trm_54e69c642d89b",
    "EPI_Factor": 64,
    "EchoTime": 0.035,
    "EffectiveEchoSpacing": 0.00086,
    "FlipAngle": 87.0,
    "MRAcquisitionType": "2D",
    "MagneticFieldStrength": 3,
    "Manufacturer": "Siemens",
    "ManufacturerModelName": "Trio",
    "PartialFourier": "6/8",
    "PhaseEncodingDirection": "j-",
    "PixelBandwidth": 1260.0,
    "ReceiveCoilName": "12 channel head coil",
    "RepetitionTime": 3.0,
    "ScanningSequence": "EPI",
    "SliceTiming": [
      1.5,
      0.0,
      1.625,
      0.125,
      1.75,
      0.25,
      1.875,
      0.375,
      2.0,
      0.5,
      2.125,
      0.625,
      2.25,
      0.75,
      2.375,
      0.875,
      2.5,
      1.0,
      2.625,
      1.125,
      2.75,
      1.25,
      2.875,
      1.375
    ],
    "TaskDescription": "Resting State fMRI",
    "TaskName": "Resting State",
    "TotalReadoutTime": 0.0,
    "acq_id": "voxelsize555",
    "modality": "bold",
    "subject_id": "control01",
    "task_id": "rest"
  },
  "dummy_trs": 0,
  "dvars_nstd": 13.621498261610737,
  "dvars_std": 1.1629761281879194,
  "dvars_vstd": 0.9923059920134227,
  "efc": 0.3245038951832764,
  "fber": 14060.671875,
  "fd_mean": 0.24998677677827127,
  "fd_num": 77,
  "fd_perc": 51.333333333333336,
  "fwhm_avg": 2.7186133333333333,
  "fwhm_x": 2.6637399999999998,
  "fwhm_y": 3.01538,
  "fwhm_z": 2.47672,
  "gcor": 0.0749642,
  "gsr_x": -0.012167055159807205,
  "gsr_y": -0.0014135547680780292,
  "provenance": {
    "md5sum": "77ca316d3d7e7f7e75d5f1d1437f1fa0",
    "settings": {
      "fd_thres": 0.2,
      "hmc_fsl": false
    },
    "software": "mriqc",
    "version": "0.9.9"
  },
  "size_t": 150,
  "size_x": 64,
  "size_y": 64,
  "size_z": 24,
  "snr": 3.5493191098349413,
  "spacing_tr": 3.0,
  "spacing_x": 5.0,
  "spacing_y": 5.0,
  "spacing_z": 5.0,
  "summary_bg_k": 162.67031684899186,
  "summary_bg_mad": 4.724559307098389,
  "summary_bg_mean": 12.927193641662598,
  "summary_bg_median": 6.453333377838135,
  "summary_bg_n": 69417.0,
  "summary_bg_p05": 2.8600001335144043,
  "summary_bg_p95": 40.810667419433535,
  "summary_bg_stdv": 25.4451847076416,
  "summary_fg_k": 1.0763412648430863,
  "summary_fg_mad": 153.26651000976562,
  "summary_fg_mean": 761.15869140625,
  "summary_fg_median": 806.723388671875,
  "summary_fg_n": 8990.0,
  "summary_fg_p05": 269.32935028076173,
  "summary_fg_p95": 1053.6770568847655,
  "summary_fg_stdv": 227.2769775390625,
  "tsnr": 90.89396667480469
}