{
  "aor": 0.0014890666666666668,
  "aqi": 0.0059326124666666665,
  "bids_meta": {
    "CogAtlasID": "trm_54e69c642d89b",
    "EPI_Factor": 64,
    "EchoTime": 0.035,
    "EffectiveEchoSpacing": 0.00086,
    "FlipAngle": 87.0,
    "MRAcquisitionType": "2D",
    "MagneticFieldStrength": 3,
    "Manufacturer": "Siemens",
    "ManufacturerModelName": "Trio",
    "PartialFourier": "6/8",
    "PhaseEncodingDirection": "j-",
    "PixelBandwidth": 1260.0,
    "ReceiveCoilName": "12 channel head coil",
    "RepetitionTime": 3.0,
    "ScanningSequence": "EPI",
    "SliceTiming": [
      0.0,
      1.54286,
      0.08571,
      1.62857,
      0.17143,
      1.71429,
      0.25714,
      1.8,
      0.34286,
      1.88571,
      0.42857,
      1.97143,
      0.51429,
      2.05714,
      0.6,
      2.14286,
      0.68571,
      2.22857,
      0.77143,
      2.31429,
      0.85714,
      2.4,
      0.94286,
      2.48571,
      1.02857,
      2.57143,
      1.11429,
      2.65714,
      1.2,
      2.74286,
      1.28571,
      2.82857,
      1.37143,
      2.91429,
      1.45714
    ],
    "TaskDescription": "Resting State fMRI",
    "TaskName": "Resting State",
    "TotalReadoutTime": 0.0,
    "acq_id": "voxelsize333",
    "modality": "bold",
    "subject_id": "control06",
    "task_id": "rest"
  },
  "dummy_trs": 0,
  "dvars_nstd": 19.005594880872486,
  "dvars_std": 1.1458730333557046,
  "dvars_vstd": 1.0050096658389265,
  "efc": 0.5836031429868223,
  "fber": 1105.843017578125,
  "fd_mean": 0.08111096290910222,
  "fd_num": 6,
  "fd_perc": 4.0,
  "fwhm_avg": 2.36154,
  "fwhm_x": 2.1736,
  "fwhm_y": 2.5783466666666666,
  "fwhm_z": 2.3326733333333336,
  "gcor": 0.0684347,
  "gsr_x": -0.00834086537361145,
  "gsr_y": 0.03889687359333038,
  "provenance": {
    "md5sum": "0621247e2a01176584a0e41a60c73b84",
    "settings": {
      "fd_thres": 0.2,
      "hmc_fsl": false
    },
    "software": "mriqc",
    "version": "0.9.9"
  },
  "size_t": 150,
  "size_x": 64,
  "size_y": 64,
  "size_z": 35,
  "snr": 4.391305980672898,
  "spacing_tr": 3.0,
  "spacing_x": 3.0,
  "spacing_y": 3.0,
  "spacing_z": 3.0,
  "summary_bg_k": 119.05438511165733,
  "summary_bg_mad": 7.106606483459473,
  "summary_bg_mean": 37.461360931396484,
  "summary_bg_median": 21.80666732788086,
  "summary_bg_n": 69179.0,
  "summary_bg_p05": 16.53333282470703,
  "summary_bg_p95": 97.10800018310535,
  "summary_bg_stdv": 57.32363510131836,
  "summary_fg_k": 2.3162369956946787,
  "summary_fg_mad": 138.64312744140625,
  "summary_fg_mean": 771.2590942382812,
  "summary_fg_median": 765.8400268554688,
  "summary_fg_n": 41823.0,
  "summary_fg_p05": 487.5613311767578,
  "summary_fg_p95": 1044.266650390625,
  "summary_fg_stdv": 174.39706420898438,
  "tsnr": 75.79261779785156
}