{
  "aor": 0.0008282666666666668,
  "aqi": 0.026233848,
  "bids_meta": {
    "CogAtlasID": "trm_54e69c642d89b",
    "EPI_Factor": 128,
    "EchoTime": 0.035,
    "EffectiveEchoSpacing": 0.00086,
    "FlipAngle": 87.0,
    "MRAcquisitionType": "2D",
    "MagneticFieldStrength": 3,
    "Manufacturer": "Siemens",
    "ManufacturerModelName": "Trio",
    "PartialFourier": "6/8",
    "PhaseEncodingDirection": "j-",
    "PixelBandwidth": 1260.0,
    "ReceiveCoilName": "12 channel head coil",
    "RepetitionTime": 3.0,
    "ScanningSequence": "EPI",
    "SliceTiming": [
      0.0,
      1.55556,
      0.11111,
      1.66667,
      0.22222,
      1.77778,
      0.33333,
      1.88889,
      0.44444,
      2.0,
      0.55556,
      2.11111,
      0.66667,
      2.22222,
      0.77778,
      2.33333,
      0.88889,
      2.44444,
      1.0,
      2.55556,
      1.11111,
      2.66667,
      1.22222,
      2.77778,
      1.33333,
      2.88889,
      1.44444
    ],
    "TaskDescription": "Resting State fMRI",
    "TaskName": "Resting State",
    "TotalReadoutTime": 0.0,
    "acq_id": "voxelsize112",
    "modality": "bold",
    "subject_id": "control05",
    "task_id": "rest"
  },
  "dummy_trs": 0,
  "dvars_nstd": 51.42991272093959,
  "dvars_std": 1.0260686220134225,
  "dvars_vstd": 1.0190424246308725,
  "efc": 0.8121481696366323,
  "fber": 54.483116149902344,
  "fd_mean": 0.03138686333012867,
  "fd_num": 1,
  "fd_perc": 0.6666666666666666,
  "fwhm_avg": 2.352320389441761,
  "fwhm_x": 2.224316049382716,
  "fwhm_y": 2.83712,
  "fwhm_z": 1.9955251189425658,
  "gcor": 0.00368632,
  "gsr_x": -0.0024255530443042517,
  "gsr_y": 0.027236582711338997,
  "provenance": {
    "md5sum": "b0de058ee864fa7c2a33b261ea5d9577",
    "settings": {
      "fd_thres": 0.2,
      "hmc_fsl": false
    },
    "software": "mriqc",
    "version": "0.9.9"
  },
  "size_t": 150,
  "size_x": 128,
  "size_y": 128,
  "size_z": 27,
  "snr": 4.807806292581896,
  "spacing_tr": 3.0,
  "spacing_x": 1.265625,
  "spacing_y": 1.265625,
  "spacing_z": 1.9999998807907104,
  "summary_bg_k": 16.628355355282192,
  "summary_bg_mad": 11.396260261535645,
  "summary_bg_mean": 144.35125732421875,
  "summary_bg_median": 114.96666717529297,
  "summary_bg_n": 136368.0,
  "summary_bg_p05": 105.66000366210938,
  "summary_bg_p95": 299.1443389892578,
  "summary_bg_stdv": 79.78440856933594,
  "summary_fg_k": 2.305142840026247,
  "summary_fg_mad": 156.97296142578125,
  "summary_fg_mean": 880.2874145507812,
  "summary_fg_median": 863.1500244140625,
  "summary_fg_n": 233006.0,
  "summary_fg_p05": 647.7550201416016,
  "summary_fg_p95": 1172.9333801269531,
  "summary_fg_stdv": 179.5305633544922,
  "tsnr": 26.01544952392578
}