{
  "aor": 0.0007840666666666666,
  "aqi": 0.038795448,
  "bids_meta": {
    "CogAtlasID": "trm_54e69c642d89b",
    "EPI_Factor": 128,
    "EchoTime": 0.035,
    "EffectiveEchoSpacing": 0.00086,
    "FlipAngle": 87.0,
    "MRAcquisitionType": "2D",
    "MagneticFieldStrength": 3,
    "Manufacturer": "Siemens",
    "ManufacturerModelName": "Trio",
    "PartialFourier": "6/8",
    "PhaseEncodingDirection": "j-",
    "PixelBandwidth": 1260.0,
    "ReceiveCoilName": "12 channel head coil",
    "RepetitionTime": 3.0,
    "ScanningSequence": "EPI",
    "SliceTiming": [
      0.0,
      1.55556,
      0.11111,
      1.66667,
      0.22222,
      1.77778,
      0.33333,
      1.88889,
      0.44444,
      2.0,
      0.55556,
      2.11111,
      0.66667,
      2.22222,
      0.77778,
      2.33333,
      0.88889,
      2.44444,
      1.0,
      2.55556,
      1.11111,
      2.66667,
      1.22222,
      2.77778,
      1.33333,
      2.88889,
      1.44444
    ],
    "TaskDescription": "Resting State fMRI",
    "TaskName": "Resting State",
    "TotalReadoutTime": 0.0,
    "acq_id": "voxelsize112",
    "modality": "bold",
    "subject_id": "control02",
    "task_id": "rest"
  },
  "dummy_trs": 0,
  "dvars_nstd": 60.669702158724824,
  "dvars_std": 1.0184609328859064,
  "dvars_vstd": 1.0000331178523492,
  "efc": 0.8087026594911477,
  "fber": 49.51507568359375,
  "fd_mean": 0.174457229779057,
  "fd_num": 40,
  "fd_perc": 26.666666666666668,
  "fwhm_avg": 2.4195158028543586,
  "fwhm_x": 2.2754686419753085,
  "fwhm_y": 2.8924286419753087,
  "fwhm_z": 2.0906501246124582,
  "gcor": 0.00337309,
  "gsr_x": 0.003400191431865096,
  "gsr_y": 0.023562174290418625,
  "provenance": {
    "md5sum": "85a930c3bc790c6222ac3927b6dd67ca",
    "settings": {
      "fd_thres": 0.2,
      "hmc_fsl": false
    },
    "software": "mriqc",
    "version": "0.9.9"
  },
  "size_t": 150,
  "size_x": 128,
  "size_y": 128,
  "size_z": 27,
  "snr": 4.448822748756544,
  "spacing_tr": 3.0,
  "spacing_x": 1.265625,
  "spacing_y": 1.265625,
  "spacing_z": 1.9999998807907104,
  "summary_bg_k": 20.428150656450722,
  "summary_bg_mad": 16.140594482421875,
  "summary_bg_mean": 146.4127197265625,
  "summary_bg_median": 119.4866714477539,
  "summary_bg_n": 138757.0,
  "summary_bg_p05": 104.11333465576172,
  "summary_bg_p95": 312.9346801757811,
  "summary_bg_stdv": 80.51577758789062,
  "summary_fg_k": 3.800689577402035,
  "summary_fg_mad": 156.58258056640625,
  "summary_fg_mean": 880.17529296875,
  "summary_fg_median": 854.6666870117188,
  "summary_fg_n": 230668.0,
  "summary_fg_p05": 638.586669921875,
  "summary_fg_p95": 1213.4929931640625,
  "summary_fg_stdv": 192.11033630371094,
  "tsnr": 22.38665771484375
}