{
  "aor": 0.0006792666666666667,
  "aqi": 0.004286462,
  "bids_meta": {
    "CogAtlasID": "trm_54e69c642d89b",
    "EPI_Factor": 64,
    "EchoTime": 0.035,
    "EffectiveEchoSpacing": 0.00086,
    "FlipAngle": 87.0,
    "MRAcquisitionType": "2D",
    "MagneticFieldStrength": 3,
    "Manufacturer": "Siemens",
    "ManufacturerModelName": "Trio",
    "PartialFourier": "6/8",
    "PhaseEncodingDirection": "j-",
    "PixelBandwidth": 1260.0,
    "ReceiveCoilName": "12 channel head coil",
    "RepetitionTime": 3.0,
    "ScanningSequence": "EPI",
    "SliceTiming": [
      0.0,
      1.54286,
      0.08571,
      1.62857,
      0.17143,
      1.71429,
      0.25714,
      1.8,
      0.34286,
      1.88571,
      0.42857,
      1.97143,
      0.51429,
      2.05714,
      0.6,
      2.14286,
      0.68571,
      2.22857,
      0.77143,
      2.31429,
      0.85714,
      2.4,
      0.94286,
      2.48571,
      1.02857,
      2.57143,
      1.11429,
      2.65714,
      1.2,
      2.74286,
      1.28571,
      2.82857,
      1.37143,
      2.91429,
      1.45714
    ],
    "TaskDescription": "Resting State fMRI",
    "TaskName": "Resting State",
    "TotalReadoutTime": 0.0,
    "acq_id": "voxelsize333",
    "modality": "bold",
    "subject_id": "control10",
    "task_id": "rest"
  },
  "dummy_trs": 0,
  "dvars_nstd": 27.015167339127512,
  "dvars_std": 1.183536993758389,
  "dvars_vstd": 0.9998873643624153,
  "efc": 0.5939625539819793,
  "fber": 891.8843994140625,
  "fd_mean": 0.18969381311143008,
  "fd_num": 57,
  "fd_perc": 38.0,
  "fwhm_avg": 2.321656550581906,
  "fwhm_x": 2.143353162994928,
  "fwhm_y": 2.5829166666666667,
  "fwhm_z": 2.238699822084123,
  "gcor": 0.0143703,
  "gsr_x": 0.0036118854768574238,
  "gsr_y": 0.02812093310058117,
  "provenance": {
    "md5sum": "8fa5edc5f7274f8fab9adbc2a54dbc09",
    "settings": {
      "fd_thres": 0.2,
      "hmc_fsl": false
    },
    "software": "mriqc",
    "version": "0.9.9"
  },
  "size_t": 150,
  "size_x": 64,
  "size_y": 64,
  "size_z": 35,
  "snr": 3.950882537875161,
  "spacing_tr": 3.0,
  "spacing_x": 3.000000238418579,
  "spacing_y": 3.0,
  "spacing_z": 3.000000238418579,
  "summary_bg_k": 149.62059176746442,
  "summary_bg_mad": 7.669993877410889,
  "summary_bg_mean": 43.63115310668945,
  "summary_bg_median": 22.793333053588867,
  "summary_bg_n": 67497.0,
  "summary_bg_p05": 17.100000381469727,
  "summary_bg_p95": 121.57733917236312,
  "summary_bg_stdv": 78.77265167236328,
  "summary_fg_k": 1.9281106960934444,
  "summary_fg_mad": 144.38568115234375,
  "summary_fg_mean": 728.076416015625,
  "summary_fg_median": 724.6466674804688,
  "summary_fg_n": 42755.0,
  "summary_fg_p05": 408.945346069336,
  "summary_fg_p95": 1016.7720214843748,
  "summary_fg_stdv": 183.41172790527344,
  "tsnr": 79.61698150634766
}