{
  "aor": 0.0010040000000000001,
  "aqi": 0.0048522418000000005,
  "bids_meta": {
    "CogAtlasID": "trm_54e69c642d89b",
    "EPI_Factor": 64,
    "EchoTime": 0.035,
    "EffectiveEchoSpacing": 0.00086,
    "FlipAngle": 87.0,
    "MRAcquisitionType": "2D",
    "MagneticFieldStrength": 3,
    "Manufacturer": "Siemens",
    "ManufacturerModelName": "Trio",
    "PartialFourier": "6/8",
    "PhaseEncodingDirection": "j-",
    "PixelBandwidth": 1260.0,
    "ReceiveCoilName": "12 channel head coil",
    "RepetitionTime": 3.0,
    "ScanningSequence": "EPI",
    "SliceTiming": [
      0.0,
      1.54286,
      0.08571,
      1.62857,
      0.17143,
      1.71429,
      0.25714,
      1.8,
      0.34286,
      1.88571,
      0.42857,
      1.97143,
      0.51429,
      2.05714,
      0.6,
      2.14286,
      0.68571,
      2.22857,
      0.77143,
      2.31429,
      0.85714,
      2.4,
      0.94286,
      2.48571,
      1.02857,
      2.57143,
      1.11429,
      2.65714,
      1.2,
      2.74286,
      1.28571,
      2.82857,
      1.37143,
      2.91429,
      1.45714
    ],
    "TaskDescription": "Resting State fMRI",
    "TaskName": "Resting State",
    "TotalReadoutTime": 0.0,
    "acq_id": "voxelsize333",
    "modality": "bold",
    "subject_id": "control13",
    "task_id": "rest"
  },
  "dummy_trs": 0,
  "dvars_nstd": 17.671009582013422,
  "dvars_std": 1.1392639395302018,
  "dvars_vstd": 1.0155721561073825,
  "efc": 0.5645827943122632,
  "fber": 1299.1705322265625,
  "fd_mean": 0.0632923732248516,
  "fd_num": 0,
  "fd_perc": 0.0,
  "fwhm_avg": 2.4166256170807108,
  "fwhm_x": 2.2568333333333332,
  "fwhm_y": 2.6705466666666666,
  "fwhm_z": 2.322496851242133,
  "gcor": 0.0179759,
  "gsr_x": 0.005521484650671482,
  "gsr_y": 0.028086867183446884,
  "provenance": {
    "md5sum": "78617cafd19846abedf54fdbe51a466a",
    "settings": {
      "fd_thres": 0.2,
      "hmc_fsl": false
    },
    "software": "mriqc",
    "version": "0.9.9"
  },
  "size_t": 150,
  "size_x": 64,
  "size_y": 64,
  "size_z": 35,
  "snr": 4.471857078770611,
  "spacing_tr": 3.0,
  "spacing_x": 3.0,
  "spacing_y": 3.0,
  "spacing_z": 2.999999761581421,
  "summary_bg_k": 177.46283109936655,
  "summary_bg_mad": 5.3867878913879395,
  "summary_bg_mean": 37.47399139404297,
  "summary_bg_median": 20.68000030517578,
  "summary_bg_n": 72308.0,
  "summary_bg_p05": 16.713333129882812,
  "summary_bg_p95": 100.84667205810547,
  "summary_bg_stdv": 67.9054946899414,
  "summary_fg_k": 2.523845388140498,
  "summary_fg_mad": 129.796875,
  "summary_fg_mean": 785.1497192382812,
  "summary_fg_median": 788.1400146484375,
  "summary_fg_n": 38600.0,
  "summary_fg_p05": 468.2836822509766,
  "summary_fg_p95": 1046.8490112304685,
  "summary_fg_stdv": 176.24217224121094,
  "tsnr": 89.81515502929688
}