{
  "aor": 0.0006675333333333334,
  "aqi": 0.029758274666666668,
  "bids_meta": {
    "CogAtlasID": "trm_54e69c642d89b",
    "EPI_Factor": 128,
    "EchoTime": 0.035,
    "EffectiveEchoSpacing": 0.00086,
    "FlipAngle": 87.0,
    "MRAcquisitionType": "2D",
    "MagneticFieldStrength": 3,
    "Manufacturer": "Siemens",
    "ManufacturerModelName": "Trio",
    "PartialFourier": "6/8",
    "PhaseEncodingDirection": "j-",
    "PixelBandwidth": 1260.0,
    "ReceiveCoilName": "12 channel head coil",
    "RepetitionTime": 3.0,
    "ScanningSequence": "EPI",
    "SliceTiming": [
      0.0,
      1.55556,
      0.11111,
      1.66667,
      0.22222,
      1.77778,
      0.33333,
      1.88889,
      0.44444,
      2.0,
      0.55556,
      2.11111,
      0.66667,
      2.22222,
      0.77778,
      2.33333,
      0.88889,
      2.44444,
      1.0,
      2.55556,
      1.11111,
      2.66667,
      1.22222,
      2.77778,
      1.33333,
      2.88889,
      1.44444
    ],
    "TaskDescription": "Resting State fMRI",
    "TaskName": "Resting State",
    "TotalReadoutTime": 0.0,
    "acq_id": "voxelsize112",
    "modality": "bold",
    "subject_id": "control09",
    "task_id": "rest"
  },
  "dummy_trs": 0,
  "dvars_nstd": 60.62789077255031,
  "dvars_std": 1.041088467986577,
  "dvars_vstd": 1.0199282293288592,
  "efc": 0.8254882551540162,
  "fber": 42.92109298706055,
  "fd_mean": 0.08826090731403913,
  "fd_num": 12,
  "fd_perc": 8.0,
  "fwhm_avg": 2.35911713935888,
  "fwhm_x": 2.2238814814814813,
  "fwhm_y": 2.810334814814815,
  "fwhm_z": 2.043135121780343,
  "gcor": 0.00426608,
  "gsr_x": 0.006955811753869057,
  "gsr_y": 0.024646760895848274,
  "provenance": {
    "md5sum": "ec95209045ec25bc2322c1ba9d84206d",
    "settings": {
      "fd_thres": 0.2,
      "hmc_fsl": false
    },
    "software": "mriqc",
    "version": "0.9.9"
  },
  "size_t": 150,
  "size_x": 128,
  "size_y": 128,
  "size_z": 27,
  "snr": 4.661226260810338,
  "spacing_tr": 3.0,
  "spacing_x": 1.265625,
  "spacing_y": 1.265625,
  "spacing_z": 1.9999998807907104,
  "summary_bg_k": 7.3840116030952245,
  "summary_bg_mad": 17.484825134277344,
  "summary_bg_mean": 159.7020263671875,
  "summary_bg_median": 122.80000305175781,
  "summary_bg_n": 132200.0,
  "summary_bg_p05": 108.55333709716797,
  "summary_bg_p95": 381.9340164184569,
  "summary_bg_stdv": 86.51527404785156,
  "summary_fg_k": 2.5632758680922203,
  "summary_fg_mad": 150.9684295654297,
  "summary_fg_mean": 835.8689575195312,
  "summary_fg_median": 821.2467041015625,
  "summary_fg_n": 236160.0,
  "summary_fg_p05": 596.986361694336,
  "summary_fg_p95": 1125.7337280273437,
  "summary_fg_stdv": 176.18646240234375,
  "tsnr": 23.410385131835938
}