{
  "aor": 0.0005920666666666666,
  "aqi": 0.0091272184,
  "bids_meta": {
    "CogAtlasID": "trm_54e69c642d89b",
    "EPI_Factor": 128,
    "EchoTime": 0.035,
    "EffectiveEchoSpacing": 0.00086,
    "FlipAngle": 87.0,
    "MRAcquisitionType": "2D",
    "MagneticFieldStrength": 3,
    "Manufacturer": "Siemens",
    "ManufacturerModelName": "Trio",
    "PartialFourier": "6/8",
    "PhaseEncodingDirection": "j-",
    "PixelBandwidth": 1260.0,
    "ReceiveCoilName": "12 channel head coil",
    "RepetitionTime": 3.0,
    "ScanningSequence": "EPI",
    "SliceTiming": [
      0.0,
      1.55556,
      0.11111,
      1.66667,
      0.22222,
      1.77778,
      0.33333,
      1.88889,
      0.44444,
      2.0,
      0.55556,
      2.11111,
      0.66667,
      2.22222,
      0.77778,
      2.33333,
      0.88889,
      2.44444,
      1.0,
      2.55556,
      1.11111,
      2.66667,
      1.22222,
      2.77778,
      1.33333,
      2.88889,
      1.44444
    ],
    "TaskDescription": "Resting State fMRI",
    "TaskName": "Resting State",
    "TotalReadoutTime": 0.0,
    "acq_id": "voxelsize222",
    "modality": "bold",
    "subject_id": "control13",
    "task_id": "rest"
  },
  "dummy_trs": 0,
  "dvars_nstd": 27.97868185865772,
  "dvars_std": 1.074420991208054,
  "dvars_vstd": 1.0050520923489927,
  "efc": 0.5433050854487413,
  "fber": 359.4140930175781,
  "fd_mean": 0.04594179246707854,
  "fd_num": 0,
  "fd_perc": 0.0,
  "fwhm_avg": 2.2225684273266846,
  "fwhm_x": 1.936865,
  "fwhm_y": 2.3779701417380656,
  "fwhm_z": 2.352870140241989,
  "gcor": 0.00597299,
  "gsr_x": -0.011260738596320152,
  "gsr_y": 0.012356403283774853,
  "provenance": {
    "md5sum": "f7a33e54dfd47e1622003266a8bfb9d4",
    "settings": {
      "fd_thres": 0.2,
      "hmc_fsl": false
    },
    "software": "mriqc",
    "version": "0.9.9"
  },
  "size_t": 150,
  "size_x": 128,
  "size_y": 128,
  "size_z": 27,
  "snr": 5.029239576466653,
  "spacing_tr": 3.0,
  "spacing_x": 2.0,
  "spacing_y": 1.9999998807907104,
  "spacing_z": 1.9999998807907104,
  "summary_bg_k": 52.59164353555103,
  "summary_bg_mad": 2.2535560131073,
  "summary_bg_mean": 55.64806365966797,
  "summary_bg_median": 43.38666915893555,
  "summary_bg_n": 292333.0,
  "summary_bg_p05": 41.11333465576172,
  "summary_bg_p95": 119.62266998290993,
  "summary_bg_stdv": 45.987754821777344,
  "summary_fg_k": 3.546741371810344,
  "summary_fg_mad": 136.31045532226562,
  "summary_fg_mean": 856.5345458984375,
  "summary_fg_median": 839.5800170898438,
  "summary_fg_n": 88645.0,
  "summary_fg_p05": 648.8200073242188,
  "summary_fg_p95": 1137.4267333984376,
  "summary_fg_stdv": 166.93881225585938,
  "tsnr": 53.94940185546875
}