{
  "aor": 0.0005119333333333333,
  "aqi": 0.031888292,
  "bids_meta": {
    "CogAtlasID": "trm_54e69c642d89b",
    "EPI_Factor": 128,
    "EchoTime": 0.035,
    "EffectiveEchoSpacing": 0.00086,
    "FlipAngle": 87.0,
    "MRAcquisitionType": "2D",
    "MagneticFieldStrength": 3,
    "Manufacturer": "Siemens",
    "ManufacturerModelName": "Trio",
    "PartialFourier": "6/8",
    "PhaseEncodingDirection": "j-",
    "PixelBandwidth": 1260.0,
    "ReceiveCoilName": "12 channel head coil",
    "RepetitionTime": 3.0,
    "ScanningSequence": "EPI",
    "SliceTiming": [
      0.0,
      1.55556,
      0.11111,
      1.66667,
      0.22222,
      1.77778,
      0.33333,
      1.88889,
      0.44444,
      2.0,
      0.55556,
      2.11111,
      0.66667,
      2.22222,
      0.77778,
      2.33333,
      0.88889,
      2.44444,
      1.0,
      2.55556,
      1.11111,
      2.66667,
      1.22222,
      2.77778,
      1.33333,
      2.88889,
      1.44444
    ],
    "TaskDescription": "Resting State fMRI",
    "TaskName": "Resting State",
    "TotalReadoutTime": 0.0,
    "acq_id": "voxelsize112",
    "modality": "bold",
    "subject_id": "control14",
    "task_id": "rest"
  },
  "dummy_trs": 0,
  "dvars_nstd": 52.69987649114094,
  "dvars_std": 1.0218782019463089,
  "dvars_vstd": 1.0151864377181206,
  "efc": 0.816860926351065,
  "fber": 47.74161911010742,
  "fd_mean": 0.03421233729695008,
  "fd_num": 0,
  "fd_perc": 0.0,
  "fwhm_avg": 2.4716420084486654,
  "fwhm_x": 2.352142222222222,
  "fwhm_y": 2.8766338031237755,
  "fwhm_z": 2.18615,
  "gcor": 0.00354161,
  "gsr_x": 0.01418051403015852,
  "gsr_y": 0.021055622026324272,
  "provenance": {
    "md5sum": "08ebc1699d9dd15281bd44a4a3372d18",
    "settings": {
      "fd_thres": 0.2,
      "hmc_fsl": false
    },
    "software": "mriqc",
    "version": "0.9.9"
  },
  "size_t": 150,
  "size_x": 128,
  "size_y": 128,
  "size_z": 27,
  "snr": 5.391005254331186,
  "spacing_tr": 3.0,
  "spacing_x": 1.265625,
  "spacing_y": 1.2656251192092896,
  "spacing_z": 2.0,
  "summary_bg_k": 12.029423859612988,
  "summary_bg_mad": 13.966121673583984,
  "summary_bg_mean": 153.87039184570312,
  "summary_bg_median": 118.46666717529297,
  "summary_bg_n": 144045.0,
  "summary_bg_p05": 106.83333587646484,
  "summary_bg_p95": 370.61733398437485,
  "summary_bg_stdv": 89.06034851074219,
  "summary_fg_k": 3.0760116990026036,
  "summary_fg_mad": 129.9649658203125,
  "summary_fg_mean": 838.147705078125,
  "summary_fg_median": 827.7933349609375,
  "summary_fg_n": 226250.0,
  "summary_fg_p05": 623.1897003173829,
  "summary_fg_p95": 1074.580078125,
  "summary_fg_stdv": 153.5504913330078,
  "tsnr": 25.78632926940918
}