{
  "aor": 0.0007191999999999999,
  "aqi": 0.008496760266666667,
  "bids_meta": {
    "CogAtlasID": "trm_54e69c642d89b",
    "EPI_Factor": 128,
    "EchoTime": 0.035,
    "EffectiveEchoSpacing": 0.00086,
    "FlipAngle": 87.0,
    "MRAcquisitionType": "2D",
    "MagneticFieldStrength": 3,
    "Manufacturer": "Siemens",
    "ManufacturerModelName": "Trio",
    "PartialFourier": "6/8",
    "PhaseEncodingDirection": "j-",
    "PixelBandwidth": 1260.0,
    "ReceiveCoilName": "12 channel head coil",
    "RepetitionTime": 3.0,
    "ScanningSequence": "EPI",
    "SliceTiming": [
      0.0,
      1.55556,
      0.11111,
      1.66667,
      0.22222,
      1.77778,
      0.33333,
      1.88889,
      0.44444,
      2.0,
      0.55556,
      2.11111,
      0.66667,
      2.22222,
      0.77778,
      2.33333,
      0.88889,
      2.44444,
      1.0,
      2.55556,
      1.11111,
      2.66667,
      1.22222,
      2.77778,
      1.33333,
      2.88889,
      1.44444
    ],
    "TaskDescription": "Resting State fMRI",
    "TaskName": "Resting State",
    "TotalReadoutTime": 0.0,
    "acq_id": "voxelsize222",
    "modality": "bold",
    "subject_id": "control10",
    "task_id": "rest"
  },
  "dummy_trs": 0,
  "dvars_nstd": 36.70718495120805,
  "dvars_std": 1.1277493036912754,
  "dvars_vstd": 1.0158821947651004,
  "efc": 0.5706084323252358,
  "fber": 288.2323303222656,
  "fd_mean": 0.15299613738092144,
  "fd_num": 40,
  "fd_perc": 26.666666666666668,
  "fwhm_avg": 2.2841183333333333,
  "fwhm_x": 1.950555,
  "fwhm_y": 2.471085,
  "fwhm_z": 2.430715,
  "gcor": 0.0214144,
  "gsr_x": -0.004480006173253059,
  "gsr_y": 0.010498191229999065,
  "provenance": {
    "md5sum": "199e77c992296f621056ae048730f6a7",
    "settings": {
      "fd_thres": 0.2,
      "hmc_fsl": false
    },
    "software": "mriqc",
    "version": "0.9.9"
  },
  "size_t": 150,
  "size_x": 128,
  "size_y": 128,
  "size_z": 27,
  "snr": 4.286380092650209,
  "spacing_tr": 3.0,
  "spacing_x": 2.0,
  "spacing_y": 2.0,
  "spacing_z": 2.0,
  "summary_bg_k": 51.93847931950047,
  "summary_bg_mad": 2.2337839603424072,
  "summary_bg_mean": 55.72572708129883,
  "summary_bg_median": 43.2933349609375,
  "summary_bg_n": 279495.0,
  "summary_bg_p05": 41.29999923706055,
  "summary_bg_p95": 109.86200103759757,
  "summary_bg_stdv": 45.30744171142578,
  "summary_fg_k": 2.366623325973638,
  "summary_fg_mad": 150.89930725097656,
  "summary_fg_mean": 766.246826171875,
  "summary_fg_median": 750.5266723632812,
  "summary_fg_n": 100616.0,
  "summary_fg_p05": 523.2866821289062,
  "summary_fg_p95": 1055.2283630371094,
  "summary_fg_stdv": 175.09481811523438,
  "tsnr": 46.45039367675781
}