{
  "aor": 0.0040124666666666664,
  "aqi": 0.010010790533333334,
  "bids_meta": {
    "CogAtlasID": "trm_54e69c642d89b",
    "EPI_Factor": 64,
    "EchoTime": 0.035,
    "EffectiveEchoSpacing": 0.00086,
    "FlipAngle": 87.0,
    "MRAcquisitionType": "2D",
    "MagneticFieldStrength": 3,
    "Manufacturer": "Siemens",
    "ManufacturerModelName": "Trio",
    "PartialFourier": "6/8",
    "PhaseEncodingDirection": "j-",
    "PixelBandwidth": 1260.0,
    "ReceiveCoilName": "12 channel head coil",
    "RepetitionTime": 3.0,
    "ScanningSequence": "EPI",
    "SliceTiming": [
      0.0,
      1.54286,
      0.08571,
      1.62857,
      0.17143,
      1.71429,
      0.25714,
      1.8,
      0.34286,
      1.88571,
      0.42857,
      1.97143,
      0.51429,
      2.05714,
      0.6,
      2.14286,
      0.68571,
      2.22857,
      0.77143,
      2.31429,
      0.85714,
      2.4,
      0.94286,
      2.48571,
      1.02857,
      2.57143,
      1.11429,
      2.65714,
      1.2,
      2.74286,
      1.28571,
      2.82857,
      1.37143,
      2.91429,
      1.45714
    ],
    "TaskDescription": "Resting State fMRI",
    "TaskName": "Resting State",
    "TotalReadoutTime": 0.0,
    "acq_id": "voxelsize333",
    "modality": "bold",
    "subject_id": "control02",
    "task_id": "rest"
  },
  "dummy_trs": 0,
  "dvars_nstd": 31.417809544093938,
  "dvars_std": 1.193555873087248,
  "dvars_vstd": 1.0307137243624165,
  "efc": 0.5530862886956744,
  "fber": 1168.7154541015625,
  "fd_mean": 0.3142231608856073,
  "fd_num": 88,
  "fd_perc": 58.666666666666664,
  "fwhm_avg": 2.366520129016251,
  "fwhm_x": 2.2293600000000002,
  "fwhm_y": 2.663050211640216,
  "fwhm_z": 2.2071501754085365,
  "gcor": 0.024637,
  "gsr_x": -0.0059782578609883785,
  "gsr_y": 0.03237272799015045,
  "provenance": {
    "md5sum": "6d3528e2a64205873c371f887c0e6a43",
    "settings": {
      "fd_thres": 0.2,
      "hmc_fsl": false
    },
    "software": "mriqc",
    "version": "0.9.9"
  },
  "size_t": 150,
  "size_x": 64,
  "size_y": 64,
  "size_z": 35,
  "snr": 3.849902212183885,
  "spacing_tr": 3.0,
  "spacing_x": 3.0,
  "spacing_y": 2.999999761581421,
  "spacing_z": 2.999999761581421,
  "summary_bg_k": 155.18710259861956,
  "summary_bg_mad": 7.68976354598999,
  "summary_bg_mean": 36.5059814453125,
  "summary_bg_median": 22.15999984741211,
  "summary_bg_n": 73466.0,
  "summary_bg_p05": 16.360000610351562,
  "summary_bg_p95": 86.2933349609375,
  "summary_bg_stdv": 60.533443450927734,
  "summary_fg_k": 2.266146942849651,
  "summary_fg_mad": 153.9138641357422,
  "summary_fg_mean": 813.5118408203125,
  "summary_fg_median": 805.5033569335938,
  "summary_fg_n": 37794.0,
  "summary_fg_p05": 460.9970169067384,
  "summary_fg_p95": 1153.1530517578124,
  "summary_fg_stdv": 209.2241973876953,
  "tsnr": 49.290836334228516
}