{
  "aor": 0.002942533333333334,
  "aqi": 0.0018482110799999995,
  "bids_meta": {
    "CogAtlasID": "trm_54e69c642d89b",
    "EPI_Factor": 64,
    "EchoTime": 0.035,
    "EffectiveEchoSpacing": 0.00086,
    "FlipAngle": 87.0,
    "MRAcquisitionType": "2D",
    "MagneticFieldStrength": 3,
    "Manufacturer": "Siemens",
    "ManufacturerModelName": "Trio",
    "PartialFourier": "6/8",
    "PhaseEncodingDirection": "j-",
    "PixelBandwidth": 1260.0,
    "ReceiveCoilName": "12 channel head coil",
    "RepetitionTime": 3.0,
    "ScanningSequence": "EPI",
    "SliceTiming": [
      1.5,
      0.0,
      1.625,
      0.125,
      1.75,
      0.25,
      1.875,
      0.375,
      2.0,
      0.5,
      2.125,
      0.625,
      2.25,
      0.75,
      2.375,
      0.875,
      2.5,
      1.0,
      2.625,
      1.125,
      2.75,
      1.25,
      2.875,
      1.375
    ],
    "TaskDescription": "Resting State fMRI",
    "TaskName": "Resting State",
    "TotalReadoutTime": 0.0,
    "acq_id": "voxelsize555",
    "modality": "bold",
    "subject_id": "control03",
    "task_id": "rest"
  },
  "dummy_trs": 0,
  "dvars_nstd": 12.718661203020133,
  "dvars_std": 1.2034254977181211,
  "dvars_vstd": 1.009249166912752,
  "efc": 0.34084975683803476,
  "fber": 15135.61328125,
  "fd_mean": 0.11031063130604772,
  "fd_num": 9,
  "fd_perc": 6.0,
  "fwhm_avg": 2.445733245211292,
  "fwhm_x": 2.3004000000000002,
  "fwhm_y": 2.7720797356338753,
  "fwhm_z": 2.26472,
  "gcor": 0.0812703,
  "gsr_x": -0.014054644852876663,
  "gsr_y": 0.005614444147795439,
  "provenance": {
    "md5sum": "3caecf639ac3b5de9a9c935750dc0c09",
    "settings": {
      "fd_thres": 0.2,
      "hmc_fsl": false
    },
    "software": "mriqc",
    "version": "0.9.9"
  },
  "size_t": 150,
  "size_x": 64,
  "size_y": 64,
  "size_z": 24,
  "snr": 3.775221846967731,
  "spacing_tr": 3.0,
  "spacing_x": 5.0,
  "spacing_y": 5.000000476837158,
  "spacing_z": 5.0,
  "summary_bg_k": 199.25952472632338,
  "summary_bg_mad": 4.823399543762207,
  "summary_bg_mean": 13.263850212097168,
  "summary_bg_median": 6.806666851043701,
  "summary_bg_n": 67829.0,
  "summary_bg_p05": 3.0466666221618652,
  "summary_bg_p95": 37.99733428955077,
  "summary_bg_stdv": 26.476139068603516,
  "summary_fg_k": 1.8819230439050738,
  "summary_fg_mad": 164.90493774414062,
  "summary_fg_mean": 862.1192016601562,
  "summary_fg_median": 874.7200317382812,
  "summary_fg_n": 10153.0,
  "summary_fg_p05": 406.73200073242185,
  "summary_fg_p95": 1204.548046875,
  "summary_fg_stdv": 231.6888885498047,
  "tsnr": 87.51274871826172
}