{
  "aor": 0.026500333333333338,
  "aqi": 0.004777322466666665,
  "bids_meta": {
    "CogAtlasID": "trm_54e69c642d89b",
    "EPI_Factor": 64,
    "EchoTime": 0.035,
    "EffectiveEchoSpacing": 0.00086,
    "FlipAngle": 87.0,
    "MRAcquisitionType": "2D",
    "MagneticFieldStrength": 3,
    "Manufacturer": "Siemens",
    "ManufacturerModelName": "Trio",
    "PartialFourier": "6/8",
    "PhaseEncodingDirection": "j-",
    "PixelBandwidth": 1260.0,
    "ReceiveCoilName": "12 channel head coil",
    "RepetitionTime": 3.0,
    "ScanningSequence": "EPI",
    "SliceTiming": [
      1.5,
      0.0,
      1.625,
      0.125,
      1.75,
      0.25,
      1.875,
      0.375,
      2.0,
      0.5,
      2.125,
      0.625,
      2.25,
      0.75,
      2.375,
      0.875,
      2.5,
      1.0,
      2.625,
      1.125,
      2.75,
      1.25,
      2.875,
      1.375
    ],
    "TaskDescription": "Resting State fMRI",
    "TaskName": "Resting State",
    "TotalReadoutTime": 0.0,
    "acq_id": "voxelsize555",
    "modality": "bold",
    "subject_id": "control14",
    "task_id": "rest"
  },
  "dummy_trs": 0,
  "dvars_nstd": 11.535723727986573,
  "dvars_std": 1.0888159346308726,
  "dvars_vstd": 0.9368983086577178,
  "efc": 0.2967821076735052,
  "fber": 23456.587890625,
  "fd_mean": 0.08801187697025063,
  "fd_num": 7,
  "fd_perc": 4.666666666666667,
  "fwhm_avg": 2.8030132351958046,
  "fwhm_x": 2.71076,
  "fwhm_y": 3.0871397055874152,
  "fwhm_z": 2.61114,
  "gcor": 0.0550301,
  "gsr_x": -0.00885376799851656,
  "gsr_y": 0.002551885787397623,
  "provenance": {
    "md5sum": "9c2a589a90e84e651a83e466cbb5a0df",
    "settings": {
      "fd_thres": 0.2,
      "hmc_fsl": false
    },
    "software": "mriqc",
    "version": "0.9.9"
  },
  "size_t": 150,
  "size_x": 64,
  "size_y": 64,
  "size_z": 24,
  "snr": 3.5058429413977077,
  "spacing_tr": 3.0,
  "spacing_x": 5.0,
  "spacing_y": 5.000000476837158,
  "spacing_z": 5.0,
  "summary_bg_k": 224.39218792405694,
  "summary_bg_mad": 2.9750888347625732,
  "summary_bg_mean": 9.506037712097168,
  "summary_bg_median": 4.766666889190674,
  "summary_bg_n": 70846.0,
  "summary_bg_p05": 2.5866668224334717,
  "summary_bg_p95": 29.49833345413208,
  "summary_bg_stdv": 18.315214157104492,
  "summary_fg_k": 0.7481528135248454,
  "summary_fg_mad": 158.04046630859375,
  "summary_fg_mean": 742.3817138671875,
  "summary_fg_median": 793.0966796875,
  "summary_fg_n": 8020.0,
  "summary_fg_p05": 250.86867141723633,
  "summary_fg_p95": 1028.6973388671872,
  "summary_fg_stdv": 226.20729064941406,
  "tsnr": 53.861793518066406
}