{
  "aor": 0.0006622666666666668,
  "aqi": 0.010356040333333332,
  "bids_meta": {
    "CogAtlasID": "trm_54e69c642d89b",
    "EPI_Factor": 128,
    "EchoTime": 0.035,
    "EffectiveEchoSpacing": 0.00086,
    "FlipAngle": 87.0,
    "MRAcquisitionType": "2D",
    "MagneticFieldStrength": 3,
    "Manufacturer": "Siemens",
    "ManufacturerModelName": "Trio",
    "PartialFourier": "6/8",
    "PhaseEncodingDirection": "j-",
    "PixelBandwidth": 1260.0,
    "ReceiveCoilName": "12 channel head coil",
    "RepetitionTime": 3.0,
    "ScanningSequence": "EPI",
    "SliceTiming": [
      0.0,
      1.55556,
      0.11111,
      1.66667,
      0.22222,
      1.77778,
      0.33333,
      1.88889,
      0.44444,
      2.0,
      0.55556,
      2.11111,
      0.66667,
      2.22222,
      0.77778,
      2.33333,
      0.88889,
      2.44444,
      1.0,
      2.55556,
      1.11111,
      2.66667,
      1.22222,
      2.77778,
      1.33333,
      2.88889,
      1.44444
    ],
    "TaskDescription": "Resting State fMRI",
    "TaskName": "Resting State",
    "TotalReadoutTime": 0.0,
    "acq_id": "voxelsize222",
    "modality": "bold",
    "subject_id": "control05",
    "task_id": "rest"
  },
  "dummy_trs": 0,
  "dvars_nstd": 26.36055353644294,
  "dvars_std": 1.0642679525503351,
  "dvars_vstd": 0.9951153929530201,
  "efc": 0.5405106486407526,
  "fber": 394.57061767578125,
  "fd_mean": 0.04924918087704327,
  "fd_num": 3,
  "fd_perc": 2.0,
  "fwhm_avg": 2.237253428212112,
  "fwhm_x": 1.936355,
  "fwhm_y": 2.487825148285934,
  "fwhm_z": 2.287580136350402,
  "gcor": 0.00677211,
  "gsr_x": -0.010937164537608624,
  "gsr_y": 0.015823906287550926,
  "provenance": {
    "md5sum": "5cf855db6a008d764299e4d6e86d2dcc",
    "settings": {
      "fd_thres": 0.2,
      "hmc_fsl": false
    },
    "software": "mriqc",
    "version": "0.9.9"
  },
  "size_t": 150,
  "size_x": 128,
  "size_y": 128,
  "size_z": 27,
  "snr": 4.9015730644068345,
  "spacing_tr": 3.0,
  "spacing_x": 2.0,
  "spacing_y": 1.9999998807907104,
  "spacing_z": 1.9999998807907104,
  "summary_bg_k": 78.50843695227587,
  "summary_bg_mad": 2.312861442565918,
  "summary_bg_mean": 51.778778076171875,
  "summary_bg_median": 42.106666564941406,
  "summary_bg_n": 288522.0,
  "summary_bg_p05": 39.959999084472656,
  "summary_bg_p95": 93.15333557128906,
  "summary_bg_stdv": 36.447174072265625,
  "summary_fg_k": 2.43176583625634,
  "summary_fg_mad": 151.64553833007812,
  "summary_fg_mean": 871.0123291015625,
  "summary_fg_median": 856.5933837890625,
  "summary_fg_n": 91640.0,
  "summary_fg_p05": 643.4800415039062,
  "summary_fg_p95": 1156.0820739746093,
  "summary_fg_stdv": 174.75791931152344,
  "tsnr": 51.04652786254883
}