{
  "aor": 0.0008525333333333335,
  "aqi": 0.0039803700666666665,
  "bids_meta": {
    "CogAtlasID": "trm_54e69c642d89b",
    "EPI_Factor": 64,
    "EchoTime": 0.035,
    "EffectiveEchoSpacing": 0.00086,
    "FlipAngle": 87.0,
    "MRAcquisitionType": "2D",
    "MagneticFieldStrength": 3,
    "Manufacturer": "Siemens",
    "ManufacturerModelName": "Trio",
    "PartialFourier": "6/8",
    "PhaseEncodingDirection": "j-",
    "PixelBandwidth": 1260.0,
    "ReceiveCoilName": "12 channel head coil",
    "RepetitionTime": 3.0,
    "ScanningSequence": "EPI",
    "SliceTiming": [
      1.5,
      0.0,
      1.625,
      0.125,
      1.75,
      0.25,
      1.875,
      0.375,
      2.0,
      0.5,
      2.125,
      0.625,
      2.25,
      0.75,
      2.375,
      0.875,
      2.5,
      1.0,
      2.625,
      1.125,
      2.75,
      1.25,
      2.875,
      1.375
    ],
    "TaskDescription": "Resting State fMRI",
    "TaskName": "Resting State",
    "TotalReadoutTime": 0.0,
    "acq_id": "voxelsize555",
    "modality": "bold",
    "subject_id": "control10",
    "task_id": "rest"
  },
  "dummy_trs": 0,
  "dvars_nstd": 16.551009888523495,
  "dvars_std": 1.1550343499328866,
  "dvars_vstd": 0.9875912064429533,
  "efc": 0.3185987731621799,
  "fber": 16480.544921875,
  "fd_mean": 0.17900177858026858,
  "fd_num": 50,
  "fd_perc": 33.333333333333336,
  "fwhm_avg": 2.5916265899810864,
  "fwhm_x": 2.41982,
  "fwhm_y": 2.9427399999999997,
  "fwhm_z": 2.4123197699432595,
  "gcor": 0.111318,
  "gsr_x": -0.012749157845973969,
  "gsr_y": 0.00250564725138247,
  "provenance": {
    "md5sum": "2466a152516fd8a691bfbe61f8e85f66",
    "settings": {
      "fd_thres": 0.2,
      "hmc_fsl": false
    },
    "software": "mriqc",
    "version": "0.9.9"
  },
  "size_t": 150,
  "size_x": 64,
  "size_y": 64,
  "size_z": 24,
  "snr": 3.388631520762196,
  "spacing_tr": 3.0,
  "spacing_x": 5.0,
  "spacing_y": 5.0,
  "spacing_z": 5.000000476837158,
  "summary_bg_k": 620.8203971480661,
  "summary_bg_mad": 3.5384771823883057,
  "summary_bg_mean": 11.145472526550293,
  "summary_bg_median": 5.480000019073486,
  "summary_bg_n": 69259.0,
  "summary_bg_p05": 2.693333387374878,
  "summary_bg_p95": 30.373334884643555,
  "summary_bg_stdv": 32.85697937011719,
  "summary_fg_k": 1.2285186863182176,
  "summary_fg_mad": 152.7327880859375,
  "summary_fg_mean": 708.3612670898438,
  "summary_fg_median": 739.25,
  "summary_fg_n": 9120.0,
  "summary_fg_p05": 215.79700622558596,
  "summary_fg_p95": 996.8643798828125,
  "summary_fg_stdv": 218.14395141601562,
  "tsnr": 64.538818359375
}