{
  "aor": 0.0020893333333333332,
  "aqi": 0.003390233126666667,
  "bids_meta": {
    "CogAtlasID": "trm_54e69c642d89b",
    "EPI_Factor": 64,
    "EchoTime": 0.035,
    "EffectiveEchoSpacing": 0.00086,
    "FlipAngle": 87.0,
    "MRAcquisitionType": "2D",
    "MagneticFieldStrength": 3,
    "Manufacturer": "Siemens",
    "ManufacturerModelName": "Trio",
    "PartialFourier": "6/8",
    "PhaseEncodingDirection": "j-",
    "PixelBandwidth": 1260.0,
    "ReceiveCoilName": "12 channel head coil",
    "RepetitionTime": 3.0,
    "ScanningSequence": "EPI",
    "SliceTiming": [
      1.5,
      0.0,
      1.625,
      0.125,
      1.75,
      0.25,
      1.875,
      0.375,
      2.0,
      0.5,
      2.125,
      0.625,
      2.25,
      0.75,
      2.375,
      0.875,
      2.5,
      1.0,
      2.625,
      1.125,
      2.75,
      1.25,
      2.875,
      1.375
    ],
    "TaskDescription": "Resting State fMRI",
    "TaskName": "Resting State",
    "TotalReadoutTime": 0.0,
    "acq_id": "voxelsize555",
    "modality": "bold",
    "subject_id": "control13",
    "task_id": "rest"
  },
  "dummy_trs": 0,
  "dvars_nstd": 10.706829426442953,
  "dvars_std": 1.1271410324161075,
  "dvars_vstd": 0.9719265418791943,
  "efc": 0.2994991702814835,
  "fber": 27245.322265625,
  "fd_mean": 0.0867373682020748,
  "fd_num": 6,
  "fd_perc": 4.0,
  "fwhm_avg": 2.6825533333333333,
  "fwhm_x": 2.53072,
  "fwhm_y": 2.9636,
  "fwhm_z": 2.55334,
  "gcor": 0.0420256,
  "gsr_x": -0.00880493689328432,
  "gsr_y": 0.002237377455458045,
  "provenance": {
    "md5sum": "df69e0f260b0e748d5eb4398baf80226",
    "settings": {
      "fd_thres": 0.2,
      "hmc_fsl": false
    },
    "software": "mriqc",
    "version": "0.9.9"
  },
  "size_t": 150,
  "size_x": 64,
  "size_y": 64,
  "size_z": 24,
  "snr": 3.6310283362453215,
  "spacing_tr": 3.0,
  "spacing_x": 5.0,
  "spacing_y": 5.0,
  "spacing_z": 5.0,
  "summary_bg_k": 795.4144820341398,
  "summary_bg_mad": 2.7082200050354004,
  "summary_bg_mean": 9.12755298614502,
  "summary_bg_median": 4.606666564941406,
  "summary_bg_n": 70211.0,
  "summary_bg_p05": 2.626666784286499,
  "summary_bg_p95": 25.95333480834961,
  "summary_bg_stdv": 23.027795791625977,
  "summary_fg_k": 1.4261546869569202,
  "summary_fg_mad": 148.66552734375,
  "summary_fg_mean": 760.19482421875,
  "summary_fg_median": 802.453369140625,
  "summary_fg_n": 8279.0,
  "summary_fg_p05": 266.2826629638672,
  "summary_fg_p95": 1038.5386596679687,
  "summary_fg_stdv": 220.98558044433594,
  "tsnr": 82.34842681884766
}