{
  "aor": 0.0007347333333333334,
  "aqi": 0.008666564,
  "bids_meta": {
    "CogAtlasID": "trm_54e69c642d89b",
    "EPI_Factor": 128,
    "EchoTime": 0.035,
    "EffectiveEchoSpacing": 0.00086,
    "FlipAngle": 87.0,
    "MRAcquisitionType": "2D",
    "MagneticFieldStrength": 3,
    "Manufacturer": "Siemens",
    "ManufacturerModelName": "Trio",
    "PartialFourier": "6/8",
    "PhaseEncodingDirection": "j-",
    "PixelBandwidth": 1260.0,
    "ReceiveCoilName": "12 channel head coil",
    "RepetitionTime": 3.0,
    "ScanningSequence": "EPI",
    "SliceTiming": [
      0.0,
      1.55556,
      0.11111,
      1.66667,
      0.22222,
      1.77778,
      0.33333,
      1.88889,
      0.44444,
      2.0,
      0.55556,
      2.11111,
      0.66667,
      2.22222,
      0.77778,
      2.33333,
      0.88889,
      2.44444,
      1.0,
      2.55556,
      1.11111,
      2.66667,
      1.22222,
      2.77778,
      1.33333,
      2.88889,
      1.44444
    ],
    "TaskDescription": "Resting State fMRI",
    "TaskName": "Resting State",
    "TotalReadoutTime": 0.0,
    "acq_id": "voxelsize222",
    "modality": "bold",
    "subject_id": "control11",
    "task_id": "rest"
  },
  "dummy_trs": 0,
  "dvars_nstd": 29.061928141409396,
  "dvars_std": 1.07730522966443,
  "dvars_vstd": 1.0008598916778522,
  "efc": 0.5424878695352275,
  "fber": 385.19183349609375,
  "fd_mean": 0.13282801184426135,
  "fd_num": 37,
  "fd_perc": 24.666666666666668,
  "fwhm_avg": 2.3902016666666666,
  "fwhm_x": 2.04473,
  "fwhm_y": 2.59101,
  "fwhm_z": 2.534865,
  "gcor": 0.00669092,
  "gsr_x": -0.0064878701232373714,
  "gsr_y": 0.010424500331282616,
  "provenance": {
    "md5sum": "fd04f00ceaac266173e2182c8ab8fade",
    "settings": {
      "fd_thres": 0.2,
      "hmc_fsl": false
    },
    "software": "mriqc",
    "version": "0.9.9"
  },
  "size_t": 150,
  "size_x": 128,
  "size_y": 128,
  "size_z": 27,
  "snr": 5.143126205411183,
  "spacing_tr": 3.0,
  "spacing_x": 2.0,
  "spacing_y": 2.0,
  "spacing_z": 2.0,
  "summary_bg_k": 77.435376723342,
  "summary_bg_mad": 2.2634365558624268,
  "summary_bg_mean": 54.16994094848633,
  "summary_bg_median": 43.3466682434082,
  "summary_bg_n": 290079.0,
  "summary_bg_p05": 41.47999954223633,
  "summary_bg_p95": 95.31333923339844,
  "summary_bg_stdv": 43.153377532958984,
  "summary_fg_k": 2.5723352115302385,
  "summary_fg_mad": 149.84164428710938,
  "summary_fg_mean": 885.2908325195312,
  "summary_fg_median": 868.6666870117188,
  "summary_fg_n": 90715.0,
  "summary_fg_p05": 665.8647033691407,
  "summary_fg_p95": 1170.700048828125,
  "summary_fg_stdv": 168.89764404296875,
  "tsnr": 53.91804504394531
}