{
  "aor": 0.0028349333333333336,
  "aqi": 0.004080312133333333,
  "bids_meta": {
    "CogAtlasID": "trm_54e69c642d89b",
    "EPI_Factor": 64,
    "EchoTime": 0.035,
    "EffectiveEchoSpacing": 0.00086,
    "FlipAngle": 87.0,
    "MRAcquisitionType": "2D",
    "MagneticFieldStrength": 3,
    "Manufacturer": "Siemens",
    "ManufacturerModelName": "Trio",
    "PartialFourier": "6/8",
    "PhaseEncodingDirection": "j-",
    "PixelBandwidth": 1260.0,
    "ReceiveCoilName": "12 channel head coil",
    "RepetitionTime": 3.0,
    "ScanningSequence": "EPI",
    "SliceTiming": [
      1.5,
      0.0,
      1.625,
      0.125,
      1.75,
      0.25,
      1.875,
      0.375,
      2.0,
      0.5,
      2.125,
      0.625,
      2.25,
      0.75,
      2.375,
      0.875,
      2.5,
      1.0,
      2.625,
      1.125,
      2.75,
      1.25,
      2.875,
      1.375
    ],
    "TaskDescription": "Resting State fMRI",
    "TaskName": "Resting State",
    "TotalReadoutTime": 0.0,
    "acq_id": "voxelsize555",
    "modality": "bold",
    "subject_id": "control09",
    "task_id": "rest"
  },
  "dummy_trs": 0,
  "dvars_nstd": 17.75267482550335,
  "dvars_std": 1.0991898604697978,
  "dvars_vstd": 0.9705954751006712,
  "efc": 0.3127256898969375,
  "fber": 19708.41015625,
  "fd_mean": 0.20613752270795394,
  "fd_num": 49,
  "fd_perc": 32.666666666666664,
  "fwhm_avg": 2.631933333333333,
  "fwhm_x": 2.49592,
  "fwhm_y": 2.9124600000000003,
  "fwhm_z": 2.4874199999999997,
  "gcor": 0.0792,
  "gsr_x": -0.01052504125982523,
  "gsr_y": 0.0018688676645979285,
  "provenance": {
    "md5sum": "41d7b1922003fea0c3330f58865d41ea",
    "settings": {
      "fd_thres": 0.2,
      "hmc_fsl": false
    },
    "software": "mriqc",
    "version": "0.9.9"
  },
  "size_t": 150,
  "size_x": 64,
  "size_y": 64,
  "size_z": 24,
  "snr": 3.5723638888930838,
  "spacing_tr": 3.0,
  "spacing_x": 5.0,
  "spacing_y": 5.0,
  "spacing_z": 5.0,
  "summary_bg_k": 160.28391076839515,
  "summary_bg_mad": 3.2814934253692627,
  "summary_bg_mean": 10.046720504760742,
  "summary_bg_median": 5.186666965484619,
  "summary_bg_n": 69741.0,
  "summary_bg_p05": 2.700000047683716,
  "summary_bg_p95": 29.633333206176758,
  "summary_bg_stdv": 18.928104400634766,
  "summary_fg_k": 1.352047091370772,
  "summary_fg_mad": 151.41812133789062,
  "summary_fg_mean": 746.4990844726562,
  "summary_fg_median": 779.0400390625,
  "summary_fg_n": 8766.0,
  "summary_fg_p05": 269.47166442871094,
  "summary_fg_p95": 1039.4683532714844,
  "summary_fg_stdv": 218.06166076660156,
  "tsnr": 53.909629821777344
}