{
  "aor": 0.0005642,
  "aqi": 0.007003363199999999,
  "bids_meta": {
    "CogAtlasID": "trm_54e69c642d89b",
    "EPI_Factor": 128,
    "EchoTime": 0.035,
    "EffectiveEchoSpacing": 0.00086,
    "FlipAngle": 87.0,
    "MRAcquisitionType": "2D",
    "MagneticFieldStrength": 3,
    "Manufacturer": "Siemens",
    "ManufacturerModelName": "Trio",
    "PartialFourier": "6/8",
    "PhaseEncodingDirection": "j-",
    "PixelBandwidth": 1260.0,
    "ReceiveCoilName": "12 channel head coil",
    "RepetitionTime": 3.0,
    "ScanningSequence": "EPI",
    "SliceTiming": [
      0.0,
      1.55556,
      0.11111,
      1.66667,
      0.22222,
      1.77778,
      0.33333,
      1.88889,
      0.44444,
      2.0,
      0.55556,
      2.11111,
      0.66667,
      2.22222,
      0.77778,
      2.33333,
      0.88889,
      2.44444,
      1.0,
      2.55556,
      1.11111,
      2.66667,
      1.22222,
      2.77778,
      1.33333,
      2.88889,
      1.44444
    ],
    "TaskDescription": "Resting State fMRI",
    "TaskName": "Resting State",
    "TotalReadoutTime": 0.0,
    "acq_id": "voxelsize222",
    "modality": "bold",
    "subject_id": "control04",
    "task_id": "rest"
  },
  "dummy_trs": 0,
  "dvars_nstd": 29.681559671879192,
  "dvars_std": 1.106073818926174,
  "dvars_vstd": 1.0131065593959734,
  "efc": 0.5364354118245755,
  "fber": 373.9251708984375,
  "fd_mean": 0.09084261649910481,
  "fd_num": 11,
  "fd_perc": 7.333333333333333,
  "fwhm_avg": 2.4483616666666665,
  "fwhm_x": 2.121705,
  "fwhm_y": 2.651715,
  "fwhm_z": 2.571665,
  "gcor": 0.00517902,
  "gsr_x": -0.00936733465641737,
  "gsr_y": 0.012868638150393963,
  "provenance": {
    "md5sum": "2be4c4d2f2483ec4794a9d5e550071ce",
    "settings": {
      "fd_thres": 0.2,
      "hmc_fsl": false
    },
    "software": "mriqc",
    "version": "0.9.9"
  },
  "size_t": 150,
  "size_x": 128,
  "size_y": 128,
  "size_z": 27,
  "snr": 4.968812578224412,
  "spacing_tr": 3.0,
  "spacing_x": 2.0,
  "spacing_y": 2.0,
  "spacing_z": 2.0,
  "summary_bg_k": 76.09483655781948,
  "summary_bg_mad": 1.8779624700546265,
  "summary_bg_mean": 51.09918975830078,
  "summary_bg_median": 40.766666412353516,
  "summary_bg_n": 294149.0,
  "summary_bg_p05": 39.14666748046875,
  "summary_bg_p95": 89.7933349609375,
  "summary_bg_stdv": 42.030147552490234,
  "summary_fg_k": 2.9807332135687057,
  "summary_fg_mad": 140.33322143554688,
  "summary_fg_mean": 818.5557861328125,
  "summary_fg_median": 805.5266723632812,
  "summary_fg_n": 86858.0,
  "summary_fg_p05": 593.597689819336,
  "summary_fg_p95": 1071.5420349121093,
  "summary_fg_stdv": 162.1156005859375,
  "tsnr": 56.87242889404297
}