{
  "bids_meta": {
    "EchoTime": 0.00227,
    "FlipAngle": 9.0,
    "InversionTime": 0.9,
    "MRAcquisitionType": "3D",
    "MagneticFieldStrength": 3,
    "Manufacturer": "Siemens",
    "ManufacturerModelName": "Trio",
    "ReceiveCoilName": "12 channel head coil",
    "RepetitionTime": 1.9,
    "ScanningSequence": "MPRAGE",
    "modality": "T1w",
    "subject_id": "control09"
  },
  "cjv": 0.34284121159022735,
  "cnr": 3.720543569938509,
  "efc": 0.65319656432956,
  "fber": 1398.88818359375,
  "fwhm_avg": 3.9594968227968703,
  "fwhm_x": 3.874710230950727,
  "fwhm_y": 4.0202,
  "fwhm_z": 3.983580237439885,
  "icvs_csf": 0.19501677806303142,
  "icvs_gm": 0.427670423932249,
  "icvs_wm": 0.37731279800471956,
  "inu_med": 0.9475572109222412,
  "inu_range": 0.33721277713775644,
  "provenance": {
    "md5sum": "d448aa834c0b426e0a9afb08ed534ef0",
    "settings": {
      "testing": false
    },
    "software": "mriqc",
    "version": "0.9.9",
    "warnings": {
      "large_rot_frame": true,
      "small_air_mask": false
    }
  },
  "qi_1": 0.0,
  "qi_2": 0.007642051673678105,
  "rpve_csf": 15.877150714117603,
  "rpve_gm": 7.754329669845065,
  "rpve_wm": 10.35266922371006,
  "size_x": 176,
  "size_y": 192,
  "size_z": 192,
  "snr_csf": 3.0313017458410494,
  "snr_gm": 14.804554820991761,
  "snr_total": 14.498416360580414,
  "snr_wm": 25.659392514908433,
  "snrd_csf": 31.322039242583816,
  "snrd_gm": 64.67382189681925,
  "snrd_total": 60.41863605759602,
  "snrd_wm": 85.26004703338498,
  "spacing_x": 0.9999999403953552,
  "spacing_y": 1.0,
  "spacing_z": 0.9999999403953552,
  "summary_bg_k": 1.754647702962635,
  "summary_bg_mad": 7.684181213378906,
  "summary_bg_mean": 19.344438552856445,
  "summary_bg_median": 18.304346084594727,
  "summary_bg_n": 1602713.0,
  "summary_bg_p05": 7.7640700340271,
  "summary_bg_p95": 34.6153121948242,
  "summary_bg_stdv": 8.225349426269531,
  "summary_csf_k": 19.873841196819757,
  "summary_csf_mad": 116.09774017333984,
  "summary_csf_mean": 384.20623779296875,
  "summary_csf_median": 367.3803405761719,
  "summary_csf_n": 16355.0,
  "summary_csf_p05": 220.32955932617188,
  "summary_csf_p95": 589.4455749511719,
  "summary_csf_stdv": 121.19186401367188,
  "summary_gm_k": 0.49634235282009564,
  "summary_gm_mad": 47.281837463378906,
  "summary_gm_mean": 758.3142700195312,
  "summary_gm_median": 758.5678100585938,
  "summary_gm_n": 21369.0,
  "summary_gm_p05": 672.9291625976563,
  "summary_gm_p95": 842.0166015625,
  "summary_gm_stdv": 51.237613677978516,
  "summary_wm_k": 1.0028097832544791,
  "summary_wm_mad": 35.50010681152344,
  "summary_wm_mean": 1000.404541015625,
  "summary_wm_median": 1000.0263671875,
  "summary_wm_n": 201445.0,
  "summary_wm_p05": 936.9383544921875,
  "summary_wm_p95": 1063.766552734375,
  "summary_wm_stdv": 38.97301483154297,
  "tpm_overlap_csf": 0.23835749924182892,
  "tpm_overlap_gm": 0.5095877051353455,
  "tpm_overlap_wm": 0.5638131499290466,
  "wm2max": 0.4335896070810146
}