{
  "aor": 0.0006637333333333333,
  "aqi": 0.015576693199999998,
  "bids_meta": {
    "CogAtlasID": "trm_54e69c642d89b",
    "EPI_Factor": 128,
    "EchoTime": 0.035,
    "EffectiveEchoSpacing": 0.00086,
    "FlipAngle": 87.0,
    "MRAcquisitionType": "2D",
    "MagneticFieldStrength": 3,
    "Manufacturer": "Siemens",
    "ManufacturerModelName": "Trio",
    "PartialFourier": "6/8",
    "PhaseEncodingDirection": "j-",
    "PixelBandwidth": 1260.0,
    "ReceiveCoilName": "12 channel head coil",
    "RepetitionTime": 3.0,
    "ScanningSequence": "EPI",
    "SliceTiming": [
      0.0,
      1.55556,
      0.11111,
      1.66667,
      0.22222,
      1.77778,
      0.33333,
      1.88889,
      0.44444,
      2.0,
      0.55556,
      2.11111,
      0.66667,
      2.22222,
      0.77778,
      2.33333,
      0.88889,
      2.44444,
      1.0,
      2.55556,
      1.11111,
      2.66667,
      1.22222,
      2.77778,
      1.33333,
      2.88889,
      1.44444
    ],
    "TaskDescription": "Resting State fMRI",
    "TaskName": "Resting State",
    "TotalReadoutTime": 0.0,
    "acq_id": "voxelsize222",
    "modality": "bold",
    "subject_id": "control02",
    "task_id": "rest"
  },
  "dummy_trs": 0,
  "dvars_nstd": 29.415301380469803,
  "dvars_std": 1.03669047442953,
  "dvars_vstd": 0.9787068644295301,
  "efc": 0.5390266035166265,
  "fber": 370.7307434082031,
  "fd_mean": 0.10331058896320336,
  "fd_num": 10,
  "fd_perc": 6.666666666666667,
  "fwhm_avg": 2.3016950972274004,
  "fwhm_x": 2.01147,
  "fwhm_y": 2.5323601509404274,
  "fwhm_z": 2.3612551407417737,
  "gcor": 0.00561805,
  "gsr_x": -0.009397006593644619,
  "gsr_y": 0.01370494905859232,
  "provenance": {
    "md5sum": "7549e883efc442d694e646a272940679",
    "settings": {
      "fd_thres": 0.2,
      "hmc_fsl": false
    },
    "software": "mriqc",
    "version": "0.9.9"
  },
  "size_t": 150,
  "size_x": 128,
  "size_y": 128,
  "size_z": 27,
  "snr": 4.465813896648122,
  "spacing_tr": 3.0,
  "spacing_x": 2.0,
  "spacing_y": 1.9999998807907104,
  "spacing_z": 1.9999998807907104,
  "summary_bg_k": 89.37594758077806,
  "summary_bg_mad": 3.1628873348236084,
  "summary_bg_mean": 51.70225143432617,
  "summary_bg_median": 42.63333511352539,
  "summary_bg_n": 289061.0,
  "summary_bg_p05": 39.69333267211914,
  "summary_bg_p95": 83.3800048828125,
  "summary_bg_stdv": 35.85334014892578,
  "summary_fg_k": 3.6968576715315633,
  "summary_fg_mad": 152.82662963867188,
  "summary_fg_mean": 863.3340454101562,
  "summary_fg_median": 841.4100341796875,
  "summary_fg_n": 91646.0,
  "summary_fg_p05": 621.2416687011719,
  "summary_fg_p95": 1184.8500061035156,
  "summary_fg_stdv": 188.4103240966797,
  "tsnr": 43.90469741821289
}