{
  "aor": 0.0012654666666666668,
  "aqi": 0.003230141933333333,
  "bids_meta": {
    "CogAtlasID": "trm_54e69c642d89b",
    "EPI_Factor": 64,
    "EchoTime": 0.035,
    "EffectiveEchoSpacing": 0.00086,
    "FlipAngle": 87.0,
    "MRAcquisitionType": "2D",
    "MagneticFieldStrength": 3,
    "Manufacturer": "Siemens",
    "ManufacturerModelName": "Trio",
    "PartialFourier": "6/8",
    "PhaseEncodingDirection": "j-",
    "PixelBandwidth": 1260.0,
    "ReceiveCoilName": "12 channel head coil",
    "RepetitionTime": 3.0,
    "ScanningSequence": "EPI",
    "SliceTiming": [
      1.5,
      0.0,
      1.625,
      0.125,
      1.75,
      0.25,
      1.875,
      0.375,
      2.0,
      0.5,
      2.125,
      0.625,
      2.25,
      0.75,
      2.375,
      0.875,
      2.5,
      1.0,
      2.625,
      1.125,
      2.75,
      1.25,
      2.875,
      1.375
    ],
    "TaskDescription": "Resting State fMRI",
    "TaskName": "Resting State",
    "TotalReadoutTime": 0.0,
    "acq_id": "voxelsize555",
    "modality": "bold",
    "subject_id": "control08",
    "task_id": "rest"
  },
  "dummy_trs": 0,
  "dvars_nstd": 16.744324152751677,
  "dvars_std": 1.1539260245637588,
  "dvars_vstd": 0.9921623813422817,
  "efc": 0.3142318500981442,
  "fber": 19126.248046875,
  "fd_mean": 0.11671132469616996,
  "fd_num": 13,
  "fd_perc": 8.666666666666666,
  "fwhm_avg": 2.644160077660886,
  "fwhm_x": 2.54426,
  "fwhm_y": 2.94522,
  "fwhm_z": 2.4430002329826577,
  "gcor": 0.0901928,
  "gsr_x": -0.010495994240045547,
  "gsr_y": 0.0014143827138468623,
  "provenance": {
    "md5sum": "056b17d0ad6f2638f3c200f0d0085213",
    "settings": {
      "fd_thres": 0.2,
      "hmc_fsl": false
    },
    "software": "mriqc",
    "version": "0.9.9"
  },
  "size_t": 150,
  "size_x": 64,
  "size_y": 64,
  "size_z": 24,
  "snr": 3.476522846813057,
  "spacing_tr": 3.0,
  "spacing_x": 5.0,
  "spacing_y": 5.0,
  "spacing_z": 4.999999523162842,
  "summary_bg_k": 390.4092588122988,
  "summary_bg_mad": 3.5582454204559326,
  "summary_bg_mean": 10.762805938720703,
  "summary_bg_median": 5.386666774749756,
  "summary_bg_n": 69577.0,
  "summary_bg_p05": 2.693333387374878,
  "summary_bg_p95": 32.36000061035156,
  "summary_bg_stdv": 23.777986526489258,
  "summary_fg_k": 1.0911704426267077,
  "summary_fg_mad": 162.89349365234375,
  "summary_fg_mean": 752.1243896484375,
  "summary_fg_median": 787.4967041015625,
  "summary_fg_n": 8808.0,
  "summary_fg_p05": 264.4536666870117,
  "summary_fg_p95": 1054.0940246582031,
  "summary_fg_stdv": 226.50563049316406,
  "tsnr": 64.70045471191406
}