{
  "aor": 0.0022034000000000003,
  "aqi": 0.004802738866666667,
  "bids_meta": {
    "CogAtlasID": "trm_54e69c642d89b",
    "EPI_Factor": 64,
    "EchoTime": 0.035,
    "EffectiveEchoSpacing": 0.00086,
    "FlipAngle": 87.0,
    "MRAcquisitionType": "2D",
    "MagneticFieldStrength": 3,
    "Manufacturer": "Siemens",
    "ManufacturerModelName": "Trio",
    "PartialFourier": "6/8",
    "PhaseEncodingDirection": "j-",
    "PixelBandwidth": 1260.0,
    "ReceiveCoilName": "12 channel head coil",
    "RepetitionTime": 3.0,
    "ScanningSequence": "EPI",
    "SliceTiming": [
      1.5,
      0.0,
      1.625,
      0.125,
      1.75,
      0.25,
      1.875,
      0.375,
      2.0,
      0.5,
      2.125,
      0.625,
      2.25,
      0.75,
      2.375,
      0.875,
      2.5,
      1.0,
      2.625,
      1.125,
      2.75,
      1.25,
      2.875,
      1.375
    ],
    "TaskDescription": "Resting State fMRI",
    "TaskName": "Resting State",
    "TotalReadoutTime": 0.0,
    "acq_id": "voxelsize555",
    "modality": "bold",
    "subject_id": "control05",
    "task_id": "rest"
  },
  "dummy_trs": 0,
  "dvars_nstd": 12.81049007033557,
  "dvars_std": 1.1470290614093963,
  "dvars_vstd": 0.9449467779194631,
  "efc": 0.3059094953903971,
  "fber": 28671.533203125,
  "fd_mean": 0.09668292048292723,
  "fd_num": 14,
  "fd_perc": 9.333333333333334,
  "fwhm_avg": 2.5282199999999997,
  "fwhm_x": 2.3680399999999997,
  "fwhm_y": 2.89704,
  "fwhm_z": 2.3195799999999998,
  "gcor": 0.0425855,
  "gsr_x": -0.008575749583542347,
  "gsr_y": 0.008829540573060513,
  "provenance": {
    "md5sum": "d33ea604dc17e2407b474cf085f6a060",
    "settings": {
      "fd_thres": 0.2,
      "hmc_fsl": false
    },
    "software": "mriqc",
    "version": "0.9.9"
  },
  "size_t": 150,
  "size_x": 64,
  "size_y": 64,
  "size_z": 24,
  "snr": 4.036161872342326,
  "spacing_tr": 3.0,
  "spacing_x": 5.0,
  "spacing_y": 5.0,
  "spacing_z": 5.0,
  "summary_bg_k": 379.44566134752495,
  "summary_bg_mad": 2.896016836166382,
  "summary_bg_mean": 9.202802658081055,
  "summary_bg_median": 4.7266669273376465,
  "summary_bg_n": 69832.0,
  "summary_bg_p05": 2.513333320617676,
  "summary_bg_p95": 25.866666793823242,
  "summary_bg_stdv": 19.356361389160156,
  "summary_fg_k": 2.313468476033602,
  "summary_fg_mad": 140.6693115234375,
  "summary_fg_mean": 797.6282958984375,
  "summary_fg_median": 823.7933349609375,
  "summary_fg_n": 8655.0,
  "summary_fg_p05": 356.99399719238284,
  "summary_fg_p95": 1060.7493530273437,
  "summary_fg_stdv": 204.0913543701172,
  "tsnr": 74.29579162597656
}