{
   "EchoTime": 0.035, 
   "FlipAngle": 87.0, 
   "PartialFourier": "6/8", 
   "EffectiveEchoSpacing": 0.00086, 
   "TotalReadoutTime": 0.0, 
   "ReceiveCoilName": "12 channel head coil", 
   "TaskName": "Resting State", 
   "RepetitionTime": 3.0, 
   "MagneticFieldStrength": 3, 
   "MRAcquisitionType": "2D", 
   "CogAtlasID": "trm_54e69c642d89b", 
   "TaskDescription": "Resting State fMRI", 
   "PhaseEncodingDirection": "j-", 
   "SliceTiming": [
      0.0, 
      1.54286, 
      0.08571, 
      1.62857, 
      0.17143, 
      1.71429, 
      0.25714, 
      1.8, 
      0.34286, 
      1.88571, 
      0.42857, 
      1.97143, 
      0.51429, 
      2.05714, 
      0.6, 
      2.14286, 
      0.68571, 
      2.22857, 
      0.77143, 
      2.31429, 
      0.85714, 
      2.4, 
      0.94286, 
      2.48571, 
      1.02857, 
      2.57143, 
      1.11429, 
      2.65714, 
      1.2, 
      2.74286, 
      1.28571, 
      2.82857, 
      1.37143, 
      2.91429, 
      1.45714
   ], 
   "ManufacturerModelName": "Trio", 
   "EPI_Factor": 64, 
   "PixelBandwidth": 1260.0, 
   "ScanningSequence": "EPI", 
   "Manufacturer": "Siemens"
}