{
   "EchoTime": 0.035, 
   "FlipAngle": 87.0, 
   "PartialFourier": "6/8", 
   "EffectiveEchoSpacing": 0.00086, 
   "ReceiveCoilName": "12 channel head coil", 
   "TaskName": "Resting State", 
   "RepetitionTime": 3.0, 
   "MagneticFieldStrength": 3, 
   "MRAcquisitionType": "2D", 
   "CogAtlasID": "trm_54e69c642d89b", 
   "TaskDescription": "Resting State fMRI", 
   "PhaseEncodingDirection": "j-", 
   "SliceTiming": [
      1.5, 
      0.0, 
      1.625, 
      0.125, 
      1.75, 
      0.25, 
      1.875, 
      0.375, 
      2.0, 
      0.5, 
      2.125, 
      0.625, 
      2.25, 
      0.75, 
      2.375, 
      0.875, 
      2.5, 
      1.0, 
      2.625, 
      1.125, 
      2.75, 
      1.25, 
      2.875, 
      1.375
   ], 
   "ManufacturerModelName": "Trio", 
   "EPI_Factor": 64, 
   "PixelBandwidth": 1260.0, 
   "ScanningSequence": "EPI", 
   "Manufacturer": "Siemens"
}